{
  "aor": 0.009973933054393307,
  "aqi": 0.004982023221757321,
  "bids_meta": {
    "AcquisitionMatrixPE": 64,
    "AcquisitionNumber": 1,
    "AcquisitionTime": "20:31:2.745000",
    "BandwidthPerPixelPhaseEncode": 31.888,
    "BaseResolution": 64,
    "BodyPartExamined": "HEAD",
    "ConsistencyInfo": "N4_VE11C_LATEST_20160120",
    "ConversionSoftware": "dcm2niix",
    "ConversionSoftwareVersion": "v1.0.20200331",
    "DerivedVendorReportedEchoSpacing": 0.000489996,
    "DeviceSerialNumber": "167027",
    "DwellTime": 3.3e-06,
    "EchoTime": 0.03,
    "EchoTrainLength": 64,
    "EffectiveEchoSpacing": 0.000489996,
    "FlipAngle": 90,
    "ImageOrientationPatientDICOM": [
      0.998258,
      -0.00371358,
      0.0588853,
      -3.14603e-08,
      0.998017,
      0.0629403
    ],
    "ImageType": [
      "ORIGINAL",
      "PRIMARY",
      "M",
      "ND",
      "MOSAIC"
    ],
    "ImagingFrequency": 123.249,
    "InPlanePhaseEncodingDirectionDICOM": "COL",
    "InstitutionAddress": "ZHONG_SHAN_BEI_3663_SHANGHAI_District_CN_200062",
    "InstitutionName": "East_China_Normal_University",
    "InstitutionalDepartmentName": "Department",
    "MRAcquisitionType": "2D",
    "MagneticFieldStrength": 3,
    "Manufacturer": "Siemens",
    "ManufacturersModelName": "Prisma_fit",
    "Modality": "MR",
    "PartialFourier": 1,
    "PatientPosition": "HFS",
    "PercentPhaseFOV": 100,
    "PercentSampling": 100,
    "PhaseEncodingDirection": "j",
    "PhaseEncodingSteps": 64,
    "PhaseResolution": 1,
    "PixelBandwidth": 2365,
    "ProcedureStepDescription": "Yuqiurong_jiajia",
    "ProtocolName": "ABI1_bold_rest",
    "PulseSequenceDetails": "%SiemensSeq%_ep2d_bold",
    "ReceiveCoilActiveElements": "HE1-4",
    "ReceiveCoilName": "HeadNeck_20",
    "ReconMatrixPE": 64,
    "RepetitionTime": 2,
    "SAR": 0.125885,
    "ScanOptions": "FS",
    "ScanningSequence": "EP",
    "SequenceName": "_epfid2d1_64",
    "SequenceVariant": "SK",
    "SeriesDescription": "ABI1_bold_rest",
    "SeriesNumber": 3,
    "ShimSetting": [
      1043,
      1572,
      1225,
      295,
      146,
      -392,
      -230,
      -34
    ],
    "SliceThickness": 3.5,
    "SliceTiming": [
      0,
      1.02,
      0.06,
      1.08,
      0.12,
      1.14,
      0.18,
      1.2,
      0.24,
      1.26,
      0.3,
      1.32,
      0.36,
      1.38,
      0.42,
      1.44,
      0.48,
      1.5,
      0.54,
      1.56,
      0.6,
      1.62,
      0.66,
      1.68,
      0.72,
      1.74,
      0.78,
      1.8,
      0.84,
      1.86,
      0.9,
      1.92,
      0.96
    ],
    "SoftwareVersions": "syngo_MR_E11",
    "SpacingBetweenSlices": 4.2,
    "StationName": "MRC35302",
    "TaskName": "BAS/BIS",
    "TotalReadoutTime": 0.0308698,
    "TxRefAmp": 252.569,
    "dataset": "ds003114",
    "modality": "bold",
    "subject_id": "132",
    "task_id": "rest"
  },
  "dummy_trs": 1,
  "dvars_nstd": 19.680518851512602,
  "dvars_std": 1.1892592983613453,
  "dvars_vstd": 1.0406550585714287,
  "efc": 0.4657941682997086,
  "fber": 1005.70263671875,
  "fd_mean": 0.15635485328909443,
  "fd_num": 39,
  "fd_perc": 16.317991631799163,
  "fwhm_avg": 2.4263341186108196,
  "fwhm_x": 2.3215621818181815,
  "fwhm_y": 2.6508305454545456,
  "fwhm_z": 2.3066096285597317,
  "gcor": 0.0375864,
  "gsr_x": -0.008494067937135696,
  "gsr_y": 0.03052816167473793,
  "provenance": {
    "md5sum": "d0a815aab6c8c0ef4482b173136d654c",
    "settings": {
      "fd_thres": 0.2,
      "testing": false
    },
    "software": "mriqc",
    "version": "22.0.6",
    "webapi_port": null,
    "webapi_url": "https://mriqc.nimh.nih.gov/api/v1"
  },
  "size_t": 239,
  "size_x": 64,
  "size_y": 64,
  "size_z": 33,
  "snr": 3.7614991233985102,
  "spacing_tr": 2.0,
  "spacing_x": 3.4375,
  "spacing_y": 3.4375,
  "spacing_z": 4.199999809265137,
  "summary_bg_k": 60.060538095829855,
  "summary_bg_mad": 26.87875548993641,
  "summary_bg_mean": 43.29189682006836,
  "summary_bg_median": 25.473648071289062,
  "summary_bg_n": 87968.0,
  "summary_bg_p05": 0.011222970113158228,
  "summary_bg_p95": 163.19563980102504,
  "summary_bg_stdv": 76.40241241455078,
  "summary_fg_k": 0.4522375204940503,
  "summary_fg_mad": 205.61025100177,
  "summary_fg_mean": 820.3131713867188,
  "summary_fg_median": 803.58837890625,
  "summary_fg_n": 18603.0,
  "summary_fg_p05": 500.0300994873047,
  "summary_fg_p95": 1198.6389038085936,
  "summary_fg_stdv": 213.62939453125,
  "tsnr": 61.54889678955078
}