{
  "aor": 0.0003931223628691984,
  "aqi": 0.0015774380675105484,
  "bids_meta": {
    "AcquisitionMatrixPE": 64,
    "AcquisitionNumber": 1,
    "AcquisitionTime": "18:21:44.510000",
    "BandwidthPerPixelPhaseEncode": 31.888,
    "BaseResolution": 64,
    "BodyPartExamined": "HEAD",
    "CoilString": "HE2_4;NE2",
    "ConsistencyInfo": "N4_VE11C_LATEST_20160120",
    "ConversionSoftware": "dcm2niix",
    "ConversionSoftwareVersion": "v1.0.20200331",
    "DerivedVendorReportedEchoSpacing": 0.000489996,
    "DeviceSerialNumber": "167027",
    "DwellTime": 3.3e-06,
    "EchoTime": 0.03,
    "EchoTrainLength": 64,
    "EffectiveEchoSpacing": 0.000489996,
    "FlipAngle": 90,
    "ImageOrientationPatientDICOM": [
      0.99995,
      -0.00177741,
      0.00989035,
      2.21881e-08,
      0.984233,
      0.176875
    ],
    "ImageType": [
      "ORIGINAL",
      "PRIMARY",
      "M",
      "ND",
      "MOSAIC"
    ],
    "ImagingFrequency": 123.249,
    "InPlanePhaseEncodingDirectionDICOM": "COL",
    "InstitutionAddress": "ZHONG_SHAN_BEI_3663_SHANGHAI_District_CN_200062",
    "InstitutionName": "East_China_Normal_University",
    "InstitutionalDepartmentName": "Department",
    "MRAcquisitionType": "2D",
    "MagneticFieldStrength": 3,
    "Manufacturer": "Siemens",
    "ManufacturersModelName": "Prisma_fit",
    "Modality": "MR",
    "PartialFourier": 1,
    "PatientPosition": "HFS",
    "PercentPhaseFOV": 100,
    "PercentSampling": 100,
    "PhaseEncodingDirection": "j",
    "PhaseEncodingSteps": 64,
    "PhaseResolution": 1,
    "PixelBandwidth": 2365,
    "ProcedureStepDescription": "Yuqiurong_jiajia",
    "ProtocolName": "ABI1_bold_rest",
    "PulseSequenceDetails": "%SiemensSeq%_ep2d_bold",
    "ReceiveCoilActiveElements": "HE2,4;NE2",
    "ReceiveCoilName": "HeadNeck_20",
    "ReconMatrixPE": 64,
    "RepetitionTime": 2,
    "SAR": 0.134277,
    "ScanOptions": "FS",
    "ScanningSequence": "EP",
    "SequenceName": "_epfid2d1_64",
    "SequenceVariant": "SK",
    "SeriesDescription": "ABI1_bold_rest",
    "SeriesNumber": 3,
    "ShimSetting": [
      938,
      1611,
      1493,
      696,
      -151,
      -222,
      -230,
      12
    ],
    "SliceThickness": 3.5,
    "SliceTiming": [
      0,
      1.02,
      0.06,
      1.08,
      0.12,
      1.14,
      0.18,
      1.2,
      0.24,
      1.26,
      0.3,
      1.32,
      0.36,
      1.38,
      0.42,
      1.44,
      0.48,
      1.5,
      0.54,
      1.56,
      0.6,
      1.62,
      0.66,
      1.68,
      0.72,
      1.74,
      0.78,
      1.8,
      0.84,
      1.86,
      0.9,
      1.92,
      0.96
    ],
    "SoftwareVersions": "syngo_MR_E11",
    "SpacingBetweenSlices": 4.2,
    "StationName": "MRC35302",
    "TaskName": "BAS/BIS",
    "TotalReadoutTime": 0.0308698,
    "TxRefAmp": 252.205,
    "dataset": "ds003114",
    "modality": "bold",
    "subject_id": "121",
    "task_id": "rest"
  },
  "dummy_trs": 3,
  "dvars_nstd": 20.522867824915252,
  "dvars_std": 1.2406960800000006,
  "dvars_vstd": 0.98884624029661,
  "efc": 0.38365555791720934,
  "fber": 27646398.0,
  "fd_mean": 0.08271652597411523,
  "fd_num": 2,
  "fd_perc": 0.8438818565400844,
  "fwhm_avg": 3.110138603431974,
  "fwhm_x": 3.108683636363636,
  "fwhm_y": 3.1543272727272726,
  "fwhm_z": 3.067404901205013,
  "gcor": 0.0756991,
  "gsr_x": -0.010550357401371002,
  "gsr_y": 0.0017023764085024595,
  "provenance": {
    "md5sum": "ab47cd79afe58116ce228a84c570e71a",
    "settings": {
      "fd_thres": 0.2,
      "testing": false
    },
    "software": "mriqc",
    "version": "22.0.6",
    "webapi_port": null,
    "webapi_url": "https://mriqc.nimh.nih.gov/api/v1"
  },
  "size_t": 237,
  "size_x": 64,
  "size_y": 64,
  "size_z": 33,
  "snr": 2.78894890394348,
  "spacing_tr": 2.0,
  "spacing_x": 3.4375,
  "spacing_y": 3.4375,
  "spacing_z": 4.199999809265137,
  "summary_bg_k": 23.807429759984515,
  "summary_bg_mad": 0.2170164226347997,
  "summary_bg_mean": 18.75014305114746,
  "summary_bg_median": 0.1464494913816452,
  "summary_bg_n": 92585.0,
  "summary_bg_p05": 0.0002589259413070976,
  "summary_bg_p95": 82.17796630859378,
  "summary_bg_stdv": 38.81138610839844,
  "summary_fg_k": -0.28971054881207925,
  "summary_fg_mad": 263.1060609253194,
  "summary_fg_mean": 692.711181640625,
  "summary_fg_median": 666.6033935546875,
  "summary_fg_n": 15597.0,
  "summary_fg_p05": 366.317919921875,
  "summary_fg_p95": 1125.1707031249998,
  "summary_fg_stdv": 239.00833129882812,
  "tsnr": 84.59972381591797
}