{
  "aor": 0.0020363750000000004,
  "aqi": 0.0038793604166666665,
  "bids_meta": {
    "AcquisitionMatrixPE": 64,
    "AcquisitionNumber": 1,
    "AcquisitionTime": "19:23:15.265000",
    "BandwidthPerPixelPhaseEncode": 31.888,
    "BaseResolution": 64,
    "BodyPartExamined": "HEAD",
    "ConsistencyInfo": "N4_VE11C_LATEST_20160120",
    "ConversionSoftware": "dcm2niix",
    "ConversionSoftwareVersion": "v1.0.20200331",
    "DerivedVendorReportedEchoSpacing": 0.000489996,
    "DeviceSerialNumber": "167027",
    "DwellTime": 3.3e-06,
    "EchoTime": 0.03,
    "EchoTrainLength": 64,
    "EffectiveEchoSpacing": 0.000489996,
    "FlipAngle": 90,
    "ImageOrientationPatientDICOM": [
      0.999999,
      -8.35986e-05,
      -0.00163448,
      -6.60534e-09,
      0.998694,
      -0.0510841
    ],
    "ImageType": [
      "ORIGINAL",
      "PRIMARY",
      "M",
      "ND",
      "MOSAIC"
    ],
    "ImagingFrequency": 123.249,
    "InPlanePhaseEncodingDirectionDICOM": "COL",
    "InstitutionAddress": "ZHONG_SHAN_BEI_3663_SHANGHAI_District_CN_200062",
    "InstitutionName": "East_China_Normal_University",
    "InstitutionalDepartmentName": "Department",
    "MRAcquisitionType": "2D",
    "MagneticFieldStrength": 3,
    "Manufacturer": "Siemens",
    "ManufacturersModelName": "Prisma_fit",
    "Modality": "MR",
    "PartialFourier": 1,
    "PatientPosition": "HFS",
    "PercentPhaseFOV": 100,
    "PercentSampling": 100,
    "PhaseEncodingDirection": "j",
    "PhaseEncodingSteps": 64,
    "PhaseResolution": 1,
    "PixelBandwidth": 2365,
    "ProcedureStepDescription": "Yuqiurong_jiajia",
    "ProtocolName": "ABI1_bold_rest",
    "PulseSequenceDetails": "%SiemensSeq%_ep2d_bold",
    "ReceiveCoilActiveElements": "HE1-4",
    "ReceiveCoilName": "HeadNeck_20",
    "ReconMatrixPE": 64,
    "RepetitionTime": 2,
    "SAR": 0.103079,
    "ScanOptions": "FS",
    "ScanningSequence": "EP",
    "SequenceName": "_epfid2d1_64",
    "SequenceVariant": "SK",
    "SeriesDescription": "ABI1_bold_rest",
    "SeriesNumber": 3,
    "ShimSetting": [
      991,
      1611,
      1327,
      416,
      17,
      1,
      -71,
      -11
    ],
    "SliceThickness": 3.5,
    "SliceTiming": [
      0,
      1.02,
      0.06,
      1.08,
      0.12,
      1.14,
      0.18,
      1.2,
      0.24,
      1.26,
      0.3,
      1.32,
      0.36,
      1.38,
      0.42,
      1.44,
      0.48,
      1.5,
      0.54,
      1.56,
      0.6,
      1.62,
      0.66,
      1.68,
      0.72,
      1.74,
      0.78,
      1.8,
      0.84,
      1.86,
      0.9,
      1.92,
      0.96
    ],
    "SoftwareVersions": "syngo_MR_E11",
    "SpacingBetweenSlices": 4.2,
    "StationName": "MRC35302",
    "TaskName": "BAS/BIS",
    "TotalReadoutTime": 0.0308698,
    "TxRefAmp": 242.129,
    "dataset": "ds003114",
    "modality": "bold",
    "subject_id": "241",
    "task_id": "rest"
  },
  "dummy_trs": 0,
  "dvars_nstd": 21.926437329874503,
  "dvars_std": 1.1751269983263595,
  "dvars_vstd": 0.9774626407949787,
  "efc": 0.4999838716485558,
  "fber": 829.8123168945312,
  "fd_mean": 0.1728942221485196,
  "fd_num": 51,
  "fd_perc": 21.25,
  "fwhm_avg": 2.4171926896872233,
  "fwhm_x": 2.358417454545455,
  "fwhm_y": 2.6098152727272725,
  "fwhm_z": 2.283345341788943,
  "gcor": 0.0309546,
  "gsr_x": -0.008777385577559471,
  "gsr_y": 0.03910474106669426,
  "provenance": {
    "md5sum": "29d2294bf1daf6f461623bc0bc0d0196",
    "settings": {
      "fd_thres": 0.2,
      "testing": false
    },
    "software": "mriqc",
    "version": "22.0.6",
    "webapi_port": null,
    "webapi_url": "https://mriqc.nimh.nih.gov/api/v1"
  },
  "size_t": 240,
  "size_x": 64,
  "size_y": 64,
  "size_z": 33,
  "snr": 3.618792621597904,
  "spacing_tr": 2.0,
  "spacing_x": 3.4375,
  "spacing_y": 3.4375,
  "spacing_z": 4.199999809265137,
  "summary_bg_k": 87.53579365528661,
  "summary_bg_mad": 20.523906315767384,
  "summary_bg_mean": 51.81010055541992,
  "summary_bg_median": 28.691495895385742,
  "summary_bg_n": 83707.0,
  "summary_bg_p05": 0.015025054849684239,
  "summary_bg_p95": 194.55650939941404,
  "summary_bg_stdv": 89.09705352783203,
  "summary_fg_k": 0.2433178409890968,
  "summary_fg_mad": 222.66623940207464,
  "summary_fg_mean": 836.1295776367188,
  "summary_fg_median": 816.24462890625,
  "summary_fg_n": 22010.0,
  "summary_fg_p05": 507.9989212036133,
  "summary_fg_p95": 1242.6237731933593,
  "summary_fg_stdv": 225.5520477294922,
  "tsnr": 70.82403564453125
}