{
  "aor": 0.004619958158995815,
  "aqi": 0.013602475271966528,
  "bids_meta": {
    "AcquisitionMatrixPE": 64,
    "AcquisitionNumber": 1,
    "AcquisitionTime": "19:17:2.667500",
    "BandwidthPerPixelPhaseEncode": 31.888,
    "BaseResolution": 64,
    "BodyPartExamined": "HEAD",
    "CoilString": "HE1-4;NE1_2",
    "ConsistencyInfo": "N4_VE11C_LATEST_20160120",
    "ConversionSoftware": "dcm2niix",
    "ConversionSoftwareVersion": "v1.0.20200331",
    "DerivedVendorReportedEchoSpacing": 0.000489996,
    "DeviceSerialNumber": "167027",
    "DwellTime": 3.3e-06,
    "EchoTime": 0.03,
    "EchoTrainLength": 64,
    "EffectiveEchoSpacing": 0.000489996,
    "FlipAngle": 90,
    "ImageOrientationPatientDICOM": [
      0.999998,
      0.00022661,
      -0.00179203,
      -2.83004e-08,
      0.992101,
      0.12544
    ],
    "ImageType": [
      "ORIGINAL",
      "PRIMARY",
      "M",
      "ND",
      "MOSAIC"
    ],
    "ImagingFrequency": 123.249,
    "InPlanePhaseEncodingDirectionDICOM": "COL",
    "InstitutionAddress": "ZHONG_SHAN_BEI_3663_SHANGHAI_District_CN_200062",
    "InstitutionName": "East_China_Normal_University",
    "InstitutionalDepartmentName": "Department",
    "MRAcquisitionType": "2D",
    "MagneticFieldStrength": 3,
    "Manufacturer": "Siemens",
    "ManufacturersModelName": "Prisma_fit",
    "Modality": "MR",
    "PartialFourier": 1,
    "PatientPosition": "HFS",
    "PercentPhaseFOV": 100,
    "PercentSampling": 100,
    "PhaseEncodingDirection": "j",
    "PhaseEncodingSteps": 64,
    "PhaseResolution": 1,
    "PixelBandwidth": 2365,
    "ProcedureStepDescription": "Yuqiurong_jiajia",
    "ProtocolName": "ABI1_bold_rest",
    "PulseSequenceDetails": "%SiemensSeq%_ep2d_bold",
    "ReceiveCoilActiveElements": "HE1-4;NE1,2",
    "ReceiveCoilName": "HeadNeck_20",
    "ReconMatrixPE": 64,
    "RepetitionTime": 2,
    "SAR": 0.123205,
    "ScanOptions": "FS",
    "ScanningSequence": "EP",
    "SequenceName": "_epfid2d1_64",
    "SequenceVariant": "SK",
    "SeriesDescription": "ABI1_bold_rest",
    "SeriesNumber": 3,
    "ShimSetting": [
      958,
      1679,
      1382,
      420,
      -12,
      23,
      -8,
      9
    ],
    "SliceThickness": 3.5,
    "SliceTiming": [
      0,
      1.02,
      0.06,
      1.08,
      0.12,
      1.14,
      0.18,
      1.2,
      0.24,
      1.26,
      0.3,
      1.32,
      0.36,
      1.38,
      0.42,
      1.44,
      0.48,
      1.5,
      0.54,
      1.56,
      0.6,
      1.62,
      0.66,
      1.68,
      0.72,
      1.74,
      0.78,
      1.8,
      0.84,
      1.86,
      0.9,
      1.92,
      0.96
    ],
    "SoftwareVersions": "syngo_MR_E11",
    "SpacingBetweenSlices": 4.2,
    "StationName": "MRC35302",
    "TaskName": "BAS/BIS",
    "TotalReadoutTime": 0.0308698,
    "TxRefAmp": 246.611,
    "dataset": "ds003114",
    "modality": "bold",
    "subject_id": "122",
    "task_id": "rest"
  },
  "dummy_trs": 1,
  "dvars_nstd": 26.85194705903361,
  "dvars_std": 1.0628405064705877,
  "dvars_vstd": 0.9183663623109252,
  "efc": 0.4703153779241918,
  "fber": 867.5271606445312,
  "fd_mean": 0.33295285296726096,
  "fd_num": 114,
  "fd_perc": 47.69874476987448,
  "fwhm_avg": 2.197784641609595,
  "fwhm_x": 2.129789090909091,
  "fwhm_y": 2.305838545454545,
  "fwhm_z": 2.15772628846515,
  "gcor": 0.0304469,
  "gsr_x": -0.022339509800076485,
  "gsr_y": 0.042480435222387314,
  "provenance": {
    "md5sum": "9a03433ca1bfde099f4ebc1136e3ac1c",
    "settings": {
      "fd_thres": 0.2,
      "testing": false
    },
    "software": "mriqc",
    "version": "22.0.6",
    "webapi_port": null,
    "webapi_url": "https://mriqc.nimh.nih.gov/api/v1"
  },
  "size_t": 239,
  "size_x": 64,
  "size_y": 64,
  "size_z": 33,
  "snr": 4.1342533981887275,
  "spacing_tr": 2.0,
  "spacing_x": 3.4375,
  "spacing_y": 3.4375,
  "spacing_z": 4.199999809265137,
  "summary_bg_k": 86.85748914113042,
  "summary_bg_mad": 31.003878815198537,
  "summary_bg_mean": 42.169918060302734,
  "summary_bg_median": 26.474191665649414,
  "summary_bg_n": 88011.0,
  "summary_bg_p05": 0.04763557389378548,
  "summary_bg_p95": 151.82679748535156,
  "summary_bg_stdv": 77.77993774414062,
  "summary_fg_k": 0.42637204675286755,
  "summary_fg_mad": 181.49154162049956,
  "summary_fg_mean": 788.4822387695312,
  "summary_fg_median": 774.0125732421875,
  "summary_fg_n": 18836.0,
  "summary_fg_p05": 515.2477722167969,
  "summary_fg_p95": 1120.2558898925781,
  "summary_fg_stdv": 187.21446228027344,
  "tsnr": 39.792503356933594
}