{
  "aor": 0.0041425,
  "aqi": 0.0046336010833333335,
  "bids_meta": {
    "AcquisitionMatrixPE": 64,
    "AcquisitionNumber": 1,
    "AcquisitionTime": "20:36:42.297500",
    "BandwidthPerPixelPhaseEncode": 31.888,
    "BaseResolution": 64,
    "BodyPartExamined": "HEAD",
    "ConsistencyInfo": "N4_VE11C_LATEST_20160120",
    "ConversionSoftware": "dcm2niix",
    "ConversionSoftwareVersion": "v1.0.20200331",
    "DerivedVendorReportedEchoSpacing": 0.000489996,
    "DeviceSerialNumber": "167027",
    "DwellTime": 3.3e-06,
    "EchoTime": 0.03,
    "EchoTrainLength": 64,
    "EffectiveEchoSpacing": 0.000489996,
    "FlipAngle": 90,
    "ImageOrientationPatientDICOM": [
      0.999969,
      -0.000837703,
      -0.00787918,
      5.10397e-09,
      0.994396,
      -0.105722
    ],
    "ImageType": [
      "ORIGINAL",
      "PRIMARY",
      "M",
      "ND",
      "MOSAIC"
    ],
    "ImagingFrequency": 123.249,
    "InPlanePhaseEncodingDirectionDICOM": "COL",
    "InstitutionAddress": "ZHONG_SHAN_BEI_3663_SHANGHAI_District_CN_200062",
    "InstitutionName": "East_China_Normal_University",
    "InstitutionalDepartmentName": "Department",
    "MRAcquisitionType": "2D",
    "MagneticFieldStrength": 3,
    "Manufacturer": "Siemens",
    "ManufacturersModelName": "Prisma_fit",
    "Modality": "MR",
    "PartialFourier": 1,
    "PatientPosition": "HFS",
    "PercentPhaseFOV": 100,
    "PercentSampling": 100,
    "PhaseEncodingDirection": "j",
    "PhaseEncodingSteps": 64,
    "PhaseResolution": 1,
    "PixelBandwidth": 2365,
    "ProcedureStepDescription": "Yuqiurong_jiajia",
    "ProtocolName": "ABI1_bold_rest",
    "PulseSequenceDetails": "%SiemensSeq%_ep2d_bold",
    "ReceiveCoilActiveElements": "HE1-4",
    "ReceiveCoilName": "HeadNeck_20",
    "ReconMatrixPE": 64,
    "RepetitionTime": 2,
    "SAR": 0.107065,
    "ScanOptions": "FS",
    "ScanningSequence": "EP",
    "SequenceName": "_epfid2d1_64",
    "SequenceVariant": "SK",
    "SeriesDescription": "ABI1_bold_rest",
    "SeriesNumber": 5,
    "ShimSetting": [
      982,
      1606,
      1404,
      447,
      42,
      -228,
      -137,
      33
    ],
    "SliceThickness": 3.5,
    "SliceTiming": [
      0,
      1.02,
      0.06,
      1.08,
      0.12,
      1.14,
      0.18,
      1.2,
      0.24,
      1.26,
      0.3,
      1.32,
      0.36,
      1.38,
      0.42,
      1.44,
      0.48,
      1.5,
      0.54,
      1.56,
      0.6,
      1.62,
      0.66,
      1.68,
      0.72,
      1.74,
      0.78,
      1.8,
      0.84,
      1.86,
      0.9,
      1.92,
      0.96
    ],
    "SoftwareVersions": "syngo_MR_E11",
    "SpacingBetweenSlices": 4.2,
    "StationName": "MRC35302",
    "TaskName": "BAS/BIS",
    "TotalReadoutTime": 0.0308698,
    "TxRefAmp": 245.744,
    "dataset": "ds003114",
    "modality": "bold",
    "subject_id": "242",
    "task_id": "rest"
  },
  "dummy_trs": 0,
  "dvars_nstd": 15.584429493096238,
  "dvars_std": 1.125285478284519,
  "dvars_vstd": 0.9783045020502087,
  "efc": 0.4606344950217739,
  "fber": 990.9674682617188,
  "fd_mean": 0.09795660725510777,
  "fd_num": 15,
  "fd_perc": 6.25,
  "fwhm_avg": 2.350224758049519,
  "fwhm_x": 2.356657454545455,
  "fwhm_y": 2.470242909090909,
  "fwhm_z": 2.2237739105121936,
  "gcor": 0.0236583,
  "gsr_x": -0.010158912278711796,
  "gsr_y": 0.035881269723176956,
  "provenance": {
    "md5sum": "e6c317088207a4cce7c3cd022590a321",
    "settings": {
      "fd_thres": 0.2,
      "testing": false
    },
    "software": "mriqc",
    "version": "22.0.6",
    "webapi_port": null,
    "webapi_url": "https://mriqc.nimh.nih.gov/api/v1"
  },
  "size_t": 240,
  "size_x": 64,
  "size_y": 64,
  "size_z": 33,
  "snr": 3.920072692637871,
  "spacing_tr": 2.0,
  "spacing_x": 3.4375,
  "spacing_y": 3.4375,
  "spacing_z": 4.199999809265137,
  "summary_bg_k": 106.43274917616505,
  "summary_bg_mad": 20.286538897630308,
  "summary_bg_mean": 45.118873596191406,
  "summary_bg_median": 25.698448181152344,
  "summary_bg_n": 89874.0,
  "summary_bg_p05": 0.015705989114940165,
  "summary_bg_p95": 172.21789779663067,
  "summary_bg_stdv": 85.310546875,
  "summary_fg_k": 0.08559110038979467,
  "summary_fg_mad": 204.98658800799922,
  "summary_fg_mean": 820.6630249023438,
  "summary_fg_median": 804.7023315429688,
  "summary_fg_n": 16871.0,
  "summary_fg_p05": 511.2901611328125,
  "summary_fg_p95": 1177.973876953125,
  "summary_fg_stdv": 205.2713165283203,
  "tsnr": 80.4583969116211
}