{
  "aor": 0.006207166666666667,
  "aqi": 0.0032454007958333335,
  "bids_meta": {
    "AcquisitionMatrixPE": 64,
    "AcquisitionNumber": 1,
    "AcquisitionTime": "20:52:50.475000",
    "BandwidthPerPixelPhaseEncode": 31.888,
    "BaseResolution": 64,
    "BodyPartExamined": "HEAD",
    "CoilString": "HE1-4;NE1_2",
    "ConsistencyInfo": "N4_VE11C_LATEST_20160120",
    "ConversionSoftware": "dcm2niix",
    "ConversionSoftwareVersion": "v1.0.20200331",
    "DerivedVendorReportedEchoSpacing": 0.000489996,
    "DeviceSerialNumber": "167027",
    "DwellTime": 3.3e-06,
    "EchoTime": 0.03,
    "EchoTrainLength": 64,
    "EffectiveEchoSpacing": 0.000489996,
    "FlipAngle": 90,
    "ImageOrientationPatientDICOM": [
      0.999996,
      -0.00023227,
      -0.0026575,
      -8.78784e-09,
      0.996202,
      -0.0870731
    ],
    "ImageType": [
      "ORIGINAL",
      "PRIMARY",
      "M",
      "ND",
      "MOSAIC"
    ],
    "ImagingFrequency": 123.249,
    "InPlanePhaseEncodingDirectionDICOM": "COL",
    "InstitutionAddress": "ZHONG_SHAN_BEI_3663_SHANGHAI_District_CN_200062",
    "InstitutionName": "East_China_Normal_University",
    "InstitutionalDepartmentName": "Department",
    "MRAcquisitionType": "2D",
    "MagneticFieldStrength": 3,
    "Manufacturer": "Siemens",
    "ManufacturersModelName": "Prisma_fit",
    "Modality": "MR",
    "PartialFourier": 1,
    "PatientPosition": "HFS",
    "PercentPhaseFOV": 100,
    "PercentSampling": 100,
    "PhaseEncodingDirection": "j",
    "PhaseEncodingSteps": 64,
    "PhaseResolution": 1,
    "PixelBandwidth": 2365,
    "ProcedureStepDescription": "Yuqiurong_jiajia",
    "ProtocolName": "ABI1_bold_rest",
    "PulseSequenceDetails": "%SiemensSeq%_ep2d_bold",
    "ReceiveCoilActiveElements": "HE1-4;NE1,2",
    "ReceiveCoilName": "HeadNeck_20",
    "ReconMatrixPE": 64,
    "RepetitionTime": 2,
    "SAR": 0.11788,
    "ScanOptions": "FS",
    "ScanningSequence": "EP",
    "SequenceName": "_epfid2d1_64",
    "SequenceVariant": "SK",
    "SeriesDescription": "ABI1_bold_rest",
    "SeriesNumber": 3,
    "ShimSetting": [
      994,
      1616,
      1272,
      229,
      23,
      40,
      -154,
      -53
    ],
    "SliceThickness": 3.5,
    "SliceTiming": [
      0,
      1.02,
      0.06,
      1.08,
      0.12,
      1.14,
      0.18,
      1.2,
      0.24,
      1.26,
      0.3,
      1.32,
      0.36,
      1.38,
      0.42,
      1.44,
      0.48,
      1.5,
      0.54,
      1.56,
      0.6,
      1.62,
      0.66,
      1.68,
      0.72,
      1.74,
      0.78,
      1.8,
      0.84,
      1.86,
      0.9,
      1.92,
      0.96
    ],
    "SoftwareVersions": "syngo_MR_E11",
    "SpacingBetweenSlices": 4.2,
    "StationName": "MRC35302",
    "TaskName": "BAS/BIS",
    "TotalReadoutTime": 0.0308698,
    "TxRefAmp": 248.535,
    "dataset": "ds003114",
    "modality": "bold",
    "subject_id": "223",
    "task_id": "rest"
  },
  "dummy_trs": 0,
  "dvars_nstd": 16.50087230456067,
  "dvars_std": 1.2467099120920502,
  "dvars_vstd": 1.0316797999581593,
  "efc": 0.5014650016540229,
  "fber": 727.1336669921875,
  "fd_mean": 0.08690827599528211,
  "fd_num": 6,
  "fd_perc": 2.5,
  "fwhm_avg": 2.1886961129141085,
  "fwhm_x": 2.142010181818182,
  "fwhm_y": 2.3031447272727275,
  "fwhm_z": 2.120933429651416,
  "gcor": 0.0471727,
  "gsr_x": 0.010854850523173809,
  "gsr_y": 0.016180675476789474,
  "provenance": {
    "md5sum": "c8593db21e706a92d3cdd2d3a194e1c8",
    "settings": {
      "fd_thres": 0.2,
      "testing": false
    },
    "software": "mriqc",
    "version": "22.0.6",
    "webapi_port": null,
    "webapi_url": "https://mriqc.nimh.nih.gov/api/v1"
  },
  "size_t": 240,
  "size_x": 64,
  "size_y": 64,
  "size_z": 33,
  "snr": 4.216213570558923,
  "spacing_tr": 2.0,
  "spacing_x": 3.4375,
  "spacing_y": 3.4375,
  "spacing_z": 4.199999809265137,
  "summary_bg_k": 42.101378927011496,
  "summary_bg_mad": 14.77190582409498,
  "summary_bg_mean": 50.857337951660156,
  "summary_bg_median": 29.091535568237305,
  "summary_bg_n": 85135.0,
  "summary_bg_p05": 0.0062758646905422205,
  "summary_bg_p95": 200.20447540283217,
  "summary_bg_stdv": 82.06756591796875,
  "summary_fg_k": 0.06873840025343325,
  "summary_fg_mad": 180.95221610644356,
  "summary_fg_mean": 782.0901489257812,
  "summary_fg_median": 769.1378173828125,
  "summary_fg_n": 20831.0,
  "summary_fg_p05": 502.6771240234375,
  "summary_fg_p95": 1101.7804565429688,
  "summary_fg_stdv": 182.41944885253906,
  "tsnr": 85.25646209716797
}