{
  "aor": 0.016472708333333332,
  "aqi": 0.003474895195833333,
  "bids_meta": {
    "AcquisitionMatrixPE": 64,
    "AcquisitionNumber": 1,
    "AcquisitionTime": "18:01:39.362500",
    "BandwidthPerPixelPhaseEncode": 31.888,
    "BaseResolution": 64,
    "BodyPartExamined": "HEAD",
    "CoilString": "HE1-4;NE1_2",
    "ConsistencyInfo": "N4_VE11C_LATEST_20160120",
    "ConversionSoftware": "dcm2niix",
    "ConversionSoftwareVersion": "v1.0.20200331",
    "DerivedVendorReportedEchoSpacing": 0.000489996,
    "DeviceSerialNumber": "167027",
    "DwellTime": 3.3e-06,
    "EchoTime": 0.03,
    "EchoTrainLength": 64,
    "EffectiveEchoSpacing": 0.000489996,
    "FlipAngle": 90,
    "ImageOrientationPatientDICOM": [
      0.999981,
      0.000487636,
      0.0060663,
      -2.95325e-08,
      0.996785,
      -0.0801212
    ],
    "ImageType": [
      "ORIGINAL",
      "PRIMARY",
      "M",
      "ND",
      "MOSAIC"
    ],
    "ImagingFrequency": 123.249,
    "InPlanePhaseEncodingDirectionDICOM": "COL",
    "InstitutionAddress": "ZHONG_SHAN_BEI_3663_SHANGHAI_District_CN_200062",
    "InstitutionName": "East_China_Normal_University",
    "InstitutionalDepartmentName": "Department",
    "MRAcquisitionType": "2D",
    "MagneticFieldStrength": 3,
    "Manufacturer": "Siemens",
    "ManufacturersModelName": "Prisma_fit",
    "Modality": "MR",
    "PartialFourier": 1,
    "PatientPosition": "HFS",
    "PercentPhaseFOV": 100,
    "PercentSampling": 100,
    "PhaseEncodingDirection": "j",
    "PhaseEncodingSteps": 64,
    "PhaseResolution": 1,
    "PixelBandwidth": 2365,
    "ProcedureStepDescription": "Yuqiurong_jiajia",
    "ProtocolName": "ABI1_bold_rest",
    "PulseSequenceDetails": "%SiemensSeq%_ep2d_bold",
    "ReceiveCoilActiveElements": "HE1-4;NE1,2",
    "ReceiveCoilName": "HeadNeck_20",
    "ReconMatrixPE": 64,
    "RepetitionTime": 2,
    "SAR": 0.112467,
    "ScanOptions": "FS",
    "ScanningSequence": "EP",
    "SequenceName": "_epfid2d1_64",
    "SequenceVariant": "SK",
    "SeriesDescription": "ABI1_bold_rest",
    "SeriesNumber": 3,
    "ShimSetting": [
      988,
      1603,
      1275,
      428,
      -5,
      -214,
      -922,
      61
    ],
    "SliceThickness": 3.5,
    "SliceTiming": [
      0,
      1.02,
      0.06,
      1.08,
      0.12,
      1.14,
      0.18,
      1.2,
      0.24,
      1.26,
      0.3,
      1.32,
      0.36,
      1.38,
      0.42,
      1.44,
      0.48,
      1.5,
      0.54,
      1.56,
      0.6,
      1.62,
      0.66,
      1.68,
      0.72,
      1.74,
      0.78,
      1.8,
      0.84,
      1.86,
      0.9,
      1.92,
      0.96
    ],
    "SoftwareVersions": "syngo_MR_E11",
    "SpacingBetweenSlices": 4.2,
    "StationName": "MRC35302",
    "TaskName": "BAS/BIS",
    "TotalReadoutTime": 0.0308698,
    "TxRefAmp": 258.524,
    "dataset": "ds003114",
    "modality": "bold",
    "subject_id": "117",
    "task_id": "rest"
  },
  "dummy_trs": 0,
  "dvars_nstd": 15.983019944644344,
  "dvars_std": 1.1141251321757326,
  "dvars_vstd": 0.992651367656904,
  "efc": 0.38706143747078503,
  "fber": 15162476.0,
  "fd_mean": 0.11773369691513648,
  "fd_num": 18,
  "fd_perc": 7.5,
  "fwhm_avg": 2.47339966441915,
  "fwhm_x": 2.488866909090909,
  "fwhm_y": 2.608098909090909,
  "fwhm_z": 2.3232331750756328,
  "gcor": 0.0144036,
  "gsr_x": -0.0018971130484715104,
  "gsr_y": -0.004338427446782589,
  "provenance": {
    "md5sum": "baf9f1dc1ed6be17fb6f26dff9cf01a8",
    "settings": {
      "fd_thres": 0.2,
      "testing": false
    },
    "software": "mriqc",
    "version": "22.0.6",
    "webapi_port": null,
    "webapi_url": "https://mriqc.nimh.nih.gov/api/v1"
  },
  "size_t": 240,
  "size_x": 64,
  "size_y": 64,
  "size_z": 33,
  "snr": 3.6317466507338536,
  "spacing_tr": 2.0,
  "spacing_x": 3.4375,
  "spacing_y": 3.4375,
  "spacing_z": 4.200000286102295,
  "summary_bg_k": 28.351171407653123,
  "summary_bg_mad": 0.35457943610637654,
  "summary_bg_mean": 22.544189453125,
  "summary_bg_median": 0.24005891382694244,
  "summary_bg_n": 93370.0,
  "summary_bg_p05": 0.0008941471751313657,
  "summary_bg_p95": 96.47095184326183,
  "summary_bg_stdv": 46.225303649902344,
  "summary_fg_k": -0.08291340975112416,
  "summary_fg_mad": 209.9511879539143,
  "summary_fg_mean": 769.2378540039062,
  "summary_fg_median": 746.47021484375,
  "summary_fg_n": 15182.0,
  "summary_fg_p05": 479.1208999633789,
  "summary_fg_p95": 1145.4616455078121,
  "summary_fg_stdv": 205.53350830078125,
  "tsnr": 69.15235900878906
}