{
  "aor": 0.025773166666666666,
  "aqi": 0.0075995974583333336,
  "bids_meta": {
    "AcquisitionMatrixPE": 64,
    "AcquisitionNumber": 1,
    "AcquisitionTime": "13:21:23.657500",
    "BandwidthPerPixelPhaseEncode": 31.888,
    "BaseResolution": 64,
    "BodyPartExamined": "HEAD",
    "ConsistencyInfo": "N4_VE11C_LATEST_20160120",
    "ConversionSoftware": "dcm2niix",
    "ConversionSoftwareVersion": "v1.0.20200331",
    "DerivedVendorReportedEchoSpacing": 0.000489996,
    "DeviceSerialNumber": "167027",
    "DwellTime": 3.3e-06,
    "EchoTime": 0.03,
    "EchoTrainLength": 64,
    "EffectiveEchoSpacing": 0.000489996,
    "FlipAngle": 90,
    "ImageOrientationPatientDICOM": [
      1,
      2.78245e-05,
      0.000718799,
      1.27543e-08,
      0.999251,
      -0.0386984
    ],
    "ImageType": [
      "ORIGINAL",
      "PRIMARY",
      "M",
      "ND",
      "MOSAIC"
    ],
    "ImagingFrequency": 123.249,
    "InPlanePhaseEncodingDirectionDICOM": "COL",
    "InstitutionAddress": "ZHONG_SHAN_BEI_3663_SHANGHAI_District_CN_200062",
    "InstitutionName": "East_China_Normal_University",
    "InstitutionalDepartmentName": "Department",
    "MRAcquisitionType": "2D",
    "MagneticFieldStrength": 3,
    "Manufacturer": "Siemens",
    "ManufacturersModelName": "Prisma_fit",
    "Modality": "MR",
    "PartialFourier": 1,
    "PatientPosition": "HFS",
    "PercentPhaseFOV": 100,
    "PercentSampling": 100,
    "PhaseEncodingDirection": "j",
    "PhaseEncodingSteps": 64,
    "PhaseResolution": 1,
    "PixelBandwidth": 2365,
    "ProcedureStepDescription": "Yuqiurong_jiajia",
    "ProtocolName": "ABI1_bold_rest",
    "PulseSequenceDetails": "%SiemensSeq%_ep2d_bold",
    "ReceiveCoilActiveElements": "HE1-4",
    "ReceiveCoilName": "HeadNeck_20",
    "ReconMatrixPE": 64,
    "RepetitionTime": 2,
    "SAR": 0.118206,
    "ScanOptions": "FS",
    "ScanningSequence": "EP",
    "SequenceName": "_epfid2d1_64",
    "SequenceVariant": "SK",
    "SeriesDescription": "ABI1_bold_rest",
    "SeriesNumber": 4,
    "ShimSetting": [
      1066,
      1627,
      1358,
      445,
      320,
      -151,
      -382,
      -132
    ],
    "SliceThickness": 3.5,
    "SliceTiming": [
      0,
      1.02,
      0.06,
      1.08,
      0.12,
      1.14,
      0.18,
      1.2,
      0.24,
      1.26,
      0.3,
      1.32,
      0.36,
      1.38,
      0.42,
      1.44,
      0.48,
      1.5,
      0.54,
      1.56,
      0.6,
      1.62,
      0.66,
      1.68,
      0.72,
      1.74,
      0.78,
      1.8,
      0.84,
      1.86,
      0.9,
      1.92,
      0.96
    ],
    "SoftwareVersions": "syngo_MR_E11",
    "SpacingBetweenSlices": 4.2,
    "StationName": "MRC35302",
    "TaskName": "BAS/BIS",
    "TotalReadoutTime": 0.0308698,
    "TxRefAmp": 250.438,
    "dataset": "ds003114",
    "modality": "bold",
    "subject_id": "126",
    "task_id": "rest"
  },
  "dummy_trs": 0,
  "dvars_nstd": 16.673804598451877,
  "dvars_std": 1.0736511778242677,
  "dvars_vstd": 0.9569445266945606,
  "efc": 0.49783499376008816,
  "fber": 853.5070190429688,
  "fd_mean": 0.10552906041365426,
  "fd_num": 21,
  "fd_perc": 8.75,
  "fwhm_avg": 2.492568222726312,
  "fwhm_x": 2.456008727272727,
  "fwhm_y": 2.700593454545454,
  "fwhm_z": 2.3211024863607537,
  "gcor": 0.0204283,
  "gsr_x": -0.003211512928828597,
  "gsr_y": 0.03353600203990936,
  "provenance": {
    "md5sum": "6a8b4e615b267d1e3723a8fdbb0440dd",
    "settings": {
      "fd_thres": 0.2,
      "testing": false
    },
    "software": "mriqc",
    "version": "22.0.6",
    "webapi_port": null,
    "webapi_url": "https://mriqc.nimh.nih.gov/api/v1"
  },
  "size_t": 240,
  "size_x": 64,
  "size_y": 64,
  "size_z": 33,
  "snr": 3.3226124338250864,
  "spacing_tr": 2.0,
  "spacing_x": 3.4375,
  "spacing_y": 3.4375,
  "spacing_z": 4.199999809265137,
  "summary_bg_k": 63.37544204187631,
  "summary_bg_mad": 20.02611610556235,
  "summary_bg_mean": 47.08821487426758,
  "summary_bg_median": 27.561262130737305,
  "summary_bg_n": 82445.0,
  "summary_bg_p05": 0.011977583728730678,
  "summary_bg_p95": 173.97929687500007,
  "summary_bg_stdv": 72.29093170166016,
  "summary_fg_k": 1.3204822059462673,
  "summary_fg_mad": 220.69399115058968,
  "summary_fg_mean": 817.1477661132812,
  "summary_fg_median": 790.0109252929688,
  "summary_fg_n": 22789.0,
  "summary_fg_p05": 483.3252319335938,
  "summary_fg_p95": 1244.1109863281247,
  "summary_fg_stdv": 237.76278686523438,
  "tsnr": 48.356224060058594
}