{
  "aor": 0.0005961506276150628,
  "aqi": 0.004106075230125523,
  "bids_meta": {
    "AcquisitionMatrixPE": 64,
    "AcquisitionNumber": 1,
    "AcquisitionTime": "17:00:30.662500",
    "BandwidthPerPixelPhaseEncode": 31.888,
    "BaseResolution": 64,
    "BodyPartExamined": "HEAD",
    "ConsistencyInfo": "N4_VE11C_LATEST_20160120",
    "ConversionSoftware": "dcm2niix",
    "ConversionSoftwareVersion": "v1.0.20200331",
    "DerivedVendorReportedEchoSpacing": 0.000489996,
    "DeviceSerialNumber": "167027",
    "DwellTime": 3.3e-06,
    "EchoTime": 0.03,
    "EchoTrainLength": 64,
    "EffectiveEchoSpacing": 0.000489996,
    "FlipAngle": 90,
    "ImageOrientationPatientDICOM": [
      0.999997,
      -0.000321484,
      -0.0024083,
      -2.25357e-08,
      0.991206,
      -0.132325
    ],
    "ImageType": [
      "ORIGINAL",
      "PRIMARY",
      "M",
      "ND",
      "MOSAIC"
    ],
    "ImagingFrequency": 123.249,
    "InPlanePhaseEncodingDirectionDICOM": "COL",
    "InstitutionAddress": "ZHONG_SHAN_BEI_3663_SHANGHAI_District_CN_200062",
    "InstitutionName": "EAST_CHINA_NORMAL_UNIVERSITY",
    "InstitutionalDepartmentName": "Department",
    "MRAcquisitionType": "2D",
    "MagneticFieldStrength": 3,
    "Manufacturer": "Siemens",
    "ManufacturersModelName": "Prisma_fit",
    "Modality": "MR",
    "PartialFourier": 1,
    "PatientPosition": "HFS",
    "PercentPhaseFOV": 100,
    "PercentSampling": 100,
    "PhaseEncodingDirection": "j",
    "PhaseEncodingSteps": 64,
    "PhaseResolution": 1,
    "PixelBandwidth": 2365,
    "ProcedureStepDescription": "Yuqiurong_jiajia",
    "ProtocolName": "ABI1_bold_rest",
    "PulseSequenceDetails": "%SiemensSeq%_ep2d_bold",
    "ReceiveCoilActiveElements": "HE1-4",
    "ReceiveCoilName": "HeadNeck_20",
    "ReconMatrixPE": 64,
    "RepetitionTime": 2,
    "SAR": 0.10527,
    "ScanOptions": "FS",
    "ScanningSequence": "EP",
    "SequenceName": "_epfid2d1_64",
    "SequenceVariant": "SK",
    "SeriesDescription": "ABI1_bold_rest",
    "SeriesNumber": 3,
    "ShimSetting": [
      973,
      1659,
      1399,
      483,
      34,
      -152,
      16,
      0
    ],
    "SliceThickness": 3.5,
    "SliceTiming": [
      0,
      1.02,
      0.06,
      1.08,
      0.12,
      1.14,
      0.18,
      1.2,
      0.24,
      1.26,
      0.3,
      1.32,
      0.36,
      1.38,
      0.42,
      1.44,
      0.48,
      1.5,
      0.54,
      1.56,
      0.6,
      1.62,
      0.66,
      1.68,
      0.72,
      1.74,
      0.78,
      1.8,
      0.84,
      1.86,
      0.9,
      1.92,
      0.96
    ],
    "SoftwareVersions": "syngo_MR_E11",
    "SpacingBetweenSlices": 4.2,
    "StationName": "MRC35302",
    "TaskName": "BAS/BIS",
    "TotalReadoutTime": 0.0308698,
    "TxRefAmp": 247.957,
    "dataset": "ds003114",
    "modality": "bold",
    "subject_id": "239",
    "task_id": "rest"
  },
  "dummy_trs": 1,
  "dvars_nstd": 21.488261607478993,
  "dvars_std": 1.1512361943697473,
  "dvars_vstd": 0.9346173227310929,
  "efc": 0.4508313321934749,
  "fber": 1070.1829833984375,
  "fd_mean": 0.14239543122747186,
  "fd_num": 54,
  "fd_perc": 22.594142259414227,
  "fwhm_avg": 2.7268848245632302,
  "fwhm_x": 2.682725818181818,
  "fwhm_y": 2.9192145454545457,
  "fwhm_z": 2.5787141100533275,
  "gcor": 0.0893716,
  "gsr_x": -0.006241369992494583,
  "gsr_y": 0.03756289556622505,
  "provenance": {
    "md5sum": "e9cc3c5945552801b0f34e391740e617",
    "settings": {
      "fd_thres": 0.2,
      "testing": false
    },
    "software": "mriqc",
    "version": "22.0.6",
    "webapi_port": null,
    "webapi_url": "https://mriqc.nimh.nih.gov/api/v1"
  },
  "size_t": 239,
  "size_x": 64,
  "size_y": 64,
  "size_z": 33,
  "snr": 3.2027069422824233,
  "spacing_tr": 2.0,
  "spacing_x": 3.4375,
  "spacing_y": 3.4375,
  "spacing_z": 4.200000286102295,
  "summary_bg_k": 63.02150900030219,
  "summary_bg_mad": 28.24894826785246,
  "summary_bg_mean": 49.054931640625,
  "summary_bg_median": 26.939437866210938,
  "summary_bg_n": 90320.0,
  "summary_bg_p05": 0.00417345119640231,
  "summary_bg_p95": 195.46331405639657,
  "summary_bg_stdv": 87.2191390991211,
  "summary_fg_k": 0.6982422906504957,
  "summary_fg_mad": 266.4086152811898,
  "summary_fg_mean": 904.6647338867188,
  "summary_fg_median": 870.64794921875,
  "summary_fg_n": 16959.0,
  "summary_fg_p05": 529.65986328125,
  "summary_fg_p95": 1405.1964721679688,
  "summary_fg_stdv": 271.8395080566406,
  "tsnr": 66.53369140625
}