{
  "aor": 0.0024633613445378157,
  "aqi": 0.0031266242016806723,
  "bids_meta": {
    "AcquisitionMatrixPE": 64,
    "AcquisitionNumber": 1,
    "AcquisitionTime": "15:17:15.800000",
    "BandwidthPerPixelPhaseEncode": 31.888,
    "BaseResolution": 64,
    "BodyPartExamined": "HEAD",
    "ConsistencyInfo": "N4_VE11C_LATEST_20160120",
    "ConversionSoftware": "dcm2niix",
    "ConversionSoftwareVersion": "v1.0.20200331",
    "DerivedVendorReportedEchoSpacing": 0.000489996,
    "DeviceSerialNumber": "167027",
    "DwellTime": 3.3e-06,
    "EchoTime": 0.03,
    "EchoTrainLength": 64,
    "EffectiveEchoSpacing": 0.000489996,
    "FlipAngle": 90,
    "ImageOrientationPatientDICOM": [
      0.999998,
      8.11151e-05,
      0.0020079,
      4.1133e-08,
      0.999184,
      -0.0403854
    ],
    "ImageType": [
      "ORIGINAL",
      "PRIMARY",
      "M",
      "ND",
      "MOSAIC"
    ],
    "ImagingFrequency": 123.249,
    "InPlanePhaseEncodingDirectionDICOM": "COL",
    "InstitutionAddress": "ZHONG_SHAN_BEI_3663_SHANGHAI_District_CN_200062",
    "InstitutionName": "East_China_Normal_University",
    "InstitutionalDepartmentName": "Department",
    "MRAcquisitionType": "2D",
    "MagneticFieldStrength": 3,
    "Manufacturer": "Siemens",
    "ManufacturersModelName": "Prisma_fit",
    "Modality": "MR",
    "PartialFourier": 1,
    "PatientPosition": "HFS",
    "PercentPhaseFOV": 100,
    "PercentSampling": 100,
    "PhaseEncodingDirection": "j",
    "PhaseEncodingSteps": 64,
    "PhaseResolution": 1,
    "PixelBandwidth": 2365,
    "ProcedureStepDescription": "Yuqiurong_jiajia",
    "ProtocolName": "ABI1_bold_rest",
    "PulseSequenceDetails": "%SiemensSeq%_ep2d_bold",
    "ReceiveCoilActiveElements": "HE1-4",
    "ReceiveCoilName": "HeadNeck_20",
    "ReconMatrixPE": 64,
    "RepetitionTime": 2,
    "SAR": 0.113389,
    "ScanOptions": "FS",
    "ScanningSequence": "EP",
    "SequenceName": "_epfid2d1_64",
    "SequenceVariant": "SK",
    "SeriesDescription": "ABI1_bold_rest",
    "SeriesNumber": 3,
    "ShimSetting": [
      981,
      1574,
      1429,
      414,
      26,
      -128,
      20,
      -32
    ],
    "SliceThickness": 3.5,
    "SliceTiming": [
      0,
      1.02,
      0.06,
      1.08,
      0.12,
      1.14,
      0.18,
      1.2,
      0.24,
      1.26,
      0.3,
      1.32,
      0.36,
      1.38,
      0.42,
      1.44,
      0.48,
      1.5,
      0.54,
      1.56,
      0.6,
      1.62,
      0.66,
      1.68,
      0.72,
      1.74,
      0.78,
      1.8,
      0.84,
      1.86,
      0.9,
      1.92,
      0.96
    ],
    "SoftwareVersions": "syngo_MR_E11",
    "SpacingBetweenSlices": 4.2,
    "StationName": "MRC35302",
    "TaskName": "BAS/BIS",
    "TotalReadoutTime": 0.0308698,
    "TxRefAmp": 248.971,
    "dataset": "ds003114",
    "modality": "bold",
    "subject_id": "127",
    "task_id": "rest"
  },
  "dummy_trs": 2,
  "dvars_nstd": 17.61316110700422,
  "dvars_std": 1.171771561054852,
  "dvars_vstd": 0.9720185688185667,
  "efc": 0.46557270982672694,
  "fber": 991.809814453125,
  "fd_mean": 0.09587749640325727,
  "fd_num": 8,
  "fd_perc": 3.361344537815126,
  "fwhm_avg": 2.3494682298762823,
  "fwhm_x": 2.355610181818182,
  "fwhm_y": 2.4713134545454545,
  "fwhm_z": 2.2214810532652107,
  "gcor": 0.0436476,
  "gsr_x": -0.0030631565023213625,
  "gsr_y": 0.03301138058304787,
  "provenance": {
    "md5sum": "37fc88ef187090f1a1c608f398be6e50",
    "settings": {
      "fd_thres": 0.2,
      "testing": false
    },
    "software": "mriqc",
    "version": "22.0.6",
    "webapi_port": null,
    "webapi_url": "https://mriqc.nimh.nih.gov/api/v1"
  },
  "size_t": 238,
  "size_x": 64,
  "size_y": 64,
  "size_z": 33,
  "snr": 3.7740949467977534,
  "spacing_tr": 2.0,
  "spacing_x": 3.4375,
  "spacing_y": 3.4375,
  "spacing_z": 4.199999809265137,
  "summary_bg_k": 189.91808838073976,
  "summary_bg_mad": 17.564985337712937,
  "summary_bg_mean": 39.69523239135742,
  "summary_bg_median": 26.010324478149414,
  "summary_bg_n": 87303.0,
  "summary_bg_p05": 0.0056020161136984825,
  "summary_bg_p95": 129.14276123046835,
  "summary_bg_stdv": 67.50465393066406,
  "summary_fg_k": 0.9661861640769462,
  "summary_fg_mad": 203.4795985032456,
  "summary_fg_mean": 833.8760986328125,
  "summary_fg_median": 810.8712158203125,
  "summary_fg_n": 18890.0,
  "summary_fg_p05": 525.7916442871094,
  "summary_fg_p95": 1215.170849609375,
  "summary_fg_stdv": 214.8461456298828,
  "tsnr": 84.16763305664062
}