{
  "aor": 0.001217991631799163,
  "aqi": 0.0055656223849372384,
  "bids_meta": {
    "AcquisitionMatrixPE": 64,
    "AcquisitionNumber": 1,
    "AcquisitionTime": "15:17:23.580000",
    "BandwidthPerPixelPhaseEncode": 31.888,
    "BaseResolution": 64,
    "BodyPartExamined": "HEAD",
    "ConsistencyInfo": "N4_VE11C_LATEST_20160120",
    "ConversionSoftware": "dcm2niix",
    "ConversionSoftwareVersion": "v1.0.20200331",
    "DerivedVendorReportedEchoSpacing": 0.000489996,
    "DeviceSerialNumber": "167027",
    "DwellTime": 3.3e-06,
    "EchoTime": 0.03,
    "EchoTrainLength": 64,
    "EffectiveEchoSpacing": 0.000489996,
    "FlipAngle": 90,
    "ImageOrientationPatientDICOM": [
      0.999999,
      -0.000232341,
      -0.00159249,
      3.61667e-08,
      0.989527,
      -0.144347
    ],
    "ImageType": [
      "ORIGINAL",
      "PRIMARY",
      "M",
      "ND",
      "MOSAIC"
    ],
    "ImagingFrequency": 123.249,
    "InPlanePhaseEncodingDirectionDICOM": "COL",
    "InstitutionAddress": "ZHONG_SHAN_BEI_3663_SHANGHAI_District_CN_200062",
    "InstitutionName": "East_China_Normal_University",
    "InstitutionalDepartmentName": "Department",
    "MRAcquisitionType": "2D",
    "MagneticFieldStrength": 3,
    "Manufacturer": "Siemens",
    "ManufacturersModelName": "Prisma_fit",
    "Modality": "MR",
    "PartialFourier": 1,
    "PatientPosition": "HFS",
    "PercentPhaseFOV": 100,
    "PercentSampling": 100,
    "PhaseEncodingDirection": "j",
    "PhaseEncodingSteps": 64,
    "PhaseResolution": 1,
    "PixelBandwidth": 2365,
    "ProcedureStepDescription": "Yuqiurong_jiajia",
    "ProtocolName": "ABI1_bold_rest",
    "PulseSequenceDetails": "%SiemensSeq%_ep2d_bold",
    "ReceiveCoilActiveElements": "HE1-4",
    "ReceiveCoilName": "HeadNeck_20",
    "ReconMatrixPE": 64,
    "RepetitionTime": 2,
    "SAR": 0.109178,
    "ScanOptions": "FS",
    "ScanningSequence": "EP",
    "SequenceName": "_epfid2d1_64",
    "SequenceVariant": "SK",
    "SeriesDescription": "ABI1_bold_rest",
    "SeriesNumber": 3,
    "ShimSetting": [
      988,
      1644,
      1354,
      584,
      -28,
      -20,
      54,
      -32
    ],
    "SliceThickness": 3.5,
    "SliceTiming": [
      0,
      1.02,
      0.06,
      1.08,
      0.12,
      1.14,
      0.18,
      1.2,
      0.24,
      1.26,
      0.3,
      1.32,
      0.36,
      1.38,
      0.42,
      1.44,
      0.48,
      1.5,
      0.54,
      1.56,
      0.6,
      1.62,
      0.66,
      1.68,
      0.72,
      1.74,
      0.78,
      1.8,
      0.84,
      1.86,
      0.9,
      1.92,
      0.96
    ],
    "SoftwareVersions": "syngo_MR_E11",
    "SpacingBetweenSlices": 4.2,
    "StationName": "MRC35302",
    "TaskName": "BAS/BIS",
    "TotalReadoutTime": 0.0308698,
    "TxRefAmp": 248.032,
    "dataset": "ds003114",
    "modality": "bold",
    "subject_id": "217",
    "task_id": "rest"
  },
  "dummy_trs": 1,
  "dvars_nstd": 21.19652582214285,
  "dvars_std": 1.3110163127310912,
  "dvars_vstd": 0.963866822394958,
  "efc": 0.4537993253933034,
  "fber": 1097.658935546875,
  "fd_mean": 0.11963328996854206,
  "fd_num": 15,
  "fd_perc": 6.2761506276150625,
  "fwhm_avg": 2.419229160253575,
  "fwhm_x": 2.3367912727272726,
  "fwhm_y": 2.627781818181818,
  "fwhm_z": 2.2931143898516333,
  "gcor": 0.0268359,
  "gsr_x": -0.017097145318984985,
  "gsr_y": 0.03231634944677353,
  "provenance": {
    "md5sum": "d4b440cc469757c005728b90a61a97c5",
    "settings": {
      "fd_thres": 0.2,
      "testing": false
    },
    "software": "mriqc",
    "version": "22.0.6",
    "webapi_port": null,
    "webapi_url": "https://mriqc.nimh.nih.gov/api/v1"
  },
  "size_t": 239,
  "size_x": 64,
  "size_y": 64,
  "size_z": 33,
  "snr": 3.740373183340518,
  "spacing_tr": 2.0,
  "spacing_x": 3.4375,
  "spacing_y": 3.4375,
  "spacing_z": 4.199999809265137,
  "summary_bg_k": 107.01851557395926,
  "summary_bg_mad": 28.42993563965726,
  "summary_bg_mean": 38.3842887878418,
  "summary_bg_median": 24.990009307861328,
  "summary_bg_n": 88920.0,
  "summary_bg_p05": 0.001408554863883182,
  "summary_bg_p95": 142.76928405761723,
  "summary_bg_stdv": 64.91683197021484,
  "summary_fg_k": 0.5102177298258135,
  "summary_fg_mad": 214.76394423999952,
  "summary_fg_mean": 834.8660888671875,
  "summary_fg_median": 816.6165161132812,
  "summary_fg_n": 18059.0,
  "summary_fg_p05": 513.4298950195313,
  "summary_fg_p95": 1218.8891235351562,
  "summary_fg_stdv": 218.31883239746094,
  "tsnr": 74.12711334228516
}