{
  "aor": 0.0013435146443514646,
  "aqi": 0.008573856694560667,
  "bids_meta": {
    "AcquisitionMatrixPE": 64,
    "AcquisitionNumber": 1,
    "AcquisitionTime": "19:40:6.800000",
    "BandwidthPerPixelPhaseEncode": 31.888,
    "BaseResolution": 64,
    "BodyPartExamined": "HEAD",
    "ConsistencyInfo": "N4_VE11C_LATEST_20160120",
    "ConversionSoftware": "dcm2niix",
    "ConversionSoftwareVersion": "v1.0.20200331",
    "DerivedVendorReportedEchoSpacing": 0.000489996,
    "DeviceSerialNumber": "167027",
    "DwellTime": 3.3e-06,
    "EchoTime": 0.03,
    "EchoTrainLength": 64,
    "EffectiveEchoSpacing": 0.000489996,
    "FlipAngle": 90,
    "ImageOrientationPatientDICOM": [
      0.999999,
      0.00017857,
      0.00154201,
      -4.016e-09,
      0.993362,
      -0.115032
    ],
    "ImageType": [
      "ORIGINAL",
      "PRIMARY",
      "M",
      "ND",
      "MOSAIC"
    ],
    "ImagingFrequency": 123.249,
    "InPlanePhaseEncodingDirectionDICOM": "COL",
    "InstitutionAddress": "ZHONG_SHAN_BEI_3663_SHANGHAI_District_CN_200062",
    "InstitutionName": "East_China_Normal_University",
    "InstitutionalDepartmentName": "Department",
    "MRAcquisitionType": "2D",
    "MagneticFieldStrength": 3,
    "Manufacturer": "Siemens",
    "ManufacturersModelName": "Prisma_fit",
    "Modality": "MR",
    "PartialFourier": 1,
    "PatientPosition": "HFS",
    "PercentPhaseFOV": 100,
    "PercentSampling": 100,
    "PhaseEncodingDirection": "j",
    "PhaseEncodingSteps": 64,
    "PhaseResolution": 1,
    "PixelBandwidth": 2365,
    "ProcedureStepDescription": "Yuqiurong_jiajia",
    "ProtocolName": "ABI1_bold_rest",
    "PulseSequenceDetails": "%SiemensSeq%_ep2d_bold",
    "ReceiveCoilActiveElements": "HE1-4",
    "ReceiveCoilName": "HeadNeck_20",
    "ReconMatrixPE": 64,
    "RepetitionTime": 2,
    "SAR": 0.110524,
    "ScanOptions": "FS",
    "ScanningSequence": "EP",
    "SequenceName": "_epfid2d1_64",
    "SequenceVariant": "SK",
    "SeriesDescription": "ABI1_bold_rest",
    "SeriesNumber": 3,
    "ShimSetting": [
      1001,
      1624,
      1416,
      437,
      34,
      -126,
      -64,
      -23
    ],
    "SliceThickness": 3.5,
    "SliceTiming": [
      0,
      1.02,
      0.06,
      1.08,
      0.12,
      1.14,
      0.18,
      1.2,
      0.24,
      1.26,
      0.3,
      1.32,
      0.36,
      1.38,
      0.42,
      1.44,
      0.48,
      1.5,
      0.54,
      1.56,
      0.6,
      1.62,
      0.66,
      1.68,
      0.72,
      1.74,
      0.78,
      1.8,
      0.84,
      1.86,
      0.9,
      1.92,
      0.96
    ],
    "SoftwareVersions": "syngo_MR_E11",
    "SpacingBetweenSlices": 4.2,
    "StationName": "MRC35302",
    "TaskName": "BAS/BIS",
    "TotalReadoutTime": 0.0308698,
    "TxRefAmp": 239.399,
    "dataset": "ds003114",
    "modality": "bold",
    "subject_id": "234",
    "task_id": "rest"
  },
  "dummy_trs": 1,
  "dvars_nstd": 18.818113956134436,
  "dvars_std": 1.0556319420168072,
  "dvars_vstd": 0.900035349243698,
  "efc": 0.48764037216654016,
  "fber": 978.30517578125,
  "fd_mean": 0.12805043751418085,
  "fd_num": 27,
  "fd_perc": 11.297071129707113,
  "fwhm_avg": 2.3091822844355523,
  "fwhm_x": 2.2587025454545455,
  "fwhm_y": 2.4655156363636364,
  "fwhm_z": 2.2033286714884746,
  "gcor": 0.0249427,
  "gsr_x": -0.0006167155224829912,
  "gsr_y": 0.021527012810111046,
  "provenance": {
    "md5sum": "99e5dab8d9b3454120b494e31df0f4ec",
    "settings": {
      "fd_thres": 0.2,
      "testing": false
    },
    "software": "mriqc",
    "version": "22.0.6",
    "webapi_port": null,
    "webapi_url": "https://mriqc.nimh.nih.gov/api/v1"
  },
  "size_t": 239,
  "size_x": 64,
  "size_y": 64,
  "size_z": 33,
  "snr": 3.9084967420340178,
  "spacing_tr": 2.0,
  "spacing_x": 3.4375,
  "spacing_y": 3.4375,
  "spacing_z": 4.199999809265137,
  "summary_bg_k": 49.81268581134087,
  "summary_bg_mad": 16.331717953323253,
  "summary_bg_mean": 41.58900451660156,
  "summary_bg_median": 25.950138092041016,
  "summary_bg_n": 84071.0,
  "summary_bg_p05": 0.01679278165102005,
  "summary_bg_p95": 144.44733428955078,
  "summary_bg_stdv": 69.61412811279297,
  "summary_fg_k": 0.052198802947980294,
  "summary_fg_mad": 206.0566424045952,
  "summary_fg_mean": 815.8479614257812,
  "summary_fg_median": 805.3997192382812,
  "summary_fg_n": 21323.0,
  "summary_fg_p05": 498.09083251953126,
  "summary_fg_p95": 1173.19794921875,
  "summary_fg_stdv": 206.05897521972656,
  "tsnr": 54.067047119140625
}