{
  "aor": 0.0032298312236286922,
  "aqi": 0.005543049451476794,
  "bids_meta": {
    "AcquisitionMatrixPE": 64,
    "AcquisitionNumber": 1,
    "AcquisitionTime": "18:08:17.365000",
    "BandwidthPerPixelPhaseEncode": 31.888,
    "BaseResolution": 64,
    "BodyPartExamined": "HEAD",
    "ConsistencyInfo": "N4_VE11C_LATEST_20160120",
    "ConversionSoftware": "dcm2niix",
    "ConversionSoftwareVersion": "v1.0.20200331",
    "DerivedVendorReportedEchoSpacing": 0.000489996,
    "DeviceSerialNumber": "167027",
    "DwellTime": 3.3e-06,
    "EchoTime": 0.03,
    "EchoTrainLength": 64,
    "EffectiveEchoSpacing": 0.000489996,
    "FlipAngle": 90,
    "ImageOrientationPatientDICOM": [
      0.999985,
      8.49881e-05,
      0.00547242,
      2.29453e-08,
      0.999879,
      -0.0155326
    ],
    "ImageType": [
      "ORIGINAL",
      "PRIMARY",
      "M",
      "ND",
      "MOSAIC"
    ],
    "ImagingFrequency": 123.249,
    "InPlanePhaseEncodingDirectionDICOM": "COL",
    "InstitutionAddress": "ZHONG_SHAN_BEI_3663_SHANGHAI_District_CN_200062",
    "InstitutionName": "East_China_Normal_University",
    "InstitutionalDepartmentName": "Department",
    "MRAcquisitionType": "2D",
    "MagneticFieldStrength": 3,
    "Manufacturer": "Siemens",
    "ManufacturersModelName": "Prisma_fit",
    "Modality": "MR",
    "PartialFourier": 1,
    "PatientPosition": "HFS",
    "PercentPhaseFOV": 100,
    "PercentSampling": 100,
    "PhaseEncodingDirection": "j",
    "PhaseEncodingSteps": 64,
    "PhaseResolution": 1,
    "PixelBandwidth": 2365,
    "ProcedureStepDescription": "Yuqiurong_jiajia",
    "ProtocolName": "ABI1_bold_rest",
    "PulseSequenceDetails": "%SiemensSeq%_ep2d_bold",
    "ReceiveCoilActiveElements": "HE1-4",
    "ReceiveCoilName": "HeadNeck_20",
    "ReconMatrixPE": 64,
    "RepetitionTime": 2,
    "SAR": 0.110258,
    "ScanOptions": "FS",
    "ScanningSequence": "EP",
    "SequenceName": "_epfid2d1_64",
    "SequenceVariant": "SK",
    "SeriesDescription": "ABI1_bold_rest",
    "SeriesNumber": 3,
    "ShimSetting": [
      1001,
      1648,
      1385,
      507,
      17,
      8,
      -23,
      -40
    ],
    "SliceThickness": 3.5,
    "SliceTiming": [
      0,
      1.02,
      0.06,
      1.08,
      0.12,
      1.14,
      0.18,
      1.2,
      0.24,
      1.26,
      0.3,
      1.32,
      0.36,
      1.38,
      0.42,
      1.44,
      0.48,
      1.5,
      0.54,
      1.56,
      0.6,
      1.62,
      0.66,
      1.68,
      0.72,
      1.74,
      0.78,
      1.8,
      0.84,
      1.86,
      0.9,
      1.92,
      0.96
    ],
    "SoftwareVersions": "syngo_MR_E11",
    "SpacingBetweenSlices": 4.2,
    "StationName": "MRC35302",
    "TaskName": "BAS/BIS",
    "TotalReadoutTime": 0.0308698,
    "TxRefAmp": 248.841,
    "dataset": "ds003114",
    "modality": "bold",
    "subject_id": "137",
    "task_id": "rest"
  },
  "dummy_trs": 3,
  "dvars_nstd": 21.0264032365678,
  "dvars_std": 1.280933105677966,
  "dvars_vstd": 0.971466681016949,
  "efc": 0.4721302413518235,
  "fber": 1033.02099609375,
  "fd_mean": 0.13842687091067254,
  "fd_num": 33,
  "fd_perc": 13.924050632911392,
  "fwhm_avg": 2.5460287629053315,
  "fwhm_x": 2.5590283636363633,
  "fwhm_y": 2.725157818181818,
  "fwhm_z": 2.353900106897813,
  "gcor": 0.0392927,
  "gsr_x": -0.015511076897382736,
  "gsr_y": 0.046350013464689255,
  "provenance": {
    "md5sum": "ab66f9469324aa632191a040386ddc3a",
    "settings": {
      "fd_thres": 0.2,
      "testing": false
    },
    "software": "mriqc",
    "version": "22.0.6",
    "webapi_port": null,
    "webapi_url": "https://mriqc.nimh.nih.gov/api/v1"
  },
  "size_t": 237,
  "size_x": 64,
  "size_y": 64,
  "size_z": 33,
  "snr": 3.589318843802075,
  "spacing_tr": 2.0,
  "spacing_x": 3.4375,
  "spacing_y": 3.4375,
  "spacing_z": 4.199999809265137,
  "summary_bg_k": 73.5990888944765,
  "summary_bg_mad": 32.35721484296102,
  "summary_bg_mean": 49.0063362121582,
  "summary_bg_median": 26.687292098999023,
  "summary_bg_n": 87301.0,
  "summary_bg_p05": 0.029408002272248268,
  "summary_bg_p95": 195.67030334472656,
  "summary_bg_stdv": 90.66885375976562,
  "summary_fg_k": 0.499526697607251,
  "summary_fg_mad": 228.9987896493294,
  "summary_fg_mean": 874.46728515625,
  "summary_fg_median": 853.57958984375,
  "summary_fg_n": 18994.0,
  "summary_fg_p05": 525.8294952392578,
  "summary_fg_p95": 1303.0561889648436,
  "summary_fg_stdv": 237.8047637939453,
  "tsnr": 58.79589080810547
}