{
  "aor": 0.0012852301255230124,
  "aqi": 0.0037108596652719664,
  "bids_meta": {
    "AcquisitionMatrixPE": 64,
    "AcquisitionNumber": 1,
    "AcquisitionTime": "17:08:2.562500",
    "BandwidthPerPixelPhaseEncode": 31.888,
    "BaseResolution": 64,
    "BodyPartExamined": "HEAD",
    "ConsistencyInfo": "N4_VE11C_LATEST_20160120",
    "ConversionSoftware": "dcm2niix",
    "ConversionSoftwareVersion": "v1.0.20200331",
    "DerivedVendorReportedEchoSpacing": 0.000489996,
    "DeviceSerialNumber": "167027",
    "DwellTime": 3.3e-06,
    "EchoTime": 0.03,
    "EchoTrainLength": 64,
    "EffectiveEchoSpacing": 0.000489996,
    "FlipAngle": 90,
    "ImageOrientationPatientDICOM": [
      0.99838,
      0.00387374,
      0.056768,
      5.04448e-08,
      0.99768,
      -0.0680806
    ],
    "ImageType": [
      "ORIGINAL",
      "PRIMARY",
      "M",
      "ND",
      "MOSAIC"
    ],
    "ImagingFrequency": 123.249,
    "InPlanePhaseEncodingDirectionDICOM": "COL",
    "InstitutionAddress": "ZHONG_SHAN_BEI_3663_SHANGHAI_District_CN_200062",
    "InstitutionName": "East_China_Normal_University",
    "InstitutionalDepartmentName": "Department",
    "MRAcquisitionType": "2D",
    "MagneticFieldStrength": 3,
    "Manufacturer": "Siemens",
    "ManufacturersModelName": "Prisma_fit",
    "Modality": "MR",
    "PartialFourier": 1,
    "PatientPosition": "HFS",
    "PercentPhaseFOV": 100,
    "PercentSampling": 100,
    "PhaseEncodingDirection": "j",
    "PhaseEncodingSteps": 64,
    "PhaseResolution": 1,
    "PixelBandwidth": 2365,
    "ProcedureStepDescription": "Yuqiurong_jiajia",
    "ProtocolName": "ABI1_bold_rest",
    "PulseSequenceDetails": "%SiemensSeq%_ep2d_bold",
    "ReceiveCoilActiveElements": "HE1-4",
    "ReceiveCoilName": "HeadNeck_20",
    "ReconMatrixPE": 64,
    "RepetitionTime": 2,
    "SAR": 0.128605,
    "ScanOptions": "FS",
    "ScanningSequence": "EP",
    "SequenceName": "_epfid2d1_64",
    "SequenceVariant": "SK",
    "SeriesDescription": "ABI1_bold_rest",
    "SeriesNumber": 3,
    "ShimSetting": [
      1010,
      1611,
      1436,
      549,
      104,
      -174,
      -20,
      -74
    ],
    "SliceThickness": 3.5,
    "SliceTiming": [
      0,
      1.02,
      0.06,
      1.08,
      0.12,
      1.14,
      0.18,
      1.2,
      0.24,
      1.26,
      0.3,
      1.32,
      0.36,
      1.38,
      0.42,
      1.44,
      0.48,
      1.5,
      0.54,
      1.56,
      0.6,
      1.62,
      0.66,
      1.68,
      0.72,
      1.74,
      0.78,
      1.8,
      0.84,
      1.86,
      0.9,
      1.92,
      0.96
    ],
    "SoftwareVersions": "syngo_MR_E11",
    "SpacingBetweenSlices": 4.2,
    "StationName": "MRC35302",
    "TaskName": "BAS/BIS",
    "TotalReadoutTime": 0.0308698,
    "TxRefAmp": 250.955,
    "dataset": "ds003114",
    "modality": "bold",
    "subject_id": "229",
    "task_id": "rest"
  },
  "dummy_trs": 1,
  "dvars_nstd": 17.040112078865544,
  "dvars_std": 1.199602662983193,
  "dvars_vstd": 0.9791787952941177,
  "efc": 0.4884428499885603,
  "fber": 862.2041015625,
  "fd_mean": 0.09785116387587904,
  "fd_num": 9,
  "fd_perc": 3.7656903765690375,
  "fwhm_avg": 2.2352383696076177,
  "fwhm_x": 2.1945716363636363,
  "fwhm_y": 2.4008290909090912,
  "fwhm_z": 2.110314381550125,
  "gcor": 0.0438768,
  "gsr_x": 0.004404803272336721,
  "gsr_y": 0.02550588920712471,
  "provenance": {
    "md5sum": "dd76156e2a7d17c13aa891008a7ea24e",
    "settings": {
      "fd_thres": 0.2,
      "testing": false
    },
    "software": "mriqc",
    "version": "22.0.6",
    "webapi_port": null,
    "webapi_url": "https://mriqc.nimh.nih.gov/api/v1"
  },
  "size_t": 239,
  "size_x": 64,
  "size_y": 64,
  "size_z": 33,
  "snr": 4.055855551263606,
  "spacing_tr": 2.0,
  "spacing_x": 3.4375,
  "spacing_y": 3.4375,
  "spacing_z": 4.199999809265137,
  "summary_bg_k": 71.66869131502744,
  "summary_bg_mad": 16.488993185516385,
  "summary_bg_mean": 47.91432571411133,
  "summary_bg_median": 26.623065948486328,
  "summary_bg_n": 86118.0,
  "summary_bg_p05": 0.006901849829591815,
  "summary_bg_p95": 163.7776092529296,
  "summary_bg_stdv": 87.618896484375,
  "summary_fg_k": 0.11508111543145416,
  "summary_fg_mad": 192.14168217851832,
  "summary_fg_mean": 778.4634399414062,
  "summary_fg_median": 769.0886840820312,
  "summary_fg_n": 20061.0,
  "summary_fg_p05": 483.2564392089844,
  "summary_fg_p95": 1098.404052734375,
  "summary_fg_stdv": 189.6195526123047,
  "tsnr": 80.82060241699219
}