{
  "aor": 0.0008501673640167363,
  "aqi": 0.0037879508368200833,
  "bids_meta": {
    "AcquisitionMatrixPE": 64,
    "AcquisitionNumber": 1,
    "AcquisitionTime": "19:22:4.760000",
    "BandwidthPerPixelPhaseEncode": 31.888,
    "BaseResolution": 64,
    "BodyPartExamined": "HEAD",
    "ConsistencyInfo": "N4_VE11C_LATEST_20160120",
    "ConversionSoftware": "dcm2niix",
    "ConversionSoftwareVersion": "v1.0.20200331",
    "DerivedVendorReportedEchoSpacing": 0.000489996,
    "DeviceSerialNumber": "167027",
    "DwellTime": 3.3e-06,
    "EchoTime": 0.03,
    "EchoTrainLength": 64,
    "EffectiveEchoSpacing": 0.000489996,
    "FlipAngle": 90,
    "ImageOrientationPatientDICOM": [
      0.99984,
      -0.000698973,
      0.0178634,
      -2.52714e-09,
      0.999235,
      0.039099
    ],
    "ImageType": [
      "ORIGINAL",
      "PRIMARY",
      "M",
      "ND",
      "MOSAIC"
    ],
    "ImagingFrequency": 123.249,
    "InPlanePhaseEncodingDirectionDICOM": "COL",
    "InstitutionAddress": "ZHONG_SHAN_BEI_3663_SHANGHAI_District_CN_200062",
    "InstitutionName": "East_China_Normal_University",
    "InstitutionalDepartmentName": "Department",
    "MRAcquisitionType": "2D",
    "MagneticFieldStrength": 3,
    "Manufacturer": "Siemens",
    "ManufacturersModelName": "Prisma_fit",
    "Modality": "MR",
    "PartialFourier": 1,
    "PatientPosition": "HFS",
    "PercentPhaseFOV": 100,
    "PercentSampling": 100,
    "PhaseEncodingDirection": "j",
    "PhaseEncodingSteps": 64,
    "PhaseResolution": 1,
    "PixelBandwidth": 2365,
    "ProcedureStepDescription": "Yuqiurong_jiajia",
    "ProtocolName": "ABI1_bold_rest",
    "PulseSequenceDetails": "%SiemensSeq%_ep2d_bold",
    "ReceiveCoilActiveElements": "HE1-4",
    "ReceiveCoilName": "HeadNeck_20",
    "ReconMatrixPE": 64,
    "RepetitionTime": 2,
    "SAR": 0.115825,
    "ScanOptions": "FS",
    "ScanningSequence": "EP",
    "SequenceName": "_epfid2d1_64",
    "SequenceVariant": "SK",
    "SeriesDescription": "ABI1_bold_rest",
    "SeriesNumber": 3,
    "ShimSetting": [
      983,
      1615,
      1321,
      430,
      48,
      32,
      -94,
      -67
    ],
    "SliceThickness": 3.5,
    "SliceTiming": [
      0,
      1.02,
      0.06,
      1.08,
      0.12,
      1.14,
      0.18,
      1.2,
      0.24,
      1.26,
      0.3,
      1.32,
      0.36,
      1.38,
      0.42,
      1.44,
      0.48,
      1.5,
      0.54,
      1.56,
      0.6,
      1.62,
      0.66,
      1.68,
      0.72,
      1.74,
      0.78,
      1.8,
      0.84,
      1.86,
      0.9,
      1.92,
      0.96
    ],
    "SoftwareVersions": "syngo_MR_E11",
    "SpacingBetweenSlices": 4.2,
    "StationName": "MRC35302",
    "TaskName": "BAS/BIS",
    "TotalReadoutTime": 0.0308698,
    "TxRefAmp": 244.108,
    "dataset": "ds003114",
    "modality": "bold",
    "subject_id": "134",
    "task_id": "rest"
  },
  "dummy_trs": 1,
  "dvars_nstd": 17.06969448680672,
  "dvars_std": 1.2496998224369744,
  "dvars_vstd": 0.991283203571429,
  "efc": 0.46266676996552064,
  "fber": 1032.201171875,
  "fd_mean": 0.08756607139296255,
  "fd_num": 7,
  "fd_perc": 2.928870292887029,
  "fwhm_avg": 2.5095503995543136,
  "fwhm_x": 2.5217687272727276,
  "fwhm_y": 2.634132363636364,
  "fwhm_z": 2.3727501077538493,
  "gcor": 0.0331793,
  "gsr_x": -0.0017861330416053534,
  "gsr_y": 0.024226726964116096,
  "provenance": {
    "md5sum": "ad8adf4618edb99a488bd1d5b99bb706",
    "settings": {
      "fd_thres": 0.2,
      "testing": false
    },
    "software": "mriqc",
    "version": "22.0.6",
    "webapi_port": null,
    "webapi_url": "https://mriqc.nimh.nih.gov/api/v1"
  },
  "size_t": 239,
  "size_x": 64,
  "size_y": 64,
  "size_z": 33,
  "snr": 3.6099213668129324,
  "spacing_tr": 2.0,
  "spacing_x": 3.4375,
  "spacing_y": 3.4375,
  "spacing_z": 4.199999809265137,
  "summary_bg_k": 51.8165417730035,
  "summary_bg_mad": 23.235487500342273,
  "summary_bg_mean": 42.8842658996582,
  "summary_bg_median": 24.68564224243164,
  "summary_bg_n": 88194.0,
  "summary_bg_p05": 0.0008808257232885816,
  "summary_bg_p95": 166.73525085449197,
  "summary_bg_stdv": 79.4214096069336,
  "summary_fg_k": 0.91178177959398,
  "summary_fg_mad": 204.46581311984613,
  "summary_fg_mean": 805.5302734375,
  "summary_fg_median": 779.728271484375,
  "summary_fg_n": 18368.0,
  "summary_fg_p05": 498.54453125,
  "summary_fg_p95": 1196.6108337402338,
  "summary_fg_stdv": 215.9900360107422,
  "tsnr": 99.15972900390625
}