{
  "aor": 0.002316150627615063,
  "aqi": 0.0043162363179916315,
  "bids_meta": {
    "AcquisitionMatrixPE": 64,
    "AcquisitionNumber": 1,
    "AcquisitionTime": "18:57:27.945000",
    "BandwidthPerPixelPhaseEncode": 31.888,
    "BaseResolution": 64,
    "BodyPartExamined": "HEAD",
    "CoilString": "HE1-4;NE1_2",
    "ConsistencyInfo": "N4_VE11C_LATEST_20160120",
    "ConversionSoftware": "dcm2niix",
    "ConversionSoftwareVersion": "v1.0.20200331",
    "DerivedVendorReportedEchoSpacing": 0.000489996,
    "DeviceSerialNumber": "167027",
    "DwellTime": 3.3e-06,
    "EchoTime": 0.03,
    "EchoTrainLength": 64,
    "EffectiveEchoSpacing": 0.000489996,
    "FlipAngle": 90,
    "ImageOrientationPatientDICOM": [
      0.999999,
      0.000181757,
      0.00159369,
      -2.39646e-08,
      0.993561,
      -0.113299
    ],
    "ImageType": [
      "ORIGINAL",
      "PRIMARY",
      "M",
      "ND",
      "MOSAIC"
    ],
    "ImagingFrequency": 123.249,
    "InPlanePhaseEncodingDirectionDICOM": "COL",
    "InstitutionAddress": "ZHONG_SHAN_BEI_3663_SHANGHAI_District_CN_200062",
    "InstitutionName": "East_China_Normal_University",
    "InstitutionalDepartmentName": "Department",
    "MRAcquisitionType": "2D",
    "MagneticFieldStrength": 3,
    "Manufacturer": "Siemens",
    "ManufacturersModelName": "Prisma_fit",
    "Modality": "MR",
    "PartialFourier": 1,
    "PatientPosition": "HFS",
    "PercentPhaseFOV": 100,
    "PercentSampling": 100,
    "PhaseEncodingDirection": "j",
    "PhaseEncodingSteps": 64,
    "PhaseResolution": 1,
    "PixelBandwidth": 2365,
    "ProcedureStepDescription": "Yuqiurong_jiajia",
    "ProtocolName": "ABI1_bold_rest",
    "PulseSequenceDetails": "%SiemensSeq%_ep2d_bold",
    "ReceiveCoilActiveElements": "HE1-4;NE1,2",
    "ReceiveCoilName": "HeadNeck_20",
    "ReconMatrixPE": 64,
    "RepetitionTime": 2,
    "SAR": 0.119993,
    "ScanOptions": "FS",
    "ScanningSequence": "EP",
    "SequenceName": "_epfid2d1_64",
    "SequenceVariant": "SK",
    "SeriesDescription": "ABI1_bold_rest",
    "SeriesNumber": 3,
    "ShimSetting": [
      980,
      1631,
      1455,
      467,
      -6,
      -122,
      -53,
      -58
    ],
    "SliceThickness": 3.5,
    "SliceTiming": [
      0,
      1.02,
      0.06,
      1.08,
      0.12,
      1.14,
      0.18,
      1.2,
      0.24,
      1.26,
      0.3,
      1.32,
      0.36,
      1.38,
      0.42,
      1.44,
      0.48,
      1.5,
      0.54,
      1.56,
      0.6,
      1.62,
      0.66,
      1.68,
      0.72,
      1.74,
      0.78,
      1.8,
      0.84,
      1.86,
      0.9,
      1.92,
      0.96
    ],
    "SoftwareVersions": "syngo_MR_E11",
    "SpacingBetweenSlices": 4.2,
    "StationName": "MRC35302",
    "TaskName": "BAS/BIS",
    "TotalReadoutTime": 0.0308698,
    "TxRefAmp": 240.749,
    "dataset": "ds003114",
    "modality": "bold",
    "subject_id": "231",
    "task_id": "rest"
  },
  "dummy_trs": 1,
  "dvars_nstd": 19.443094882436977,
  "dvars_std": 1.2009331663445388,
  "dvars_vstd": 0.9762010345798315,
  "efc": 0.4653332367749151,
  "fber": 895.5557250976562,
  "fd_mean": 0.11579157875477687,
  "fd_num": 22,
  "fd_perc": 9.205020920502092,
  "fwhm_avg": 2.3018574788760104,
  "fwhm_x": 2.2842967272727273,
  "fwhm_y": 2.388194909090909,
  "fwhm_z": 2.233080800264395,
  "gcor": 0.0207034,
  "gsr_x": -0.005589514039456844,
  "gsr_y": 0.02781432680785656,
  "provenance": {
    "md5sum": "29932493c8ea9f8c7610a124dbeb93bb",
    "settings": {
      "fd_thres": 0.2,
      "testing": false
    },
    "software": "mriqc",
    "version": "22.0.6",
    "webapi_port": null,
    "webapi_url": "https://mriqc.nimh.nih.gov/api/v1"
  },
  "size_t": 239,
  "size_x": 64,
  "size_y": 64,
  "size_z": 33,
  "snr": 3.9381446621318603,
  "spacing_tr": 2.0,
  "spacing_x": 3.4375,
  "spacing_y": 3.4375,
  "spacing_z": 4.200000286102295,
  "summary_bg_k": 93.84762457097682,
  "summary_bg_mad": 22.94543602185694,
  "summary_bg_mean": 38.74919509887695,
  "summary_bg_median": 26.942846298217773,
  "summary_bg_n": 87461.0,
  "summary_bg_p05": 0.011399665847420692,
  "summary_bg_p95": 133.04141235351562,
  "summary_bg_stdv": 61.799354553222656,
  "summary_fg_k": 0.17468181545428907,
  "summary_fg_mad": 203.53728642526082,
  "summary_fg_mean": 817.7399291992188,
  "summary_fg_median": 800.4022216796875,
  "summary_fg_n": 18994.0,
  "summary_fg_p05": 525.2107147216797,
  "summary_fg_p95": 1188.7466186523432,
  "summary_fg_stdv": 203.23812866210938,
  "tsnr": 75.36775207519531
}