{
  "aor": 0.0012525523012552303,
  "aqi": 0.003800295815899581,
  "bids_meta": {
    "AcquisitionMatrixPE": 64,
    "AcquisitionNumber": 1,
    "AcquisitionTime": "12:28:3.302500",
    "BandwidthPerPixelPhaseEncode": 31.888,
    "BaseResolution": 64,
    "BodyPartExamined": "HEAD",
    "CoilString": "HE1-4;NE1_2",
    "ConsistencyInfo": "N4_VE11C_LATEST_20160120",
    "ConversionSoftware": "dcm2niix",
    "ConversionSoftwareVersion": "v1.0.20200331",
    "DerivedVendorReportedEchoSpacing": 0.000489996,
    "DeviceSerialNumber": "167027",
    "DwellTime": 3.3e-06,
    "EchoTime": 0.03,
    "EchoTrainLength": 64,
    "EffectiveEchoSpacing": 0.000489996,
    "FlipAngle": 90,
    "ImageOrientationPatientDICOM": [
      1,
      -2.67361e-05,
      -0.000153307,
      -3.07927e-08,
      0.985097,
      -0.171998
    ],
    "ImageType": [
      "ORIGINAL",
      "PRIMARY",
      "M",
      "ND",
      "MOSAIC"
    ],
    "ImagingFrequency": 123.249,
    "InPlanePhaseEncodingDirectionDICOM": "COL",
    "InstitutionAddress": "ZHONG_SHAN_BEI_3663_SHANGHAI_District_CN_200062",
    "InstitutionName": "EAST_CHINA_NORMAL_UNIVERSITY",
    "InstitutionalDepartmentName": "Department",
    "MRAcquisitionType": "2D",
    "MagneticFieldStrength": 3,
    "Manufacturer": "Siemens",
    "ManufacturersModelName": "Prisma_fit",
    "Modality": "MR",
    "PartialFourier": 1,
    "PatientPosition": "HFS",
    "PercentPhaseFOV": 100,
    "PercentSampling": 100,
    "PhaseEncodingDirection": "j",
    "PhaseEncodingSteps": 64,
    "PhaseResolution": 1,
    "PixelBandwidth": 2365,
    "ProcedureStepDescription": "Yuqiurong_jiajia",
    "ProtocolName": "ABI1_bold_rest",
    "PulseSequenceDetails": "%SiemensSeq%_ep2d_bold",
    "ReceiveCoilActiveElements": "HE1-4;NE1,2",
    "ReceiveCoilName": "HeadNeck_20",
    "ReconMatrixPE": 64,
    "RepetitionTime": 2,
    "SAR": 0.103454,
    "ScanOptions": "FS",
    "ScanningSequence": "EP",
    "SequenceName": "_epfid2d1_64",
    "SequenceVariant": "SK",
    "SeriesDescription": "ABI1_bold_rest",
    "SeriesNumber": 4,
    "ShimSetting": [
      984,
      1640,
      1413,
      451,
      -49,
      -123,
      -12,
      -20
    ],
    "SliceThickness": 3.5,
    "SliceTiming": [
      0,
      1.02,
      0.06,
      1.08,
      0.12,
      1.14,
      0.18,
      1.2,
      0.24,
      1.26,
      0.3,
      1.32,
      0.36,
      1.38,
      0.42,
      1.44,
      0.48,
      1.5,
      0.54,
      1.56,
      0.6,
      1.62,
      0.66,
      1.68,
      0.72,
      1.74,
      0.78,
      1.8,
      0.84,
      1.86,
      0.9,
      1.92,
      0.96
    ],
    "SoftwareVersions": "syngo_MR_E11",
    "SpacingBetweenSlices": 4.2,
    "StationName": "MRC35302",
    "TaskName": "BAS/BIS",
    "TotalReadoutTime": 0.0308698,
    "TxRefAmp": 258.413,
    "dataset": "ds003114",
    "modality": "bold",
    "subject_id": "139",
    "task_id": "rest"
  },
  "dummy_trs": 1,
  "dvars_nstd": 18.554434683949577,
  "dvars_std": 1.2297080505882356,
  "dvars_vstd": 0.9896069916806731,
  "efc": 0.49643418460687766,
  "fber": 618.1438598632812,
  "fd_mean": 0.07954423974437239,
  "fd_num": 3,
  "fd_perc": 1.2552301255230125,
  "fwhm_avg": 2.1623993268295356,
  "fwhm_x": 2.1241541818181817,
  "fwhm_y": 2.3142341818181817,
  "fwhm_z": 2.0488096168522434,
  "gcor": 0.0322038,
  "gsr_x": -0.005913056433200836,
  "gsr_y": 0.042871806770563126,
  "provenance": {
    "md5sum": "b3a9b13190c0e0dd97fa707b82977c5f",
    "settings": {
      "fd_thres": 0.2,
      "testing": false
    },
    "software": "mriqc",
    "version": "22.0.6",
    "webapi_port": null,
    "webapi_url": "https://mriqc.nimh.nih.gov/api/v1"
  },
  "size_t": 239,
  "size_x": 64,
  "size_y": 64,
  "size_z": 33,
  "snr": 4.023017526340993,
  "spacing_tr": 2.0,
  "spacing_x": 3.4375,
  "spacing_y": 3.4375,
  "spacing_z": 4.199999809265137,
  "summary_bg_k": 180.66780762100316,
  "summary_bg_mad": 17.313099792535365,
  "summary_bg_mean": 47.54658889770508,
  "summary_bg_median": 29.41330337524414,
  "summary_bg_n": 86534.0,
  "summary_bg_p05": 0.004620142630301418,
  "summary_bg_p95": 158.38339767456037,
  "summary_bg_stdv": 74.59957885742188,
  "summary_fg_k": 0.19618246011267093,
  "summary_fg_mad": 178.92617103984009,
  "summary_fg_mean": 745.9144287109375,
  "summary_fg_median": 730.5254516601562,
  "summary_fg_n": 19302.0,
  "summary_fg_p05": 479.36638793945315,
  "summary_fg_p95": 1073.2933654785156,
  "summary_fg_stdv": 181.5817413330078,
  "tsnr": 90.08026123046875
}