{
  "aor": 0.0010624789915966385,
  "aqi": 0.0030970908823529414,
  "bids_meta": {
    "AcquisitionMatrixPE": 64,
    "AcquisitionNumber": 1,
    "AcquisitionTime": "17:24:45.950000",
    "BandwidthPerPixelPhaseEncode": 31.888,
    "BaseResolution": 64,
    "BodyPartExamined": "HEAD",
    "CoilString": "HE1-4;NE1_2",
    "ConsistencyInfo": "N4_VE11C_LATEST_20160120",
    "ConversionSoftware": "dcm2niix",
    "ConversionSoftwareVersion": "v1.0.20200331",
    "DerivedVendorReportedEchoSpacing": 0.000489996,
    "DeviceSerialNumber": "167027",
    "DwellTime": 3.3e-06,
    "EchoTime": 0.03,
    "EchoTrainLength": 64,
    "EffectiveEchoSpacing": 0.000489996,
    "FlipAngle": 90,
    "ImageOrientationPatientDICOM": [
      0.995126,
      0.0201782,
      0.0965224,
      7.70389e-09,
      0.97884,
      -0.204629
    ],
    "ImageType": [
      "ORIGINAL",
      "PRIMARY",
      "M",
      "ND",
      "MOSAIC"
    ],
    "ImagingFrequency": 123.249,
    "InPlanePhaseEncodingDirectionDICOM": "COL",
    "InstitutionAddress": "ZHONG_SHAN_BEI_3663_SHANGHAI_District_CN_200062",
    "InstitutionName": "East_China_Normal_University",
    "InstitutionalDepartmentName": "Department",
    "MRAcquisitionType": "2D",
    "MagneticFieldStrength": 3,
    "Manufacturer": "Siemens",
    "ManufacturersModelName": "Prisma_fit",
    "Modality": "MR",
    "PartialFourier": 1,
    "PatientPosition": "HFS",
    "PercentPhaseFOV": 100,
    "PercentSampling": 100,
    "PhaseEncodingDirection": "j",
    "PhaseEncodingSteps": 64,
    "PhaseResolution": 1,
    "PixelBandwidth": 2365,
    "ProcedureStepDescription": "Yuqiurong_jiajia",
    "ProtocolName": "ABI1_bold_rest",
    "PulseSequenceDetails": "%SiemensSeq%_ep2d_bold",
    "ReceiveCoilActiveElements": "HE1-4;NE1,2",
    "ReceiveCoilName": "HeadNeck_20",
    "ReconMatrixPE": 64,
    "RepetitionTime": 2,
    "SAR": 0.115197,
    "ScanOptions": "FS",
    "ScanningSequence": "EP",
    "SequenceName": "_epfid2d1_64",
    "SequenceVariant": "SK",
    "SeriesDescription": "ABI1_bold_rest",
    "SeriesNumber": 3,
    "ShimSetting": [
      1018,
      1683,
      1266,
      194,
      145,
      -175,
      -37,
      -95
    ],
    "SliceThickness": 3.5,
    "SliceTiming": [
      0,
      1.02,
      0.06,
      1.08,
      0.12,
      1.14,
      0.18,
      1.2,
      0.24,
      1.26,
      0.3,
      1.32,
      0.36,
      1.38,
      0.42,
      1.44,
      0.48,
      1.5,
      0.54,
      1.56,
      0.6,
      1.62,
      0.66,
      1.68,
      0.72,
      1.74,
      0.78,
      1.8,
      0.84,
      1.86,
      0.9,
      1.92,
      0.96
    ],
    "SoftwareVersions": "syngo_MR_E11",
    "SpacingBetweenSlices": 4.2,
    "StationName": "MRC35302",
    "TaskName": "BAS/BIS",
    "TotalReadoutTime": 0.0308698,
    "TxRefAmp": 251.583,
    "dataset": "ds003114",
    "modality": "bold",
    "subject_id": "120",
    "task_id": "rest"
  },
  "dummy_trs": 2,
  "dvars_nstd": 17.65099040582279,
  "dvars_std": 1.2170309662447267,
  "dvars_vstd": 0.995941877721519,
  "efc": 0.4823517864500817,
  "fber": 787.8643798828125,
  "fd_mean": 0.08735993354220764,
  "fd_num": 3,
  "fd_perc": 1.2605042016806722,
  "fwhm_avg": 2.266361885926248,
  "fwhm_x": 2.2182429090909093,
  "fwhm_y": 2.393428363636364,
  "fwhm_z": 2.187414385051472,
  "gcor": 0.0159185,
  "gsr_x": -0.017644647508859634,
  "gsr_y": 0.0435655415058136,
  "provenance": {
    "md5sum": "5c3ee4d72a863a8c5fea27d9c36489ea",
    "settings": {
      "fd_thres": 0.2,
      "testing": false
    },
    "software": "mriqc",
    "version": "22.0.6",
    "webapi_port": null,
    "webapi_url": "https://mriqc.nimh.nih.gov/api/v1"
  },
  "size_t": 238,
  "size_x": 64,
  "size_y": 64,
  "size_z": 33,
  "snr": 4.320506023755838,
  "spacing_tr": 2.0,
  "spacing_x": 3.4375,
  "spacing_y": 3.4375,
  "spacing_z": 4.199999809265137,
  "summary_bg_k": 75.39162888153587,
  "summary_bg_mad": 24.5612209885562,
  "summary_bg_mean": 50.22193145751953,
  "summary_bg_median": 28.29694366455078,
  "summary_bg_n": 88085.0,
  "summary_bg_p05": 4.6453748655039814e-05,
  "summary_bg_p95": 193.81750488281256,
  "summary_bg_stdv": 94.00470733642578,
  "summary_fg_k": 0.10282279713244646,
  "summary_fg_mad": 184.59705213293756,
  "summary_fg_mean": 794.6087646484375,
  "summary_fg_median": 786.966064453125,
  "summary_fg_n": 18984.0,
  "summary_fg_p05": 518.6453002929687,
  "summary_fg_p95": 1106.462432861328,
  "summary_fg_stdv": 182.14193725585938,
  "tsnr": 96.89743041992188
}