{
  "aor": 0.006411380753138075,
  "aqi": 0.006965310041841004,
  "bids_meta": {
    "AcquisitionMatrixPE": 64,
    "AcquisitionNumber": 1,
    "AcquisitionTime": "18:01:6.267500",
    "BandwidthPerPixelPhaseEncode": 31.888,
    "BaseResolution": 64,
    "BodyPartExamined": "HEAD",
    "ConsistencyInfo": "N4_VE11C_LATEST_20160120",
    "ConversionSoftware": "dcm2niix",
    "ConversionSoftwareVersion": "v1.0.20200331",
    "DerivedVendorReportedEchoSpacing": 0.000489996,
    "DeviceSerialNumber": "167027",
    "DwellTime": 3.3e-06,
    "EchoTime": 0.03,
    "EchoTrainLength": 64,
    "EffectiveEchoSpacing": 0.000489996,
    "FlipAngle": 90,
    "ImageOrientationPatientDICOM": [
      0.998176,
      -0.00726742,
      0.0599358,
      6.113e-10,
      0.992729,
      0.120372
    ],
    "ImageType": [
      "ORIGINAL",
      "PRIMARY",
      "M",
      "ND",
      "MOSAIC"
    ],
    "ImagingFrequency": 123.249,
    "InPlanePhaseEncodingDirectionDICOM": "COL",
    "InstitutionAddress": "ZHONG_SHAN_BEI_3663_SHANGHAI_District_CN_200062",
    "InstitutionName": "East_China_Normal_University",
    "InstitutionalDepartmentName": "Department",
    "MRAcquisitionType": "2D",
    "MagneticFieldStrength": 3,
    "Manufacturer": "Siemens",
    "ManufacturersModelName": "Prisma_fit",
    "Modality": "MR",
    "PartialFourier": 1,
    "PatientPosition": "HFS",
    "PercentPhaseFOV": 100,
    "PercentSampling": 100,
    "PhaseEncodingDirection": "j",
    "PhaseEncodingSteps": 64,
    "PhaseResolution": 1,
    "PixelBandwidth": 2365,
    "ProcedureStepDescription": "Yuqiurong_jiajia",
    "ProtocolName": "ABI1_bold_rest",
    "PulseSequenceDetails": "%SiemensSeq%_ep2d_bold",
    "ReceiveCoilActiveElements": "HE1-4",
    "ReceiveCoilName": "HeadNeck_20",
    "ReconMatrixPE": 64,
    "RepetitionTime": 2,
    "SAR": 0.124229,
    "ScanOptions": "FS",
    "ScanningSequence": "EP",
    "SequenceName": "_epfid2d1_64",
    "SequenceVariant": "SK",
    "SeriesDescription": "ABI1_bold_rest",
    "SeriesNumber": 3,
    "ShimSetting": [
      996,
      1595,
      1512,
      658,
      28,
      -151,
      6,
      -44
    ],
    "SliceThickness": 3.5,
    "SliceTiming": [
      0,
      1.02,
      0.06,
      1.08,
      0.12,
      1.14,
      0.18,
      1.2,
      0.24,
      1.26,
      0.3,
      1.32,
      0.36,
      1.38,
      0.42,
      1.44,
      0.48,
      1.5,
      0.54,
      1.56,
      0.6,
      1.62,
      0.66,
      1.68,
      0.72,
      1.74,
      0.78,
      1.8,
      0.84,
      1.8575,
      0.9,
      1.9175,
      0.96
    ],
    "SoftwareVersions": "syngo_MR_E11",
    "SpacingBetweenSlices": 4.2,
    "StationName": "MRC35302",
    "TaskName": "BAS/BIS",
    "TotalReadoutTime": 0.0308698,
    "TxRefAmp": 248.253,
    "dataset": "ds003114",
    "modality": "bold",
    "subject_id": "230",
    "task_id": "rest"
  },
  "dummy_trs": 1,
  "dvars_nstd": 24.22302807037815,
  "dvars_std": 1.1347011355042018,
  "dvars_vstd": 0.9611902030252093,
  "efc": 0.4739164669388501,
  "fber": 1058.0074462890625,
  "fd_mean": 0.29298434792490546,
  "fd_num": 137,
  "fd_perc": 57.32217573221757,
  "fwhm_avg": 2.5179453351647454,
  "fwhm_x": 2.5055854545454546,
  "fwhm_y": 2.639464727272727,
  "fwhm_z": 2.4087858236760558,
  "gcor": 0.0476283,
  "gsr_x": -0.0013901375932618976,
  "gsr_y": 0.027635935693979263,
  "provenance": {
    "md5sum": "719016ad1df43884dce955e52a700f38",
    "settings": {
      "fd_thres": 0.2,
      "testing": false
    },
    "software": "mriqc",
    "version": "22.0.6",
    "webapi_port": null,
    "webapi_url": "https://mriqc.nimh.nih.gov/api/v1"
  },
  "size_t": 239,
  "size_x": 64,
  "size_y": 64,
  "size_z": 33,
  "snr": 3.4344198182543186,
  "spacing_tr": 2.0,
  "spacing_x": 3.4375,
  "spacing_y": 3.4375,
  "spacing_z": 4.199999809265137,
  "summary_bg_k": 39.15621514989307,
  "summary_bg_mad": 22.400836587479457,
  "summary_bg_mean": 41.4146842956543,
  "summary_bg_median": 25.692733764648438,
  "summary_bg_n": 85265.0,
  "summary_bg_p05": 0.029530071839690208,
  "summary_bg_p95": 148.74049377441415,
  "summary_bg_stdv": 67.60542297363281,
  "summary_fg_k": 0.526144635044314,
  "summary_fg_mad": 233.79385497266333,
  "summary_fg_mean": 858.8681030273438,
  "summary_fg_median": 832.1041259765625,
  "summary_fg_n": 20724.0,
  "summary_fg_p05": 515.6703155517579,
  "summary_fg_p95": 1305.3276916503903,
  "summary_fg_stdv": 242.2779083251953,
  "tsnr": 49.235572814941406
}