{
  "aor": 0.0036380416666666666,
  "aqi": 0.0036577335,
  "bids_meta": {
    "AcquisitionMatrixPE": 64,
    "AcquisitionNumber": 1,
    "AcquisitionTime": "18:00:6.417500",
    "BandwidthPerPixelPhaseEncode": 31.888,
    "BaseResolution": 64,
    "BodyPartExamined": "HEAD",
    "ConsistencyInfo": "N4_VE11C_LATEST_20160120",
    "ConversionSoftware": "dcm2niix",
    "ConversionSoftwareVersion": "v1.0.20200331",
    "DerivedVendorReportedEchoSpacing": 0.000489996,
    "DeviceSerialNumber": "167027",
    "DwellTime": 3.3e-06,
    "EchoTime": 0.03,
    "EchoTrainLength": 64,
    "EffectiveEchoSpacing": 0.000489996,
    "FlipAngle": 90,
    "ImageOrientationPatientDICOM": [
      0.99877,
      0.00638382,
      0.0491781,
      3.86966e-08,
      0.99168,
      -0.128731
    ],
    "ImageType": [
      "ORIGINAL",
      "PRIMARY",
      "M",
      "ND",
      "MOSAIC"
    ],
    "ImagingFrequency": 123.249,
    "InPlanePhaseEncodingDirectionDICOM": "COL",
    "InstitutionAddress": "ZHONG_SHAN_BEI_3663_SHANGHAI_District_CN_200062",
    "InstitutionName": "EAST_CHINA_NORMAL_UNIVERSITY",
    "InstitutionalDepartmentName": "Department",
    "MRAcquisitionType": "2D",
    "MagneticFieldStrength": 3,
    "Manufacturer": "Siemens",
    "ManufacturersModelName": "Prisma_fit",
    "Modality": "MR",
    "PartialFourier": 1,
    "PatientPosition": "HFS",
    "PercentPhaseFOV": 100,
    "PercentSampling": 100,
    "PhaseEncodingDirection": "j",
    "PhaseEncodingSteps": 64,
    "PhaseResolution": 1,
    "PixelBandwidth": 2365,
    "ProcedureStepDescription": "Yuqiurong_jiajia",
    "ProtocolName": "ABI1_bold_rest",
    "PulseSequenceDetails": "%SiemensSeq%_ep2d_bold",
    "ReceiveCoilActiveElements": "HE1-4",
    "ReceiveCoilName": "HeadNeck_20",
    "ReconMatrixPE": 64,
    "RepetitionTime": 2,
    "SAR": 0.101279,
    "ScanOptions": "FS",
    "ScanningSequence": "EP",
    "SequenceName": "_epfid2d1_64",
    "SequenceVariant": "SK",
    "SeriesDescription": "ABI1_bold_rest",
    "SeriesNumber": 5,
    "ShimSetting": [
      989,
      1669,
      1287,
      242,
      -31,
      -78,
      -10,
      8
    ],
    "SliceThickness": 3.5,
    "SliceTiming": [
      0,
      1.02,
      0.06,
      1.08,
      0.12,
      1.14,
      0.18,
      1.2,
      0.24,
      1.26,
      0.3,
      1.32,
      0.36,
      1.38,
      0.42,
      1.44,
      0.48,
      1.5,
      0.54,
      1.56,
      0.6,
      1.62,
      0.66,
      1.68,
      0.72,
      1.74,
      0.78,
      1.8,
      0.84,
      1.86,
      0.9,
      1.92,
      0.96
    ],
    "SoftwareVersions": "syngo_MR_E11",
    "SpacingBetweenSlices": 4.2,
    "StationName": "MRC35302",
    "TaskName": "BAS/BIS",
    "TotalReadoutTime": 0.0308698,
    "TxRefAmp": 247.037,
    "dataset": "ds003114",
    "modality": "bold",
    "subject_id": "140",
    "task_id": "rest"
  },
  "dummy_trs": 0,
  "dvars_nstd": 14.580734292803344,
  "dvars_std": 1.1162643220083692,
  "dvars_vstd": 0.9774938754811716,
  "efc": 0.4869167537956858,
  "fber": 870.3727416992188,
  "fd_mean": 0.07775005332061645,
  "fd_num": 4,
  "fd_perc": 1.6666666666666667,
  "fwhm_avg": 2.5610506166170652,
  "fwhm_x": 2.54464,
  "fwhm_y": 2.7252974545454545,
  "fwhm_z": 2.4132143953057423,
  "gcor": 0.0407365,
  "gsr_x": -0.00597906531766057,
  "gsr_y": 0.024883273988962173,
  "provenance": {
    "md5sum": "3aae75edbddbd409f3e22f2f6c9212b8",
    "settings": {
      "fd_thres": 0.2,
      "testing": false
    },
    "software": "mriqc",
    "version": "22.0.6",
    "webapi_port": null,
    "webapi_url": "https://mriqc.nimh.nih.gov/api/v1"
  },
  "size_t": 240,
  "size_x": 64,
  "size_y": 64,
  "size_z": 33,
  "snr": 3.37336858703772,
  "spacing_tr": 2.0,
  "spacing_x": 3.4375,
  "spacing_y": 3.4375,
  "spacing_z": 4.199999809265137,
  "summary_bg_k": 22.986796000790015,
  "summary_bg_mad": 28.9317032058581,
  "summary_bg_mean": 54.89665603637695,
  "summary_bg_median": 28.685516357421875,
  "summary_bg_n": 86303.0,
  "summary_bg_p05": 0.01172238290309906,
  "summary_bg_p95": 230.5556564331052,
  "summary_bg_stdv": 88.56716918945312,
  "summary_fg_k": -0.097582817436904,
  "summary_fg_mad": 255.2579697872241,
  "summary_fg_mean": 868.8233642578125,
  "summary_fg_median": 842.6441040039062,
  "summary_fg_n": 19974.0,
  "summary_fg_p05": 508.04649810791017,
  "summary_fg_p95": 1320.4466552734375,
  "summary_fg_stdv": 249.7868194580078,
  "tsnr": 70.6114273071289
}