{
  "aor": 0.000929,
  "aqi": 0.00464926625,
  "bids_meta": {
    "AcquisitionMatrixPE": 64,
    "AcquisitionNumber": 1,
    "AcquisitionTime": "21:16:4.837500",
    "BandwidthPerPixelPhaseEncode": 31.888,
    "BaseResolution": 64,
    "BodyPartExamined": "HEAD",
    "CoilString": "HE1-4;NE1_2",
    "ConsistencyInfo": "N4_VE11C_LATEST_20160120",
    "ConversionSoftware": "dcm2niix",
    "ConversionSoftwareVersion": "v1.0.20200331",
    "DerivedVendorReportedEchoSpacing": 0.000489996,
    "DeviceSerialNumber": "167027",
    "DwellTime": 3.3e-06,
    "EchoTime": 0.03,
    "EchoTrainLength": 64,
    "EffectiveEchoSpacing": 0.000489996,
    "FlipAngle": 90,
    "ImageOrientationPatientDICOM": [
      0.99993,
      0.00152893,
      0.0117727,
      3.06201e-08,
      0.991672,
      -0.128792
    ],
    "ImageType": [
      "ORIGINAL",
      "PRIMARY",
      "M",
      "ND",
      "MOSAIC"
    ],
    "ImagingFrequency": 123.249,
    "InPlanePhaseEncodingDirectionDICOM": "COL",
    "InstitutionAddress": "ZHONG_SHAN_BEI_3663_SHANGHAI_District_CN_200062",
    "InstitutionName": "EAST_CHINA_NORMAL_UNIVERSITY",
    "InstitutionalDepartmentName": "Department",
    "MRAcquisitionType": "2D",
    "MagneticFieldStrength": 3,
    "Manufacturer": "Siemens",
    "ManufacturersModelName": "Prisma_fit",
    "Modality": "MR",
    "PartialFourier": 1,
    "PatientPosition": "HFS",
    "PercentPhaseFOV": 100,
    "PercentSampling": 100,
    "PhaseEncodingDirection": "j",
    "PhaseEncodingSteps": 64,
    "PhaseResolution": 1,
    "PixelBandwidth": 2365,
    "ProcedureStepDescription": "Yuqiurong_jiajia",
    "ProtocolName": "ABI1_bold_rest",
    "PulseSequenceDetails": "%SiemensSeq%_ep2d_bold",
    "ReceiveCoilActiveElements": "HE1-4;NE1,2",
    "ReceiveCoilName": "HeadNeck_20",
    "ReconMatrixPE": 64,
    "RepetitionTime": 2,
    "SAR": 0.100812,
    "ScanOptions": "FS",
    "ScanningSequence": "EP",
    "SequenceName": "_epfid2d1_64",
    "SequenceVariant": "SK",
    "SeriesDescription": "ABI1_bold_rest",
    "SeriesNumber": 3,
    "ShimSetting": [
      967,
      1602,
      1252,
      350,
      -34,
      -191,
      -126,
      -65
    ],
    "SliceThickness": 3.5,
    "SliceTiming": [
      0,
      1.02,
      0.06,
      1.08,
      0.12,
      1.14,
      0.18,
      1.2,
      0.24,
      1.26,
      0.3,
      1.32,
      0.36,
      1.38,
      0.42,
      1.44,
      0.48,
      1.5,
      0.54,
      1.56,
      0.6,
      1.62,
      0.66,
      1.68,
      0.72,
      1.74,
      0.78,
      1.8,
      0.84,
      1.86,
      0.9,
      1.92,
      0.96
    ],
    "SoftwareVersions": "syngo_MR_E11",
    "SpacingBetweenSlices": 4.2,
    "StationName": "MRC35302",
    "TaskName": "BAS/BIS",
    "TotalReadoutTime": 0.0308698,
    "TxRefAmp": 257.742,
    "dataset": "ds003114",
    "modality": "bold",
    "subject_id": "138",
    "task_id": "rest"
  },
  "dummy_trs": 0,
  "dvars_nstd": 19.22977315397489,
  "dvars_std": 1.2071538282008367,
  "dvars_vstd": 0.9601032409623429,
  "efc": 0.49947367404468407,
  "fber": 759.6558227539062,
  "fd_mean": 0.10746182772070476,
  "fd_num": 7,
  "fd_perc": 2.9166666666666665,
  "fwhm_avg": 2.360013321353037,
  "fwhm_x": 2.3257716363636365,
  "fwhm_y": 2.495287272727273,
  "fwhm_z": 2.2589810549682006,
  "gcor": 0.0239183,
  "gsr_x": -0.002049148315563798,
  "gsr_y": 0.025394832715392113,
  "provenance": {
    "md5sum": "df12494a9aa3f5955a5987080b08606a",
    "settings": {
      "fd_thres": 0.2,
      "testing": false
    },
    "software": "mriqc",
    "version": "22.0.6",
    "webapi_port": null,
    "webapi_url": "https://mriqc.nimh.nih.gov/api/v1"
  },
  "size_t": 240,
  "size_x": 64,
  "size_y": 64,
  "size_z": 33,
  "snr": 3.9143334864798605,
  "spacing_tr": 2.0,
  "spacing_x": 3.4375,
  "spacing_y": 3.4375,
  "spacing_z": 4.199999809265137,
  "summary_bg_k": 64.86968881922206,
  "summary_bg_mad": 19.36916944306023,
  "summary_bg_mean": 48.418575286865234,
  "summary_bg_median": 29.412673950195312,
  "summary_bg_n": 84336.0,
  "summary_bg_p05": 0.003639864968135953,
  "summary_bg_p95": 173.51569366455078,
  "summary_bg_stdv": 76.28762817382812,
  "summary_fg_k": 0.13632144477376906,
  "summary_fg_mad": 201.3575426362372,
  "summary_fg_mean": 824.185546875,
  "summary_fg_median": 805.9758911132812,
  "summary_fg_n": 21537.0,
  "summary_fg_p05": 516.1389404296875,
  "summary_fg_p95": 1194.2070068359376,
  "summary_fg_stdv": 205.89895629882812,
  "tsnr": 76.30282592773438
}