{
  "aor": 0.0011287029288702928,
  "aqi": 0.002262452217573222,
  "bids_meta": {
    "AcquisitionMatrixPE": 64,
    "AcquisitionNumber": 1,
    "AcquisitionTime": "19:01:34.127500",
    "BandwidthPerPixelPhaseEncode": 31.888,
    "BaseResolution": 64,
    "BodyPartExamined": "HEAD",
    "CoilString": "HE1-4;NE1_2",
    "ConsistencyInfo": "N4_VE11C_LATEST_20160120",
    "ConversionSoftware": "dcm2niix",
    "ConversionSoftwareVersion": "v1.0.20200331",
    "DerivedVendorReportedEchoSpacing": 0.000489996,
    "DeviceSerialNumber": "167027",
    "DwellTime": 3.3e-06,
    "EchoTime": 0.03,
    "EchoTrainLength": 64,
    "EffectiveEchoSpacing": 0.000489996,
    "FlipAngle": 90,
    "ImageOrientationPatientDICOM": [
      0.999992,
      0.000746648,
      0.00387815,
      -6.57835e-09,
      0.981967,
      -0.189053
    ],
    "ImageType": [
      "ORIGINAL",
      "PRIMARY",
      "M",
      "ND",
      "MOSAIC"
    ],
    "ImagingFrequency": 123.249,
    "InPlanePhaseEncodingDirectionDICOM": "COL",
    "InstitutionAddress": "ZHONG_SHAN_BEI_3663_SHANGHAI_District_CN_200062",
    "InstitutionName": "East_China_Normal_University",
    "InstitutionalDepartmentName": "Department",
    "MRAcquisitionType": "2D",
    "MagneticFieldStrength": 3,
    "Manufacturer": "Siemens",
    "ManufacturersModelName": "Prisma_fit",
    "Modality": "MR",
    "PartialFourier": 1,
    "PatientPosition": "HFS",
    "PercentPhaseFOV": 100,
    "PercentSampling": 100,
    "PhaseEncodingDirection": "j",
    "PhaseEncodingSteps": 64,
    "PhaseResolution": 1,
    "PixelBandwidth": 2365,
    "ProcedureStepDescription": "Yuqiurong_jiajia",
    "ProtocolName": "ABI1_bold_rest",
    "PulseSequenceDetails": "%SiemensSeq%_ep2d_bold",
    "ReceiveCoilActiveElements": "HE1-4;NE1,2",
    "ReceiveCoilName": "HeadNeck_20",
    "ReconMatrixPE": 64,
    "RepetitionTime": 2,
    "SAR": 0.124203,
    "ScanOptions": "FS",
    "ScanningSequence": "EP",
    "SequenceName": "_epfid2d1_64",
    "SequenceVariant": "SK",
    "SeriesDescription": "ABI1_bold_rest",
    "SeriesNumber": 4,
    "ShimSetting": [
      1025,
      1499,
      1406,
      625,
      121,
      -496,
      -125,
      -48
    ],
    "SliceThickness": 3.5,
    "SliceTiming": [
      0,
      1.02,
      0.06,
      1.08,
      0.12,
      1.14,
      0.18,
      1.2,
      0.24,
      1.26,
      0.3,
      1.32,
      0.36,
      1.38,
      0.42,
      1.44,
      0.48,
      1.5,
      0.54,
      1.56,
      0.6,
      1.62,
      0.66,
      1.68,
      0.72,
      1.74,
      0.78,
      1.8,
      0.84,
      1.86,
      0.9,
      1.92,
      0.96
    ],
    "SoftwareVersions": "syngo_MR_E11",
    "SpacingBetweenSlices": 4.2,
    "StationName": "MRC35302",
    "TaskName": "BAS/BIS",
    "TotalReadoutTime": 0.0308698,
    "TxRefAmp": 254.904,
    "dataset": "ds003114",
    "modality": "bold",
    "subject_id": "219",
    "task_id": "rest"
  },
  "dummy_trs": 1,
  "dvars_nstd": 16.259120652689084,
  "dvars_std": 1.2182229971008403,
  "dvars_vstd": 0.994050322394958,
  "efc": 0.45813235152348647,
  "fber": 849.7732543945312,
  "fd_mean": 0.08377388806368091,
  "fd_num": 5,
  "fd_perc": 2.092050209205021,
  "fwhm_avg": 2.2405658918398275,
  "fwhm_x": 2.1916712727272727,
  "fwhm_y": 2.3332596363636364,
  "fwhm_z": 2.1967667664285733,
  "gcor": 0.0335046,
  "gsr_x": -0.00968470610678196,
  "gsr_y": 0.027594566345214844,
  "provenance": {
    "md5sum": "b81119ffa2dbca75fae941ae2056c6bb",
    "settings": {
      "fd_thres": 0.2,
      "testing": false
    },
    "software": "mriqc",
    "version": "22.0.6",
    "webapi_port": null,
    "webapi_url": "https://mriqc.nimh.nih.gov/api/v1"
  },
  "size_t": 239,
  "size_x": 64,
  "size_y": 64,
  "size_z": 33,
  "snr": 4.126327775082743,
  "spacing_tr": 2.0,
  "spacing_x": 3.4375,
  "spacing_y": 3.4375,
  "spacing_z": 4.199999809265137,
  "summary_bg_k": 63.065099171702926,
  "summary_bg_mad": 17.138132890631073,
  "summary_bg_mean": 40.584041595458984,
  "summary_bg_median": 27.008113861083984,
  "summary_bg_n": 89890.0,
  "summary_bg_p05": 0.003004824207164347,
  "summary_bg_p95": 124.40510101318361,
  "summary_bg_stdv": 68.78964233398438,
  "summary_fg_k": 0.5284572919615789,
  "summary_fg_mad": 178.31897738223677,
  "summary_fg_mean": 795.8927612304688,
  "summary_fg_median": 779.1373901367188,
  "summary_fg_n": 17434.0,
  "summary_fg_p05": 520.8789367675781,
  "summary_fg_p95": 1137.6925354003904,
  "summary_fg_stdv": 188.8155975341797,
  "tsnr": 103.7821044921875
}