{
  "aor": 0.0009846443514644353,
  "aqi": 0.001838125472803347,
  "bids_meta": {
    "AcquisitionMatrixPE": 64,
    "AcquisitionNumber": 1,
    "AcquisitionTime": "18:18:51.785000",
    "BandwidthPerPixelPhaseEncode": 31.888,
    "BaseResolution": 64,
    "BodyPartExamined": "HEAD",
    "CoilString": "HE1-4;NE1_2",
    "ConsistencyInfo": "N4_VE11C_LATEST_20160120",
    "ConversionSoftware": "dcm2niix",
    "ConversionSoftwareVersion": "v1.0.20200331",
    "DerivedVendorReportedEchoSpacing": 0.000489996,
    "DeviceSerialNumber": "167027",
    "DwellTime": 3.3e-06,
    "EchoTime": 0.03,
    "EchoTrainLength": 64,
    "EffectiveEchoSpacing": 0.000489996,
    "FlipAngle": 90,
    "ImageOrientationPatientDICOM": [
      0.999782,
      -0.00552568,
      0.0201194,
      4.5349e-08,
      0.964293,
      0.264836
    ],
    "ImageType": [
      "ORIGINAL",
      "PRIMARY",
      "M",
      "ND",
      "MOSAIC"
    ],
    "ImagingFrequency": 123.249,
    "InPlanePhaseEncodingDirectionDICOM": "COL",
    "InstitutionAddress": "ZHONG_SHAN_BEI_3663_SHANGHAI_District_CN_200062",
    "InstitutionName": "East_China_Normal_University",
    "InstitutionalDepartmentName": "Department",
    "MRAcquisitionType": "2D",
    "MagneticFieldStrength": 3,
    "Manufacturer": "Siemens",
    "ManufacturersModelName": "Prisma_fit",
    "Modality": "MR",
    "PartialFourier": 1,
    "PatientPosition": "HFS",
    "PercentPhaseFOV": 100,
    "PercentSampling": 100,
    "PhaseEncodingDirection": "j",
    "PhaseEncodingSteps": 64,
    "PhaseResolution": 1,
    "PixelBandwidth": 2365,
    "ProcedureStepDescription": "Yuqiurong_jiajia",
    "ProtocolName": "ABI1_bold_rest",
    "PulseSequenceDetails": "%SiemensSeq%_ep2d_bold",
    "ReceiveCoilActiveElements": "HE1-4;NE1,2",
    "ReceiveCoilName": "HeadNeck_20",
    "ReconMatrixPE": 64,
    "RepetitionTime": 2,
    "SAR": 0.112528,
    "ScanOptions": "FS",
    "ScanningSequence": "EP",
    "SequenceName": "_epfid2d1_64",
    "SequenceVariant": "SK",
    "SeriesDescription": "ABI1_bold_rest",
    "SeriesNumber": 3,
    "ShimSetting": [
      968,
      1572,
      1387,
      428,
      26,
      -316,
      -31,
      0
    ],
    "SliceThickness": 3.5,
    "SliceTiming": [
      0,
      1.02,
      0.06,
      1.08,
      0.12,
      1.14,
      0.18,
      1.2,
      0.24,
      1.26,
      0.3,
      1.32,
      0.36,
      1.38,
      0.42,
      1.44,
      0.48,
      1.5,
      0.54,
      1.56,
      0.6,
      1.62,
      0.66,
      1.68,
      0.72,
      1.74,
      0.78,
      1.8,
      0.84,
      1.86,
      0.9,
      1.92,
      0.96
    ],
    "SoftwareVersions": "syngo_MR_E11",
    "SpacingBetweenSlices": 4.2,
    "StationName": "MRC35302",
    "TaskName": "BAS/BIS",
    "TotalReadoutTime": 0.0308698,
    "TxRefAmp": 247.262,
    "dataset": "ds003114",
    "modality": "bold",
    "subject_id": "141",
    "task_id": "rest"
  },
  "dummy_trs": 1,
  "dvars_nstd": 16.353640933025204,
  "dvars_std": 1.200653554243697,
  "dvars_vstd": 0.9969134981092442,
  "efc": 0.4584600988219525,
  "fber": 869.9306030273438,
  "fd_mean": 0.12169960383595246,
  "fd_num": 15,
  "fd_perc": 6.2761506276150625,
  "fwhm_avg": 2.393343515010487,
  "fwhm_x": 2.3549992727272726,
  "fwhm_y": 2.5465454545454547,
  "fwhm_z": 2.2784858177587335,
  "gcor": 0.029036,
  "gsr_x": -0.017227932810783386,
  "gsr_y": 0.03520871326327324,
  "provenance": {
    "md5sum": "c17f0b481cd063084407e2fa57d969c2",
    "settings": {
      "fd_thres": 0.2,
      "testing": false
    },
    "software": "mriqc",
    "version": "22.0.6",
    "webapi_port": null,
    "webapi_url": "https://mriqc.nimh.nih.gov/api/v1"
  },
  "size_t": 239,
  "size_x": 64,
  "size_y": 64,
  "size_z": 33,
  "snr": 3.7627554265510152,
  "spacing_tr": 2.0,
  "spacing_x": 3.4375,
  "spacing_y": 3.4375,
  "spacing_z": 4.199999809265137,
  "summary_bg_k": 43.86575860711977,
  "summary_bg_mad": 37.64110294455385,
  "summary_bg_mean": 43.21816635131836,
  "summary_bg_median": 27.279905319213867,
  "summary_bg_n": 90004.0,
  "summary_bg_p05": 0.002600883878767491,
  "summary_bg_p95": 167.15201797485332,
  "summary_bg_stdv": 73.43781280517578,
  "summary_fg_k": 0.49191172900901314,
  "summary_fg_mad": 208.28769451014057,
  "summary_fg_mean": 815.2588500976562,
  "summary_fg_median": 801.4169921875,
  "summary_fg_n": 17205.0,
  "summary_fg_p05": 498.94373779296876,
  "summary_fg_p95": 1191.1365234374998,
  "summary_fg_stdv": 212.9805450439453,
  "tsnr": 98.0401840209961
}