{
  "aor": 0.002217291666666667,
  "aqi": 0.004222203500000001,
  "bids_meta": {
    "AcquisitionMatrixPE": 64,
    "AcquisitionNumber": 1,
    "AcquisitionTime": "21:39:20.255000",
    "BandwidthPerPixelPhaseEncode": 31.888,
    "BaseResolution": 64,
    "BodyPartExamined": "HEAD",
    "ConsistencyInfo": "N4_VE11C_LATEST_20160120",
    "ConversionSoftware": "dcm2niix",
    "ConversionSoftwareVersion": "v1.0.20200331",
    "DerivedVendorReportedEchoSpacing": 0.000489996,
    "DeviceSerialNumber": "167027",
    "DwellTime": 3.3e-06,
    "EchoTime": 0.03,
    "EchoTrainLength": 64,
    "EffectiveEchoSpacing": 0.000489996,
    "FlipAngle": 90,
    "ImageOrientationPatientDICOM": [
      0.998702,
      0.0070892,
      0.0504408,
      -3.0984e-09,
      0.990268,
      -0.139177
    ],
    "ImageType": [
      "ORIGINAL",
      "PRIMARY",
      "M",
      "ND",
      "MOSAIC"
    ],
    "ImagingFrequency": 123.249,
    "InPlanePhaseEncodingDirectionDICOM": "COL",
    "InstitutionAddress": "ZHONG_SHAN_BEI_3663_SHANGHAI_District_CN_200062",
    "InstitutionName": "East_China_Normal_University",
    "InstitutionalDepartmentName": "Department",
    "MRAcquisitionType": "2D",
    "MagneticFieldStrength": 3,
    "Manufacturer": "Siemens",
    "ManufacturersModelName": "Prisma_fit",
    "Modality": "MR",
    "PartialFourier": 1,
    "PatientPosition": "HFS",
    "PercentPhaseFOV": 100,
    "PercentSampling": 100,
    "PhaseEncodingDirection": "j",
    "PhaseEncodingSteps": 64,
    "PhaseResolution": 1,
    "PixelBandwidth": 2365,
    "ProcedureStepDescription": "Yuqiurong_jiajia",
    "ProtocolName": "ABI1_bold_rest",
    "PulseSequenceDetails": "%SiemensSeq%_ep2d_bold",
    "ReceiveCoilActiveElements": "HE1-4",
    "ReceiveCoilName": "HeadNeck_20",
    "ReconMatrixPE": 64,
    "RepetitionTime": 2,
    "SAR": 0.118703,
    "ScanOptions": "FS",
    "ScanningSequence": "EP",
    "SequenceName": "_epfid2d1_64",
    "SequenceVariant": "SK",
    "SeriesDescription": "ABI1_bold_rest",
    "SeriesNumber": 5,
    "ShimSetting": [
      1017,
      1585,
      954,
      -64,
      -18,
      -207,
      -14,
      -77
    ],
    "SliceThickness": 3.5,
    "SliceTiming": [
      0,
      1.02,
      0.06,
      1.08,
      0.12,
      1.14,
      0.18,
      1.2,
      0.24,
      1.26,
      0.3,
      1.32,
      0.36,
      1.38,
      0.42,
      1.44,
      0.48,
      1.5,
      0.54,
      1.56,
      0.6,
      1.62,
      0.66,
      1.68,
      0.72,
      1.74,
      0.78,
      1.8,
      0.84,
      1.86,
      0.9,
      1.92,
      0.96
    ],
    "SoftwareVersions": "syngo_MR_E11",
    "SpacingBetweenSlices": 4.2,
    "StationName": "MRC35302",
    "TaskName": "BAS/BIS",
    "TotalReadoutTime": 0.0308698,
    "TxRefAmp": 274.822,
    "dataset": "ds003114",
    "modality": "bold",
    "subject_id": "243",
    "task_id": "rest"
  },
  "dummy_trs": 0,
  "dvars_nstd": 18.975968401087865,
  "dvars_std": 1.2243651081171554,
  "dvars_vstd": 0.9540718117991636,
  "efc": 0.47436208185605794,
  "fber": 867.7478637695312,
  "fd_mean": 0.10599369379384911,
  "fd_num": 11,
  "fd_perc": 4.583333333333333,
  "fwhm_avg": 2.693181026126611,
  "fwhm_x": 2.5693730909090906,
  "fwhm_y": 2.9263127272727276,
  "fwhm_z": 2.5838572601980148,
  "gcor": 0.0703295,
  "gsr_x": -0.018859971314668655,
  "gsr_y": 0.035688575357198715,
  "provenance": {
    "md5sum": "cca24880797a5c0ecef2e1f8e1bc65c8",
    "settings": {
      "fd_thres": 0.2,
      "testing": false
    },
    "software": "mriqc",
    "version": "22.0.6",
    "webapi_port": null,
    "webapi_url": "https://mriqc.nimh.nih.gov/api/v1"
  },
  "size_t": 240,
  "size_x": 64,
  "size_y": 64,
  "size_z": 33,
  "snr": 3.174479146417943,
  "spacing_tr": 2.0,
  "spacing_x": 3.4375,
  "spacing_y": 3.4375,
  "spacing_z": 4.199999809265137,
  "summary_bg_k": 116.14752272542377,
  "summary_bg_mad": 27.638424829456362,
  "summary_bg_mean": 46.92337417602539,
  "summary_bg_median": 28.096725463867188,
  "summary_bg_n": 86393.0,
  "summary_bg_p05": 0.0021139311604201796,
  "summary_bg_p95": 171.69928588867182,
  "summary_bg_stdv": 77.27751159667969,
  "summary_fg_k": 0.9807866138444585,
  "summary_fg_mad": 246.23820301892792,
  "summary_fg_mean": 854.3602905273438,
  "summary_fg_median": 823.4183349609375,
  "summary_fg_n": 19929.0,
  "summary_fg_p05": 499.94190673828126,
  "summary_fg_p95": 1332.4384521484371,
  "summary_fg_stdv": 259.3804016113281,
  "tsnr": 67.86295318603516
}