{
  "aor": 0.0008505020920502091,
  "aqi": 0.0026265637238493717,
  "bids_meta": {
    "AcquisitionMatrixPE": 64,
    "AcquisitionNumber": 1,
    "AcquisitionTime": "10:17:11.242500",
    "BandwidthPerPixelPhaseEncode": 31.888,
    "BaseResolution": 64,
    "BodyPartExamined": "HEAD",
    "CoilString": "HE1-4;NE1_2",
    "ConsistencyInfo": "N4_VE11C_LATEST_20160120",
    "ConversionSoftware": "dcm2niix",
    "ConversionSoftwareVersion": "v1.0.20200331",
    "DerivedVendorReportedEchoSpacing": 0.000489996,
    "DeviceSerialNumber": "167027",
    "DwellTime": 3.3e-06,
    "EchoTime": 0.03,
    "EchoTrainLength": 64,
    "EffectiveEchoSpacing": 0.000489996,
    "FlipAngle": 90,
    "ImageOrientationPatientDICOM": [
      0.99824,
      0,
      0.0593064,
      0,
      1,
      0
    ],
    "ImageType": [
      "ORIGINAL",
      "PRIMARY",
      "M",
      "ND",
      "MOSAIC"
    ],
    "ImagingFrequency": 123.249,
    "InPlanePhaseEncodingDirectionDICOM": "COL",
    "InstitutionAddress": "ZHONG_SHAN_BEI_3663_SHANGHAI_District_CN_200062",
    "InstitutionName": "East_China_Normal_University",
    "InstitutionalDepartmentName": "Department",
    "MRAcquisitionType": "2D",
    "MagneticFieldStrength": 3,
    "Manufacturer": "Siemens",
    "ManufacturersModelName": "Prisma_fit",
    "Modality": "MR",
    "PartialFourier": 1,
    "PatientPosition": "HFS",
    "PercentPhaseFOV": 100,
    "PercentSampling": 100,
    "PhaseEncodingDirection": "j",
    "PhaseEncodingSteps": 64,
    "PhaseResolution": 1,
    "PixelBandwidth": 2365,
    "ProcedureStepDescription": "Yuqiurong_jiajia",
    "ProtocolName": "ABI1_bold_rest",
    "PulseSequenceDetails": "%SiemensSeq%_ep2d_bold",
    "ReceiveCoilActiveElements": "HE1-4;NE1,2",
    "ReceiveCoilName": "HeadNeck_20",
    "ReconMatrixPE": 64,
    "RepetitionTime": 2,
    "SAR": 0.114347,
    "ScanOptions": "FS",
    "ScanningSequence": "EP",
    "SequenceName": "_epfid2d1_64",
    "SequenceVariant": "SK",
    "SeriesDescription": "ABI1_bold_rest",
    "SeriesNumber": 3,
    "ShimSetting": [
      992,
      1596,
      1439,
      356,
      -23,
      -273,
      -38,
      -58
    ],
    "SliceThickness": 3.5,
    "SliceTiming": [
      0,
      1.02,
      0.06,
      1.08,
      0.12,
      1.14,
      0.18,
      1.2,
      0.24,
      1.26,
      0.3,
      1.32,
      0.36,
      1.38,
      0.42,
      1.44,
      0.48,
      1.5,
      0.54,
      1.56,
      0.6,
      1.62,
      0.66,
      1.68,
      0.72,
      1.74,
      0.78,
      1.8,
      0.84,
      1.86,
      0.9,
      1.92,
      0.96
    ],
    "SoftwareVersions": "syngo_MR_E11",
    "SpacingBetweenSlices": 4.2,
    "StationName": "MRC35302",
    "TaskName": "BAS/BIS",
    "TotalReadoutTime": 0.0308698,
    "TxRefAmp": 251.688,
    "dataset": "ds003114",
    "modality": "bold",
    "subject_id": "225",
    "task_id": "rest"
  },
  "dummy_trs": 1,
  "dvars_nstd": 20.096101303823538,
  "dvars_std": 1.3317049727310928,
  "dvars_vstd": 0.9892381541176469,
  "efc": 0.4899372450193126,
  "fber": 732.10009765625,
  "fd_mean": 0.05617886827188918,
  "fd_num": 0,
  "fd_perc": 0.0,
  "fwhm_avg": 2.216225466583935,
  "fwhm_x": 2.156642909090909,
  "fwhm_y": 2.3622167272727275,
  "fwhm_z": 2.129816763388169,
  "gcor": 0.0382784,
  "gsr_x": -0.007416716311126947,
  "gsr_y": 0.02295542135834694,
  "provenance": {
    "md5sum": "c391c9b82a11257a2e6334a210761334",
    "settings": {
      "fd_thres": 0.2,
      "testing": false
    },
    "software": "mriqc",
    "version": "22.0.6",
    "webapi_port": null,
    "webapi_url": "https://mriqc.nimh.nih.gov/api/v1"
  },
  "size_t": 239,
  "size_x": 64,
  "size_y": 64,
  "size_z": 33,
  "snr": 3.79078235765345,
  "spacing_tr": 2.0,
  "spacing_x": 3.4375,
  "spacing_y": 3.4375,
  "spacing_z": 4.199999809265137,
  "summary_bg_k": 40.87919216878325,
  "summary_bg_mad": 15.149958248127009,
  "summary_bg_mean": 42.65460205078125,
  "summary_bg_median": 28.712112426757812,
  "summary_bg_n": 84618.0,
  "summary_bg_p05": 0.002700192178599537,
  "summary_bg_p95": 139.204787445068,
  "summary_bg_stdv": 62.18904113769531,
  "summary_fg_k": 0.3133956698419653,
  "summary_fg_mad": 200.74211431055016,
  "summary_fg_mean": 788.0662841796875,
  "summary_fg_median": 771.236328125,
  "summary_fg_n": 21107.0,
  "summary_fg_p05": 490.0959838867187,
  "summary_fg_p95": 1148.5863891601564,
  "summary_fg_stdv": 203.44561767578125,
  "tsnr": 89.61541748046875
}