{
  "aor": 0.001122375,
  "aqi": 0.006243628291666667,
  "bids_meta": {
    "AcquisitionMatrixPE": 64,
    "AcquisitionNumber": 1,
    "AcquisitionTime": "20:09:19.567500",
    "BandwidthPerPixelPhaseEncode": 31.888,
    "BaseResolution": 64,
    "BodyPartExamined": "HEAD",
    "ConsistencyInfo": "N4_VE11C_LATEST_20160120",
    "ConversionSoftware": "dcm2niix",
    "ConversionSoftwareVersion": "v1.0.20200331",
    "DerivedVendorReportedEchoSpacing": 0.000489996,
    "DeviceSerialNumber": "167027",
    "DwellTime": 3.3e-06,
    "EchoTime": 0.03,
    "EchoTrainLength": 64,
    "EffectiveEchoSpacing": 0.000489996,
    "FlipAngle": 90,
    "ImageOrientationPatientDICOM": [
      0.999977,
      0.000969686,
      0.00665022,
      -5.28378e-09,
      0.989536,
      -0.144286
    ],
    "ImageType": [
      "ORIGINAL",
      "PRIMARY",
      "M",
      "ND",
      "MOSAIC"
    ],
    "ImagingFrequency": 123.249,
    "InPlanePhaseEncodingDirectionDICOM": "COL",
    "InstitutionAddress": "ZHONG_SHAN_BEI_3663_SHANGHAI_District_CN_200062",
    "InstitutionName": "East_China_Normal_University",
    "InstitutionalDepartmentName": "Department",
    "MRAcquisitionType": "2D",
    "MagneticFieldStrength": 3,
    "Manufacturer": "Siemens",
    "ManufacturersModelName": "Prisma_fit",
    "Modality": "MR",
    "PartialFourier": 1,
    "PatientPosition": "HFS",
    "PercentPhaseFOV": 100,
    "PercentSampling": 100,
    "PhaseEncodingDirection": "j",
    "PhaseEncodingSteps": 64,
    "PhaseResolution": 1,
    "PixelBandwidth": 2365,
    "ProcedureStepDescription": "Yuqiurong_jiajia",
    "ProtocolName": "ABI1_bold_rest",
    "PulseSequenceDetails": "%SiemensSeq%_ep2d_bold",
    "ReceiveCoilActiveElements": "HE1-4",
    "ReceiveCoilName": "HeadNeck_20",
    "ReconMatrixPE": 64,
    "RepetitionTime": 2,
    "SAR": 0.0996624,
    "ScanOptions": "FS",
    "ScanningSequence": "EP",
    "SequenceName": "_epfid2d1_64",
    "SequenceVariant": "SK",
    "SeriesDescription": "ABI1_bold_rest",
    "SeriesNumber": 3,
    "ShimSetting": [
      977,
      1680,
      1259,
      410,
      90,
      54,
      -86,
      -26
    ],
    "SliceThickness": 3.5,
    "SliceTiming": [
      0,
      1.02,
      0.06,
      1.08,
      0.12,
      1.14,
      0.18,
      1.2,
      0.24,
      1.26,
      0.3,
      1.32,
      0.36,
      1.38,
      0.42,
      1.44,
      0.48,
      1.5,
      0.54,
      1.56,
      0.6,
      1.62,
      0.66,
      1.68,
      0.72,
      1.74,
      0.78,
      1.8,
      0.84,
      1.8575,
      0.9,
      1.9175,
      0.96
    ],
    "SoftwareVersions": "syngo_MR_E11",
    "SpacingBetweenSlices": 4.2,
    "StationName": "MRC35302",
    "TaskName": "BAS/BIS",
    "TotalReadoutTime": 0.0308698,
    "TxRefAmp": 246.12,
    "dataset": "ds003114",
    "modality": "bold",
    "subject_id": "226",
    "task_id": "rest"
  },
  "dummy_trs": 0,
  "dvars_nstd": 22.23072471380753,
  "dvars_std": 1.2004702673640169,
  "dvars_vstd": 0.9484551934309624,
  "efc": 0.47285487146189453,
  "fber": 997.7982177734375,
  "fd_mean": 0.14738519067041528,
  "fd_num": 52,
  "fd_perc": 21.666666666666668,
  "fwhm_avg": 2.5035111113293507,
  "fwhm_x": 2.5290210909090907,
  "fwhm_y": 2.679293090909091,
  "fwhm_z": 2.3022191521698705,
  "gcor": 0.0658155,
  "gsr_x": -0.0009445900213904679,
  "gsr_y": 0.027494847774505615,
  "provenance": {
    "md5sum": "ba00b1218ab6b3a87e1451879a0e18b3",
    "settings": {
      "fd_thres": 0.2,
      "testing": false
    },
    "software": "mriqc",
    "version": "22.0.6",
    "webapi_port": null,
    "webapi_url": "https://mriqc.nimh.nih.gov/api/v1"
  },
  "size_t": 240,
  "size_x": 64,
  "size_y": 64,
  "size_z": 33,
  "snr": 3.6737667577492967,
  "spacing_tr": 2.0,
  "spacing_x": 3.4375,
  "spacing_y": 3.4375,
  "spacing_z": 4.199999809265137,
  "summary_bg_k": 76.4195464659049,
  "summary_bg_mad": 17.505545569242404,
  "summary_bg_mean": 48.423095703125,
  "summary_bg_median": 27.467777252197266,
  "summary_bg_n": 87386.0,
  "summary_bg_p05": 0.03431073762476444,
  "summary_bg_p95": 180.98730850219727,
  "summary_bg_stdv": 79.27147674560547,
  "summary_fg_k": 0.5320091488213912,
  "summary_fg_mad": 220.49939056032503,
  "summary_fg_mean": 876.1897583007812,
  "summary_fg_median": 850.7741088867188,
  "summary_fg_n": 19162.0,
  "summary_fg_p05": 543.7286254882813,
  "summary_fg_p95": 1295.7251586914067,
  "summary_fg_stdv": 231.5748291015625,
  "tsnr": 63.55024337768555
}