{
  "aor": 0.0007640416666666667,
  "aqi": 0.0032434704999999998,
  "bids_meta": {
    "AcquisitionMatrixPE": 64,
    "AcquisitionNumber": 1,
    "AcquisitionTime": "08:29:10.945000",
    "BandwidthPerPixelPhaseEncode": 31.888,
    "BaseResolution": 64,
    "BodyPartExamined": "HEAD",
    "ConsistencyInfo": "N4_VE11C_LATEST_20160120",
    "ConversionSoftware": "dcm2niix",
    "ConversionSoftwareVersion": "v1.0.20200331",
    "DerivedVendorReportedEchoSpacing": 0.000489996,
    "DeviceSerialNumber": "167027",
    "DwellTime": 3.3e-06,
    "EchoTime": 0.03,
    "EchoTrainLength": 64,
    "EffectiveEchoSpacing": 0.000489996,
    "FlipAngle": 90,
    "ImageOrientationPatientDICOM": [
      0.999985,
      0.000572089,
      0.00536403,
      3.91083e-08,
      0.99436,
      -0.106059
    ],
    "ImageType": [
      "ORIGINAL",
      "PRIMARY",
      "M",
      "ND",
      "MOSAIC"
    ],
    "ImagingFrequency": 123.249,
    "InPlanePhaseEncodingDirectionDICOM": "COL",
    "InstitutionAddress": "ZHONG_SHAN_BEI_3663_SHANGHAI_District_CN_200062",
    "InstitutionName": "East_China_Normal_University",
    "InstitutionalDepartmentName": "Department",
    "MRAcquisitionType": "2D",
    "MagneticFieldStrength": 3,
    "Manufacturer": "Siemens",
    "ManufacturersModelName": "Prisma_fit",
    "Modality": "MR",
    "PartialFourier": 1,
    "PatientPosition": "HFS",
    "PercentPhaseFOV": 100,
    "PercentSampling": 100,
    "PhaseEncodingDirection": "j",
    "PhaseEncodingSteps": 64,
    "PhaseResolution": 1,
    "PixelBandwidth": 2365,
    "ProcedureStepDescription": "Yuqiurong_jiajia",
    "ProtocolName": "ABI1_bold_rest",
    "PulseSequenceDetails": "%SiemensSeq%_ep2d_bold",
    "ReceiveCoilActiveElements": "HE1-4",
    "ReceiveCoilName": "HeadNeck_20",
    "ReconMatrixPE": 64,
    "RepetitionTime": 2,
    "SAR": 0.117883,
    "ScanOptions": "FS",
    "ScanningSequence": "EP",
    "SequenceName": "_epfid2d1_64",
    "SequenceVariant": "SK",
    "SeriesDescription": "ABI1_bold_rest",
    "SeriesNumber": 3,
    "ShimSetting": [
      1013,
      1612,
      1288,
      317,
      -16,
      -193,
      -150,
      -38
    ],
    "SliceThickness": 3.5,
    "SliceTiming": [
      0,
      1.02,
      0.06,
      1.08,
      0.12,
      1.14,
      0.18,
      1.2,
      0.24,
      1.26,
      0.3,
      1.32,
      0.36,
      1.38,
      0.42,
      1.44,
      0.48,
      1.5,
      0.54,
      1.56,
      0.6,
      1.62,
      0.66,
      1.68,
      0.72,
      1.74,
      0.78,
      1.8,
      0.84,
      1.86,
      0.9,
      1.92,
      0.96
    ],
    "SoftwareVersions": "syngo_MR_E11",
    "SpacingBetweenSlices": 4.2,
    "StationName": "MRC35302",
    "TaskName": "BAS/BIS",
    "TotalReadoutTime": 0.0308698,
    "TxRefAmp": 251.555,
    "dataset": "ds003114",
    "modality": "bold",
    "subject_id": "118",
    "task_id": "rest"
  },
  "dummy_trs": 0,
  "dvars_nstd": 20.75677965857741,
  "dvars_std": 1.2869868565271965,
  "dvars_vstd": 0.9656539364853558,
  "efc": 0.48119834753534646,
  "fber": 865.087158203125,
  "fd_mean": 0.1188436755405247,
  "fd_num": 2,
  "fd_perc": 0.8333333333333334,
  "fwhm_avg": 2.426273968377273,
  "fwhm_x": 2.4266967272727276,
  "fwhm_y": 2.556177454545455,
  "fwhm_z": 2.295947723313637,
  "gcor": 0.0183133,
  "gsr_x": 0.0044739507138729095,
  "gsr_y": 0.021537931635975838,
  "provenance": {
    "md5sum": "88d98db7c96542a63871858b4046e959",
    "settings": {
      "fd_thres": 0.2,
      "testing": false
    },
    "software": "mriqc",
    "version": "22.0.6",
    "webapi_port": null,
    "webapi_url": "https://mriqc.nimh.nih.gov/api/v1"
  },
  "size_t": 240,
  "size_x": 64,
  "size_y": 64,
  "size_z": 33,
  "snr": 3.76322411159633,
  "spacing_tr": 2.0,
  "spacing_x": 3.4375,
  "spacing_y": 3.4375,
  "spacing_z": 4.199999809265137,
  "summary_bg_k": 33.7649101911983,
  "summary_bg_mad": 19.039178976016956,
  "summary_bg_mean": 49.33199691772461,
  "summary_bg_median": 26.855224609375,
  "summary_bg_n": 87630.0,
  "summary_bg_p05": 0.006276303878985344,
  "summary_bg_p95": 191.24399871826174,
  "summary_bg_stdv": 83.24700164794922,
  "summary_fg_k": 0.1714993097608919,
  "summary_fg_mad": 209.96322323803668,
  "summary_fg_mean": 801.1767578125,
  "summary_fg_median": 783.7152709960938,
  "summary_fg_n": 18527.0,
  "summary_fg_p05": 494.0013793945313,
  "summary_fg_p95": 1168.6622558593754,
  "summary_fg_stdv": 208.25071716308594,
  "tsnr": 87.4313735961914
}