{
  "aor": 0.004585271966527196,
  "aqi": 0.0029662729665271967,
  "bids_meta": {
    "AcquisitionMatrixPE": 64,
    "AcquisitionNumber": 1,
    "AcquisitionTime": "21:54:12.312500",
    "BandwidthPerPixelPhaseEncode": 31.888,
    "BaseResolution": 64,
    "BodyPartExamined": "HEAD",
    "CoilString": "HE1-4;NE1_2",
    "ConsistencyInfo": "N4_VE11C_LATEST_20160120",
    "ConversionSoftware": "dcm2niix",
    "ConversionSoftwareVersion": "v1.0.20200331",
    "DerivedVendorReportedEchoSpacing": 0.000489996,
    "DeviceSerialNumber": "167027",
    "DwellTime": 3.3e-06,
    "EchoTime": 0.03,
    "EchoTrainLength": 64,
    "EffectiveEchoSpacing": 0.000489996,
    "FlipAngle": 90,
    "ImageOrientationPatientDICOM": [
      0.997544,
      -0.00999521,
      -0.0693192,
      2.87236e-08,
      0.989764,
      -0.142715
    ],
    "ImageType": [
      "ORIGINAL",
      "PRIMARY",
      "M",
      "ND",
      "MOSAIC"
    ],
    "ImagingFrequency": 123.249,
    "InPlanePhaseEncodingDirectionDICOM": "COL",
    "InstitutionAddress": "ZHONG_SHAN_BEI_3663_SHANGHAI_District_CN_200062",
    "InstitutionName": "East_China_Normal_University",
    "InstitutionalDepartmentName": "Department",
    "MRAcquisitionType": "2D",
    "MagneticFieldStrength": 3,
    "Manufacturer": "Siemens",
    "ManufacturersModelName": "Prisma_fit",
    "Modality": "MR",
    "PartialFourier": 1,
    "PatientPosition": "HFS",
    "PercentPhaseFOV": 100,
    "PercentSampling": 100,
    "PhaseEncodingDirection": "j",
    "PhaseEncodingSteps": 64,
    "PhaseResolution": 1,
    "PixelBandwidth": 2365,
    "ProcedureStepDescription": "Yuqiurong_jiajia",
    "ProtocolName": "ABI1_bold_rest",
    "PulseSequenceDetails": "%SiemensSeq%_ep2d_bold",
    "ReceiveCoilActiveElements": "HE1-4;NE1,2",
    "ReceiveCoilName": "HeadNeck_20",
    "ReconMatrixPE": 64,
    "RepetitionTime": 2,
    "SAR": 0.112416,
    "ScanOptions": "FS",
    "ScanningSequence": "EP",
    "SequenceName": "_epfid2d1_64",
    "SequenceVariant": "SK",
    "SeriesDescription": "ABI1_bold_rest",
    "SeriesNumber": 3,
    "ShimSetting": [
      915,
      1597,
      1436,
      413,
      -108,
      -194,
      -133,
      98
    ],
    "SliceThickness": 3.5,
    "SliceTiming": [
      0,
      1.02,
      0.06,
      1.08,
      0.12,
      1.14,
      0.18,
      1.2,
      0.24,
      1.26,
      0.3,
      1.32,
      0.36,
      1.38,
      0.42,
      1.44,
      0.48,
      1.5,
      0.54,
      1.56,
      0.6,
      1.62,
      0.66,
      1.68,
      0.72,
      1.74,
      0.78,
      1.8,
      0.84,
      1.86,
      0.9,
      1.92,
      0.96
    ],
    "SoftwareVersions": "syngo_MR_E11",
    "SpacingBetweenSlices": 4.2,
    "StationName": "MRC35302",
    "TaskName": "BAS/BIS",
    "TotalReadoutTime": 0.0308698,
    "TxRefAmp": 246.624,
    "dataset": "ds003114",
    "modality": "bold",
    "subject_id": "124",
    "task_id": "rest"
  },
  "dummy_trs": 1,
  "dvars_nstd": 18.584776569789906,
  "dvars_std": 1.2653806694117646,
  "dvars_vstd": 1.0122653407983186,
  "efc": 0.5032783193689625,
  "fber": 800.4246215820312,
  "fd_mean": 0.08983219491262934,
  "fd_num": 11,
  "fd_perc": 4.602510460251046,
  "fwhm_avg": 2.597874028884539,
  "fwhm_x": 2.5966050909090908,
  "fwhm_y": 2.716945454545454,
  "fwhm_z": 2.480071541199073,
  "gcor": 0.0258785,
  "gsr_x": -0.002072733361274004,
  "gsr_y": 0.023944981396198273,
  "provenance": {
    "md5sum": "0c61afec544ec0329d6caac255270e3c",
    "settings": {
      "fd_thres": 0.2,
      "testing": false
    },
    "software": "mriqc",
    "version": "22.0.6",
    "webapi_port": null,
    "webapi_url": "https://mriqc.nimh.nih.gov/api/v1"
  },
  "size_t": 239,
  "size_x": 64,
  "size_y": 64,
  "size_z": 33,
  "snr": 3.260123348470026,
  "spacing_tr": 2.0,
  "spacing_x": 3.4375,
  "spacing_y": 3.4375,
  "spacing_z": 4.199999809265137,
  "summary_bg_k": 122.56835390468105,
  "summary_bg_mad": 16.004170739447684,
  "summary_bg_mean": 48.99101257324219,
  "summary_bg_median": 30.788576126098633,
  "summary_bg_n": 80775.0,
  "summary_bg_p05": 0.0033940908964723362,
  "summary_bg_p95": 164.10936737060553,
  "summary_bg_stdv": 80.50225830078125,
  "summary_fg_k": 1.0822721208760928,
  "summary_fg_mad": 249.4665548711866,
  "summary_fg_mean": 885.8550415039062,
  "summary_fg_median": 853.81640625,
  "summary_fg_n": 24283.0,
  "summary_fg_p05": 528.2327758789063,
  "summary_fg_p95": 1363.7741210937497,
  "summary_fg_stdv": 261.8915710449219,
  "tsnr": 79.72029876708984
}