{
  "aor": 0.000498375,
  "aqi": 0.00343259675,
  "bids_meta": {
    "AcquisitionMatrixPE": 64,
    "AcquisitionNumber": 1,
    "AcquisitionTime": "11:38:2.207500",
    "BandwidthPerPixelPhaseEncode": 31.888,
    "BaseResolution": 64,
    "BodyPartExamined": "HEAD",
    "ConsistencyInfo": "N4_VE11C_LATEST_20160120",
    "ConversionSoftware": "dcm2niix",
    "ConversionSoftwareVersion": "v1.0.20200331",
    "DerivedVendorReportedEchoSpacing": 0.000489996,
    "DeviceSerialNumber": "167027",
    "DwellTime": 3.3e-06,
    "EchoTime": 0.03,
    "EchoTrainLength": 64,
    "EffectiveEchoSpacing": 0.000489996,
    "FlipAngle": 90,
    "ImageOrientationPatientDICOM": [
      0.999601,
      0.00123234,
      0.0282329,
      4.65719e-08,
      0.999049,
      -0.0436092
    ],
    "ImageType": [
      "ORIGINAL",
      "PRIMARY",
      "M",
      "ND",
      "MOSAIC"
    ],
    "ImagingFrequency": 123.249,
    "InPlanePhaseEncodingDirectionDICOM": "COL",
    "InstitutionAddress": "ZHONG_SHAN_BEI_3663_SHANGHAI_District_CN_200062",
    "InstitutionName": "East_China_Normal_University",
    "InstitutionalDepartmentName": "Department",
    "MRAcquisitionType": "2D",
    "MagneticFieldStrength": 3,
    "Manufacturer": "Siemens",
    "ManufacturersModelName": "Prisma_fit",
    "Modality": "MR",
    "PartialFourier": 1,
    "PatientPosition": "HFS",
    "PercentPhaseFOV": 100,
    "PercentSampling": 100,
    "PhaseEncodingDirection": "j",
    "PhaseEncodingSteps": 64,
    "PhaseResolution": 1,
    "PixelBandwidth": 2365,
    "ProcedureStepDescription": "Yuqiurong_jiajia",
    "ProtocolName": "ABI1_bold_rest",
    "PulseSequenceDetails": "%SiemensSeq%_ep2d_bold",
    "ReceiveCoilActiveElements": "HE1-4",
    "ReceiveCoilName": "HeadNeck_20",
    "ReconMatrixPE": 64,
    "RepetitionTime": 2,
    "SAR": 0.114965,
    "ScanOptions": "FS",
    "ScanningSequence": "EP",
    "SequenceName": "_epfid2d1_64",
    "SequenceVariant": "SK",
    "SeriesDescription": "ABI1_bold_rest",
    "SeriesNumber": 3,
    "ShimSetting": [
      987,
      1739,
      1296,
      443,
      -61,
      102,
      -7,
      25
    ],
    "SliceThickness": 3.5,
    "SliceTiming": [
      0,
      1.02,
      0.06,
      1.08,
      0.12,
      1.14,
      0.18,
      1.2,
      0.24,
      1.26,
      0.3,
      1.32,
      0.36,
      1.38,
      0.42,
      1.44,
      0.48,
      1.5,
      0.54,
      1.56,
      0.6,
      1.62,
      0.66,
      1.68,
      0.72,
      1.74,
      0.78,
      1.8,
      0.84,
      1.86,
      0.9,
      1.92,
      0.96
    ],
    "SoftwareVersions": "syngo_MR_E11",
    "SpacingBetweenSlices": 4.2,
    "StationName": "MRC35302",
    "TaskName": "BAS/BIS",
    "TotalReadoutTime": 0.0308698,
    "TxRefAmp": 245.581,
    "dataset": "ds003114",
    "modality": "bold",
    "subject_id": "119",
    "task_id": "rest"
  },
  "dummy_trs": 0,
  "dvars_nstd": 19.877297577029285,
  "dvars_std": 1.2188285029707122,
  "dvars_vstd": 0.9688850097907955,
  "efc": 0.4737269344589277,
  "fber": 985.120849609375,
  "fd_mean": 0.09509849326840952,
  "fd_num": 0,
  "fd_perc": 0.0,
  "fwhm_avg": 2.4028073708388686,
  "fwhm_x": 2.3462400000000003,
  "fwhm_y": 2.5752058181818183,
  "fwhm_z": 2.286976294334788,
  "gcor": 0.0244971,
  "gsr_x": -0.011535202153027058,
  "gsr_y": 0.02287529967725277,
  "provenance": {
    "md5sum": "520c1b3d02c7ee495318e4806f9e669a",
    "settings": {
      "fd_thres": 0.2,
      "testing": false
    },
    "software": "mriqc",
    "version": "22.0.6",
    "webapi_port": null,
    "webapi_url": "https://mriqc.nimh.nih.gov/api/v1"
  },
  "size_t": 240,
  "size_x": 64,
  "size_y": 64,
  "size_z": 33,
  "snr": 3.6335802186135626,
  "spacing_tr": 2.0,
  "spacing_x": 3.4375,
  "spacing_y": 3.4375,
  "spacing_z": 4.199999809265137,
  "summary_bg_k": 65.6924113157668,
  "summary_bg_mad": 25.230935345563157,
  "summary_bg_mean": 40.0991325378418,
  "summary_bg_median": 25.103214263916016,
  "summary_bg_n": 86184.0,
  "summary_bg_p05": 0.0008468004438327626,
  "summary_bg_p95": 154.11600646972622,
  "summary_bg_stdv": 68.81179809570312,
  "summary_fg_k": 0.22981880074848915,
  "summary_fg_mad": 212.15939111779875,
  "summary_fg_mean": 802.4652099609375,
  "summary_fg_median": 780.7432250976562,
  "summary_fg_n": 20212.0,
  "summary_fg_p05": 491.35222778320315,
  "summary_fg_p95": 1189.9772033691406,
  "summary_fg_stdv": 214.86354064941406,
  "tsnr": 84.99585723876953
}