{
  "aor": 0.0006351260504201681,
  "aqi": 0.0017667427352941177,
  "bids_meta": {
    "AcquisitionMatrixPE": 64,
    "AcquisitionNumber": 1,
    "AcquisitionTime": "14:13:29.455000",
    "BandwidthPerPixelPhaseEncode": 31.888,
    "BaseResolution": 64,
    "BodyPartExamined": "HEAD",
    "ConsistencyInfo": "N4_VE11C_LATEST_20160120",
    "ConversionSoftware": "dcm2niix",
    "ConversionSoftwareVersion": "v1.0.20200331",
    "DerivedVendorReportedEchoSpacing": 0.000489996,
    "DeviceSerialNumber": "167027",
    "DwellTime": 3.3e-06,
    "EchoTime": 0.03,
    "EchoTrainLength": 64,
    "EffectiveEchoSpacing": 0.000489996,
    "FlipAngle": 90,
    "ImageOrientationPatientDICOM": [
      0.999666,
      -0.000810595,
      0.025813,
      -2.58932e-08,
      0.999507,
      0.0313881
    ],
    "ImageType": [
      "ORIGINAL",
      "PRIMARY",
      "M",
      "ND",
      "MOSAIC"
    ],
    "ImagingFrequency": 123.249,
    "InPlanePhaseEncodingDirectionDICOM": "COL",
    "InstitutionAddress": "ZHONG_SHAN_BEI_3663_SHANGHAI_District_CN_200062",
    "InstitutionName": "East_China_Normal_University",
    "InstitutionalDepartmentName": "Department",
    "MRAcquisitionType": "2D",
    "MagneticFieldStrength": 3,
    "Manufacturer": "Siemens",
    "ManufacturersModelName": "Prisma_fit",
    "Modality": "MR",
    "PartialFourier": 1,
    "PatientPosition": "HFS",
    "PercentPhaseFOV": 100,
    "PercentSampling": 100,
    "PhaseEncodingDirection": "j",
    "PhaseEncodingSteps": 64,
    "PhaseResolution": 1,
    "PixelBandwidth": 2365,
    "ProcedureStepDescription": "Yuqiurong_jiajia",
    "ProtocolName": "ABI1_bold_rest",
    "PulseSequenceDetails": "%SiemensSeq%_ep2d_bold",
    "ReceiveCoilActiveElements": "HE1-4",
    "ReceiveCoilName": "HeadNeck_20",
    "ReconMatrixPE": 64,
    "RepetitionTime": 2,
    "SAR": 0.109276,
    "ScanOptions": "FS",
    "ScanningSequence": "EP",
    "SequenceName": "_epfid2d1_64",
    "SequenceVariant": "SK",
    "SeriesDescription": "ABI1_bold_rest",
    "SeriesNumber": 3,
    "ShimSetting": [
      974,
      1644,
      1285,
      302,
      -18,
      13,
      0,
      -9
    ],
    "SliceThickness": 3.5,
    "SliceTiming": [
      0,
      1.02,
      0.06,
      1.08,
      0.12,
      1.14,
      0.18,
      1.2,
      0.24,
      1.26,
      0.3,
      1.32,
      0.36,
      1.38,
      0.42,
      1.44,
      0.48,
      1.5,
      0.54,
      1.56,
      0.6,
      1.62,
      0.66,
      1.68,
      0.72,
      1.74,
      0.78,
      1.8,
      0.84,
      1.86,
      0.9,
      1.92,
      0.96
    ],
    "SoftwareVersions": "syngo_MR_E11",
    "SpacingBetweenSlices": 4.2,
    "StationName": "MRC35302",
    "TaskName": "BAS/BIS",
    "TotalReadoutTime": 0.0308698,
    "TxRefAmp": 246.518,
    "dataset": "ds003114",
    "modality": "bold",
    "subject_id": "216",
    "task_id": "rest"
  },
  "dummy_trs": 2,
  "dvars_nstd": 16.087385105189874,
  "dvars_std": 1.2625008621518985,
  "dvars_vstd": 0.9928150480590723,
  "efc": 0.5162381928648657,
  "fber": 777.256591796875,
  "fd_mean": 0.07500961834791399,
  "fd_num": 0,
  "fd_perc": 0.0,
  "fwhm_avg": 2.52081820097619,
  "fwhm_x": 2.4796538181818177,
  "fwhm_y": 2.6219200000000003,
  "fwhm_z": 2.460880784746752,
  "gcor": 0.0172205,
  "gsr_x": 0.008073166012763977,
  "gsr_y": 0.02515058033168316,
  "provenance": {
    "md5sum": "99dcc209b1440114fc96c1cbabf2fb73",
    "settings": {
      "fd_thres": 0.2,
      "testing": false
    },
    "software": "mriqc",
    "version": "22.0.6",
    "webapi_port": null,
    "webapi_url": "https://mriqc.nimh.nih.gov/api/v1"
  },
  "size_t": 238,
  "size_x": 64,
  "size_y": 64,
  "size_z": 33,
  "snr": 3.353078026862426,
  "spacing_tr": 2.0,
  "spacing_x": 3.4375,
  "spacing_y": 3.4375,
  "spacing_z": 4.200000286102295,
  "summary_bg_k": 133.63291960896552,
  "summary_bg_mad": 11.925767561419596,
  "summary_bg_mean": 51.21509552001953,
  "summary_bg_median": 29.646841049194336,
  "summary_bg_n": 79815.0,
  "summary_bg_p05": 0.031349996849894535,
  "summary_bg_p95": 156.52958068847656,
  "summary_bg_stdv": 91.46643829345703,
  "summary_fg_k": 0.5539679618758311,
  "summary_fg_mad": 236.73729635831035,
  "summary_fg_mean": 834.631103515625,
  "summary_fg_median": 810.8575439453125,
  "summary_fg_n": 25200.0,
  "summary_fg_p05": 482.6880111694336,
  "summary_fg_p95": 1261.3136108398437,
  "summary_fg_stdv": 241.82003784179688,
  "tsnr": 104.66633605957031
}