{
  "aor": 0.000630125,
  "aqi": 0.00414950375,
  "bids_meta": {
    "AcquisitionMatrixPE": 64,
    "AcquisitionNumber": 1,
    "AcquisitionTime": "21:02:52.375000",
    "BandwidthPerPixelPhaseEncode": 31.888,
    "BaseResolution": 64,
    "BodyPartExamined": "HEAD",
    "ConsistencyInfo": "N4_VE11C_LATEST_20160120",
    "ConversionSoftware": "dcm2niix",
    "ConversionSoftwareVersion": "v1.0.20200331",
    "DerivedVendorReportedEchoSpacing": 0.000489996,
    "DeviceSerialNumber": "167027",
    "DwellTime": 3.3e-06,
    "EchoTime": 0.03,
    "EchoTrainLength": 64,
    "EffectiveEchoSpacing": 0.000489996,
    "FlipAngle": 90,
    "ImageOrientationPatientDICOM": [
      0.999194,
      0.00328945,
      0.0400153,
      2.96012e-08,
      0.996638,
      -0.0819291
    ],
    "ImageType": [
      "ORIGINAL",
      "PRIMARY",
      "M",
      "ND",
      "MOSAIC"
    ],
    "ImagingFrequency": 123.249,
    "InPlanePhaseEncodingDirectionDICOM": "COL",
    "InstitutionAddress": "ZHONG_SHAN_BEI_3663_SHANGHAI_District_CN_200062",
    "InstitutionName": "East_China_Normal_University",
    "InstitutionalDepartmentName": "Department",
    "MRAcquisitionType": "2D",
    "MagneticFieldStrength": 3,
    "Manufacturer": "Siemens",
    "ManufacturersModelName": "Prisma_fit",
    "Modality": "MR",
    "PartialFourier": 1,
    "PatientPosition": "HFS",
    "PercentPhaseFOV": 100,
    "PercentSampling": 100,
    "PhaseEncodingDirection": "j",
    "PhaseEncodingSteps": 64,
    "PhaseResolution": 1,
    "PixelBandwidth": 2365,
    "ProcedureStepDescription": "Yuqiurong_jiajia",
    "ProtocolName": "ABI1_bold_rest",
    "PulseSequenceDetails": "%SiemensSeq%_ep2d_bold",
    "ReceiveCoilActiveElements": "HE1-4",
    "ReceiveCoilName": "HeadNeck_20",
    "ReconMatrixPE": 64,
    "RepetitionTime": 2,
    "SAR": 0.132557,
    "ScanOptions": "FS",
    "ScanningSequence": "EP",
    "SequenceName": "_epfid2d1_64",
    "SequenceVariant": "SK",
    "SeriesDescription": "ABI1_bold_rest",
    "SeriesNumber": 3,
    "ShimSetting": [
      995,
      1641,
      1430,
      470,
      -32,
      -97,
      103,
      -5
    ],
    "SliceThickness": 3.5,
    "SliceTiming": [
      0,
      1.02,
      0.06,
      1.08,
      0.12,
      1.14,
      0.18,
      1.2,
      0.24,
      1.26,
      0.3,
      1.32,
      0.36,
      1.38,
      0.42,
      1.4375,
      0.48,
      1.4975,
      0.54,
      1.5575,
      0.6,
      1.6175,
      0.66,
      1.6775,
      0.72,
      1.7375,
      0.78,
      1.7975,
      0.84,
      1.8575,
      0.9,
      1.9175,
      0.96
    ],
    "SoftwareVersions": "syngo_MR_E11",
    "SpacingBetweenSlices": 4.2,
    "StationName": "MRC35302",
    "TaskName": "BAS/BIS",
    "TotalReadoutTime": 0.0308698,
    "TxRefAmp": 250.925,
    "dataset": "ds003114",
    "modality": "bold",
    "subject_id": "123",
    "task_id": "rest"
  },
  "dummy_trs": 0,
  "dvars_nstd": 23.122452915648537,
  "dvars_std": 1.2396729038912135,
  "dvars_vstd": 0.9672813684100421,
  "efc": 0.4795187480202098,
  "fber": 969.8536987304688,
  "fd_mean": 0.13133091902789373,
  "fd_num": 31,
  "fd_perc": 12.916666666666666,
  "fwhm_avg": 2.5885835694248827,
  "fwhm_x": 2.541728,
  "fwhm_y": 2.7844276363636364,
  "fwhm_z": 2.439595071911012,
  "gcor": 0.0912834,
  "gsr_x": -0.028116043657064438,
  "gsr_y": 0.04923313856124878,
  "provenance": {
    "md5sum": "767b2d054c9c5f3ae78529107c6b68d2",
    "settings": {
      "fd_thres": 0.2,
      "testing": false
    },
    "software": "mriqc",
    "version": "22.0.6",
    "webapi_port": null,
    "webapi_url": "https://mriqc.nimh.nih.gov/api/v1"
  },
  "size_t": 240,
  "size_x": 64,
  "size_y": 64,
  "size_z": 33,
  "snr": 3.358191886657883,
  "spacing_tr": 2.0,
  "spacing_x": 3.4375,
  "spacing_y": 3.4375,
  "spacing_z": 4.200000286102295,
  "summary_bg_k": 78.60240031455308,
  "summary_bg_mad": 37.33882424235266,
  "summary_bg_mean": 45.12489318847656,
  "summary_bg_median": 26.118785858154297,
  "summary_bg_n": 85231.0,
  "summary_bg_p05": 0.001135538041125983,
  "summary_bg_p95": 173.71793365478516,
  "summary_bg_stdv": 80.31951141357422,
  "summary_fg_k": 0.32760055177190894,
  "summary_fg_mad": 244.81754179276652,
  "summary_fg_mean": 835.3994750976562,
  "summary_fg_median": 809.0723876953125,
  "summary_fg_n": 20944.0,
  "summary_fg_p05": 492.3765594482422,
  "summary_fg_p95": 1265.0195190429688,
  "summary_fg_stdv": 240.91925048828125,
  "tsnr": 79.07606506347656
}