{
  "aor": 0.0015074058577405857,
  "aqi": 0.0017227163179916317,
  "bids_meta": {
    "AcquisitionMatrixPE": 64,
    "AcquisitionNumber": 1,
    "AcquisitionTime": "14:18:17.510000",
    "BandwidthPerPixelPhaseEncode": 31.888,
    "BaseResolution": 64,
    "BodyPartExamined": "HEAD",
    "ConsistencyInfo": "N4_VE11C_LATEST_20160120",
    "ConversionSoftware": "dcm2niix",
    "ConversionSoftwareVersion": "v1.0.20200331",
    "DerivedVendorReportedEchoSpacing": 0.000489996,
    "DeviceSerialNumber": "167027",
    "DwellTime": 3.3e-06,
    "EchoTime": 0.03,
    "EchoTrainLength": 64,
    "EffectiveEchoSpacing": 0.000489996,
    "FlipAngle": 90,
    "ImageOrientationPatientDICOM": [
      0.999998,
      -1.82013e-07,
      -0.0020268,
      -1.34254e-08,
      1,
      -9.64268e-05
    ],
    "ImageType": [
      "ORIGINAL",
      "PRIMARY",
      "M",
      "ND",
      "MOSAIC"
    ],
    "ImagingFrequency": 123.249,
    "InPlanePhaseEncodingDirectionDICOM": "COL",
    "InstitutionAddress": "ZHONG_SHAN_BEI_3663_SHANGHAI_District_CN_200062",
    "InstitutionName": "EAST_CHINA_NORMAL_UNIVERSITY",
    "InstitutionalDepartmentName": "Department",
    "MRAcquisitionType": "2D",
    "MagneticFieldStrength": 3,
    "Manufacturer": "Siemens",
    "ManufacturersModelName": "Prisma_fit",
    "Modality": "MR",
    "PartialFourier": 1,
    "PatientPosition": "HFS",
    "PercentPhaseFOV": 100,
    "PercentSampling": 100,
    "PhaseEncodingDirection": "j",
    "PhaseEncodingSteps": 64,
    "PhaseResolution": 1,
    "PixelBandwidth": 2365,
    "ProcedureStepDescription": "Yuqiurong_jiajia",
    "ProtocolName": "ABI1_bold_rest",
    "PulseSequenceDetails": "%SiemensSeq%_ep2d_bold",
    "ReceiveCoilActiveElements": "HE1-4",
    "ReceiveCoilName": "HeadNeck_20",
    "ReconMatrixPE": 64,
    "RepetitionTime": 2,
    "SAR": 0.135642,
    "ScanOptions": "FS",
    "ScanningSequence": "EP",
    "SequenceName": "_epfid2d1_64",
    "SequenceVariant": "SK",
    "SeriesDescription": "ABI1_bold_rest",
    "SeriesNumber": 3,
    "ShimSetting": [
      983,
      1571,
      1403,
      394,
      6,
      -258,
      115,
      21
    ],
    "SliceThickness": 3.5,
    "SliceTiming": [
      0,
      1.02,
      0.06,
      1.08,
      0.12,
      1.14,
      0.18,
      1.2,
      0.24,
      1.26,
      0.3,
      1.32,
      0.36,
      1.38,
      0.42,
      1.44,
      0.48,
      1.5,
      0.54,
      1.56,
      0.6,
      1.62,
      0.66,
      1.68,
      0.72,
      1.74,
      0.78,
      1.8,
      0.84,
      1.86,
      0.9,
      1.92,
      0.96
    ],
    "SoftwareVersions": "syngo_MR_E11",
    "SpacingBetweenSlices": 4.2,
    "StationName": "MRC35302",
    "TaskName": "BAS/BIS",
    "TotalReadoutTime": 0.0308698,
    "TxRefAmp": 251.13,
    "dataset": "ds003114",
    "modality": "bold",
    "subject_id": "236",
    "task_id": "rest"
  },
  "dummy_trs": 1,
  "dvars_nstd": 22.90520575067227,
  "dvars_std": 1.493186830588236,
  "dvars_vstd": 1.0062690363865545,
  "efc": 0.49143327007435833,
  "fber": 961.5048828125,
  "fd_mean": 0.05658729869006464,
  "fd_num": 2,
  "fd_perc": 0.8368200836820083,
  "fwhm_avg": 2.675022757693742,
  "fwhm_x": 2.674149818181818,
  "fwhm_y": 2.769346909090909,
  "fwhm_z": 2.5815715458084987,
  "gcor": 0.0221041,
  "gsr_x": 0.000955167633946985,
  "gsr_y": 0.016107935458421707,
  "provenance": {
    "md5sum": "cba00a012111aabbb541bdd831f172d7",
    "settings": {
      "fd_thres": 0.2,
      "testing": false
    },
    "software": "mriqc",
    "version": "22.0.6",
    "webapi_port": null,
    "webapi_url": "https://mriqc.nimh.nih.gov/api/v1"
  },
  "size_t": 239,
  "size_x": 64,
  "size_y": 64,
  "size_z": 33,
  "snr": 3.3904630375919167,
  "spacing_tr": 2.0,
  "spacing_x": 3.4375,
  "spacing_y": 3.4375,
  "spacing_z": 4.199999809265137,
  "summary_bg_k": 48.51673972077602,
  "summary_bg_mad": 15.476986553488373,
  "summary_bg_mean": 45.44014358520508,
  "summary_bg_median": 28.07891845703125,
  "summary_bg_n": 83034.0,
  "summary_bg_p05": 0.0038527897791937,
  "summary_bg_p95": 162.87297286987294,
  "summary_bg_stdv": 71.09431457519531,
  "summary_fg_k": 0.514510584637379,
  "summary_fg_mad": 244.08705434105224,
  "summary_fg_mean": 882.3944702148438,
  "summary_fg_median": 854.1098022460938,
  "summary_fg_n": 22512.0,
  "summary_fg_p05": 522.203076171875,
  "summary_fg_p95": 1334.020709228516,
  "summary_fg_stdv": 251.9097900390625,
  "tsnr": 110.15187072753906
}