{
  "aor": 0.0017754201680672268,
  "aqi": 0.0019077938697478992,
  "bids_meta": {
    "AcquisitionMatrixPE": 64,
    "AcquisitionNumber": 1,
    "AcquisitionTime": "19:55:9.767500",
    "BandwidthPerPixelPhaseEncode": 31.888,
    "BaseResolution": 64,
    "BodyPartExamined": "HEAD",
    "ConsistencyInfo": "N4_VE11C_LATEST_20160120",
    "ConversionSoftware": "dcm2niix",
    "ConversionSoftwareVersion": "v1.0.20200331",
    "DerivedVendorReportedEchoSpacing": 0.000489996,
    "DeviceSerialNumber": "167027",
    "DwellTime": 3.3e-06,
    "EchoTime": 0.03,
    "EchoTrainLength": 64,
    "EffectiveEchoSpacing": 0.000489996,
    "FlipAngle": 90,
    "ImageOrientationPatientDICOM": [
      0.999355,
      -0.00942644,
      -0.0346499,
      -2.08899e-08,
      0.96493,
      -0.262508
    ],
    "ImageType": [
      "ORIGINAL",
      "PRIMARY",
      "M",
      "ND",
      "MOSAIC"
    ],
    "ImagingFrequency": 123.249,
    "InPlanePhaseEncodingDirectionDICOM": "COL",
    "InstitutionAddress": "ZHONG_SHAN_BEI_3663_SHANGHAI_District_CN_200062",
    "InstitutionName": "East_China_Normal_University",
    "InstitutionalDepartmentName": "Department",
    "MRAcquisitionType": "2D",
    "MagneticFieldStrength": 3,
    "Manufacturer": "Siemens",
    "ManufacturersModelName": "Prisma_fit",
    "Modality": "MR",
    "PartialFourier": 1,
    "PatientPosition": "HFS",
    "PercentPhaseFOV": 100,
    "PercentSampling": 100,
    "PhaseEncodingDirection": "j",
    "PhaseEncodingSteps": 64,
    "PhaseResolution": 1,
    "PixelBandwidth": 2365,
    "ProcedureStepDescription": "Yuqiurong_jiajia",
    "ProtocolName": "ABI1_bold_rest",
    "PulseSequenceDetails": "%SiemensSeq%_ep2d_bold",
    "ReceiveCoilActiveElements": "HE1-4",
    "ReceiveCoilName": "HeadNeck_20",
    "ReconMatrixPE": 64,
    "RepetitionTime": 2,
    "SAR": 0.0986328,
    "ScanOptions": "FS",
    "ScanningSequence": "EP",
    "SequenceName": "_epfid2d1_64",
    "SequenceVariant": "SK",
    "SeriesDescription": "ABI1_bold_rest",
    "SeriesNumber": 3,
    "ShimSetting": [
      967,
      1645,
      1412,
      567,
      -88,
      -104,
      -110,
      47
    ],
    "SliceThickness": 3.5,
    "SliceTiming": [
      0,
      1.02,
      0.06,
      1.08,
      0.12,
      1.14,
      0.18,
      1.2,
      0.24,
      1.26,
      0.3,
      1.32,
      0.36,
      1.38,
      0.42,
      1.44,
      0.48,
      1.5,
      0.54,
      1.56,
      0.6,
      1.62,
      0.66,
      1.68,
      0.72,
      1.74,
      0.78,
      1.8,
      0.84,
      1.86,
      0.9,
      1.92,
      0.96
    ],
    "SoftwareVersions": "syngo_MR_E11",
    "SpacingBetweenSlices": 4.2,
    "StationName": "MRC35302",
    "TaskName": "BAS/BIS",
    "TotalReadoutTime": 0.0308698,
    "TxRefAmp": 250.601,
    "dataset": "ds003114",
    "modality": "bold",
    "subject_id": "128",
    "task_id": "rest"
  },
  "dummy_trs": 2,
  "dvars_nstd": 14.504203333628684,
  "dvars_std": 1.1787987977637122,
  "dvars_vstd": 1.0126748359915614,
  "efc": 0.4560831018439934,
  "fber": 1119.142333984375,
  "fd_mean": 0.09929316419110741,
  "fd_num": 3,
  "fd_perc": 1.2605042016806722,
  "fwhm_avg": 2.6440947496139597,
  "fwhm_x": 2.663057454545455,
  "fwhm_y": 2.840107636363636,
  "fwhm_z": 2.429119157932788,
  "gcor": 0.0346229,
  "gsr_x": -0.01592884212732315,
  "gsr_y": 0.03739221394062042,
  "provenance": {
    "md5sum": "1c068478b6041d052ddc321b00e3c8a5",
    "settings": {
      "fd_thres": 0.2,
      "testing": false
    },
    "software": "mriqc",
    "version": "22.0.6",
    "webapi_port": null,
    "webapi_url": "https://mriqc.nimh.nih.gov/api/v1"
  },
  "size_t": 238,
  "size_x": 64,
  "size_y": 64,
  "size_z": 33,
  "snr": 3.258393082679686,
  "spacing_tr": 2.0,
  "spacing_x": 3.4375,
  "spacing_y": 3.4375,
  "spacing_z": 4.199999809265137,
  "summary_bg_k": 74.31679446782971,
  "summary_bg_mad": 28.188428264763797,
  "summary_bg_mean": 49.54696273803711,
  "summary_bg_median": 28.128646850585938,
  "summary_bg_n": 88573.0,
  "summary_bg_p05": 0.0013522764435037972,
  "summary_bg_p95": 185.79427795410118,
  "summary_bg_stdv": 82.51172637939453,
  "summary_fg_k": 1.1294049220556515,
  "summary_fg_mad": 267.8394567288833,
  "summary_fg_mean": 969.263671875,
  "summary_fg_median": 934.5137939453125,
  "summary_fg_n": 17911.0,
  "summary_fg_p05": 570.5714721679688,
  "summary_fg_p95": 1488.6205444335938,
  "summary_fg_stdv": 286.7940368652344,
  "tsnr": 96.00589752197266
}