{
  "aor": 0.0009630962343096236,
  "aqi": 0.004184901966527196,
  "bids_meta": {
    "AcquisitionMatrixPE": 64,
    "AcquisitionNumber": 1,
    "AcquisitionTime": "16:06:10.610000",
    "BandwidthPerPixelPhaseEncode": 31.888,
    "BaseResolution": 64,
    "BodyPartExamined": "HEAD",
    "ConsistencyInfo": "N4_VE11C_LATEST_20160120",
    "ConversionSoftware": "dcm2niix",
    "ConversionSoftwareVersion": "v1.0.20200331",
    "DerivedVendorReportedEchoSpacing": 0.000489996,
    "DeviceSerialNumber": "167027",
    "DwellTime": 3.3e-06,
    "EchoTime": 0.03,
    "EchoTrainLength": 64,
    "EffectiveEchoSpacing": 0.000489996,
    "FlipAngle": 90,
    "ImageOrientationPatientDICOM": [
      0.998277,
      0.00777311,
      -0.0581561,
      2.89191e-08,
      0.991185,
      0.132482
    ],
    "ImageType": [
      "ORIGINAL",
      "PRIMARY",
      "M",
      "ND",
      "MOSAIC"
    ],
    "ImagingFrequency": 123.249,
    "InPlanePhaseEncodingDirectionDICOM": "COL",
    "InstitutionAddress": "ZHONG_SHAN_BEI_3663_SHANGHAI_District_CN_200062",
    "InstitutionName": "EAST_CHINA_NORMAL_UNIVERSITY",
    "InstitutionalDepartmentName": "Department",
    "MRAcquisitionType": "2D",
    "MagneticFieldStrength": 3,
    "Manufacturer": "Siemens",
    "ManufacturersModelName": "Prisma_fit",
    "Modality": "MR",
    "PartialFourier": 1,
    "PatientPosition": "HFS",
    "PercentPhaseFOV": 100,
    "PercentSampling": 100,
    "PhaseEncodingDirection": "j",
    "PhaseEncodingSteps": 64,
    "PhaseResolution": 1,
    "PixelBandwidth": 2365,
    "ProcedureStepDescription": "Yuqiurong_jiajia",
    "ProtocolName": "ABI1_bold_rest",
    "PulseSequenceDetails": "%SiemensSeq%_ep2d_bold",
    "ReceiveCoilActiveElements": "HE1-4",
    "ReceiveCoilName": "HeadNeck_20",
    "ReconMatrixPE": 64,
    "RepetitionTime": 2,
    "SAR": 0.109603,
    "ScanOptions": "FS",
    "ScanningSequence": "EP",
    "SequenceName": "_epfid2d1_64",
    "SequenceVariant": "SK",
    "SeriesDescription": "ABI1_bold_rest",
    "SeriesNumber": 3,
    "ShimSetting": [
      938,
      1620,
      1339,
      516,
      -315,
      -370,
      -587,
      43
    ],
    "SliceThickness": 3.5,
    "SliceTiming": [
      0,
      1.02,
      0.06,
      1.08,
      0.12,
      1.14,
      0.18,
      1.2,
      0.24,
      1.26,
      0.3,
      1.32,
      0.36,
      1.38,
      0.42,
      1.44,
      0.48,
      1.5,
      0.54,
      1.56,
      0.6,
      1.62,
      0.66,
      1.68,
      0.72,
      1.74,
      0.78,
      1.8,
      0.84,
      1.86,
      0.9,
      1.92,
      0.96
    ],
    "SoftwareVersions": "syngo_MR_E11",
    "SpacingBetweenSlices": 4.2,
    "StationName": "MRC35302",
    "TaskName": "BAS/BIS",
    "TotalReadoutTime": 0.0308698,
    "TxRefAmp": 248.088,
    "dataset": "ds003114",
    "modality": "bold",
    "subject_id": "238",
    "task_id": "rest"
  },
  "dummy_trs": 1,
  "dvars_nstd": 25.589694123529405,
  "dvars_std": 1.1803347673109248,
  "dvars_vstd": 0.9509150299159663,
  "efc": 0.3878548096398552,
  "fber": 10389625.0,
  "fd_mean": 0.2297478903201866,
  "fd_num": 124,
  "fd_perc": 51.88284518828452,
  "fwhm_avg": 2.830145413635274,
  "fwhm_x": 2.813111272727273,
  "fwhm_y": 3.041658181818182,
  "fwhm_z": 2.635666786360368,
  "gcor": 0.039941,
  "gsr_x": -0.008409420028328896,
  "gsr_y": 0.0068777478300035,
  "provenance": {
    "md5sum": "e4f4956012d0dafacd1fe7dee9ce652d",
    "settings": {
      "fd_thres": 0.2,
      "testing": false
    },
    "software": "mriqc",
    "version": "22.0.6",
    "webapi_port": null,
    "webapi_url": "https://mriqc.nimh.nih.gov/api/v1"
  },
  "size_t": 239,
  "size_x": 64,
  "size_y": 64,
  "size_z": 33,
  "snr": 3.2925154105666126,
  "spacing_tr": 2.0,
  "spacing_x": 3.4375,
  "spacing_y": 3.4375,
  "spacing_z": 4.199999809265137,
  "summary_bg_k": 31.111107102712076,
  "summary_bg_mad": 0.438158940021182,
  "summary_bg_mean": 21.75668716430664,
  "summary_bg_median": 0.29580163955688477,
  "summary_bg_n": 91678.0,
  "summary_bg_p05": 0.0003863896636175923,
  "summary_bg_p95": 101.05089797973628,
  "summary_bg_stdv": 48.447872161865234,
  "summary_fg_k": 0.048350408478174955,
  "summary_fg_mad": 246.3341233284748,
  "summary_fg_mean": 845.955322265625,
  "summary_fg_median": 814.179443359375,
  "summary_fg_n": 16566.0,
  "summary_fg_p05": 506.64109802246094,
  "summary_fg_p95": 1311.1592407226562,
  "summary_fg_stdv": 247.27442932128906,
  "tsnr": 63.88160705566406
}