{
  "aor": 0.030463125,
  "aqi": 0.013221187791666667,
  "bids_meta": {
    "AcquisitionMatrixPE": 64,
    "AcquisitionNumber": 1,
    "AcquisitionTime": "16:15:40.597500",
    "BandwidthPerPixelPhaseEncode": 31.888,
    "BaseResolution": 64,
    "BodyPartExamined": "HEAD",
    "ConsistencyInfo": "N4_VE11C_LATEST_20160120",
    "ConversionSoftware": "dcm2niix",
    "ConversionSoftwareVersion": "v1.0.20200331",
    "DerivedVendorReportedEchoSpacing": 0.000489996,
    "DeviceSerialNumber": "167027",
    "DwellTime": 3.3e-06,
    "EchoTime": 0.03,
    "EchoTrainLength": 64,
    "EffectiveEchoSpacing": 0.000489996,
    "FlipAngle": 90,
    "ImageOrientationPatientDICOM": [
      0.999992,
      -0.00049927,
      0.00395152,
      -5.94748e-08,
      0.99211,
      0.125367
    ],
    "ImageType": [
      "ORIGINAL",
      "PRIMARY",
      "M",
      "ND",
      "MOSAIC"
    ],
    "ImagingFrequency": 123.249,
    "InPlanePhaseEncodingDirectionDICOM": "COL",
    "InstitutionAddress": "ZHONG_SHAN_BEI_3663_SHANGHAI_District_CN_200062",
    "InstitutionName": "East_China_Normal_University",
    "InstitutionalDepartmentName": "Department",
    "MRAcquisitionType": "2D",
    "MagneticFieldStrength": 3,
    "Manufacturer": "Siemens",
    "ManufacturersModelName": "Prisma_fit",
    "Modality": "MR",
    "PartialFourier": 1,
    "PatientPosition": "HFS",
    "PercentPhaseFOV": 100,
    "PercentSampling": 100,
    "PhaseEncodingDirection": "j",
    "PhaseEncodingSteps": 64,
    "PhaseResolution": 1,
    "PixelBandwidth": 2365,
    "ProcedureStepDescription": "Yuqiurong_jiajia",
    "ProtocolName": "ABI1_bold_rest",
    "PulseSequenceDetails": "%SiemensSeq%_ep2d_bold",
    "ReceiveCoilActiveElements": "HE1-4",
    "ReceiveCoilName": "HeadNeck_20",
    "ReconMatrixPE": 64,
    "RepetitionTime": 2,
    "SAR": 0.122813,
    "ScanOptions": "FS",
    "ScanningSequence": "EP",
    "SequenceName": "_epfid2d1_64",
    "SequenceVariant": "SK",
    "SeriesDescription": "ABI1_bold_rest",
    "SeriesNumber": 3,
    "ShimSetting": [
      941,
      1535,
      1339,
      498,
      -96,
      -205,
      -78,
      -55
    ],
    "SliceThickness": 3.5,
    "SliceTiming": [
      0,
      1.02,
      0.06,
      1.08,
      0.12,
      1.14,
      0.18,
      1.2,
      0.24,
      1.26,
      0.3,
      1.32,
      0.36,
      1.38,
      0.42,
      1.44,
      0.48,
      1.5,
      0.54,
      1.56,
      0.6,
      1.62,
      0.66,
      1.68,
      0.72,
      1.74,
      0.78,
      1.8,
      0.84,
      1.86,
      0.9,
      1.92,
      0.96
    ],
    "SoftwareVersions": "syngo_MR_E11",
    "SpacingBetweenSlices": 4.2,
    "StationName": "MRC35302",
    "TaskName": "BAS/BIS",
    "TotalReadoutTime": 0.0308698,
    "TxRefAmp": 254.432,
    "dataset": "ds003114",
    "modality": "bold",
    "subject_id": "135",
    "task_id": "rest"
  },
  "dummy_trs": 0,
  "dvars_nstd": 20.309808962217584,
  "dvars_std": 0.9944987973640169,
  "dvars_vstd": 0.8738464343514649,
  "efc": 0.4805402111749042,
  "fber": 1019.7083740234375,
  "fd_mean": 0.16000237397824696,
  "fd_num": 32,
  "fd_perc": 13.333333333333334,
  "fwhm_avg": 2.3680211424416897,
  "fwhm_x": 2.3457076363636364,
  "fwhm_y": 2.4979985454545455,
  "fwhm_z": 2.260357245506888,
  "gcor": 0.0330162,
  "gsr_x": 0.006103466730564833,
  "gsr_y": 0.02551843971014023,
  "provenance": {
    "md5sum": "140130a603d52d096a1bd36fff168cdc",
    "settings": {
      "fd_thres": 0.2,
      "testing": false
    },
    "software": "mriqc",
    "version": "22.0.6",
    "webapi_port": null,
    "webapi_url": "https://mriqc.nimh.nih.gov/api/v1"
  },
  "size_t": 240,
  "size_x": 64,
  "size_y": 64,
  "size_z": 33,
  "snr": 3.7948990844522714,
  "spacing_tr": 2.0,
  "spacing_x": 3.4375,
  "spacing_y": 3.4375,
  "spacing_z": 4.199999809265137,
  "summary_bg_k": 47.316019091381804,
  "summary_bg_mad": 19.464672646308216,
  "summary_bg_mean": 43.18901443481445,
  "summary_bg_median": 25.554615020751953,
  "summary_bg_n": 85768.0,
  "summary_bg_p05": 0.04017524402588606,
  "summary_bg_p95": 152.50452423095697,
  "summary_bg_stdv": 71.30422973632812,
  "summary_fg_k": 0.7713557842016852,
  "summary_fg_mad": 200.47430661611247,
  "summary_fg_mean": 821.5144653320312,
  "summary_fg_median": 802.2271728515625,
  "summary_fg_n": 20308.0,
  "summary_fg_p05": 505.5213317871094,
  "summary_fg_p95": 1201.1722595214844,
  "summary_fg_stdv": 211.39097595214844,
  "tsnr": 45.734256744384766
}