{
  "aor": 0.029711974789915965,
  "aqi": 0.010122909369747897,
  "bids_meta": {
    "AcquisitionMatrixPE": 64,
    "AcquisitionNumber": 1,
    "AcquisitionTime": "09:20:58.572500",
    "BandwidthPerPixelPhaseEncode": 31.888,
    "BaseResolution": 64,
    "BodyPartExamined": "HEAD",
    "ConsistencyInfo": "N4_VE11C_LATEST_20160120",
    "ConversionSoftware": "dcm2niix",
    "ConversionSoftwareVersion": "v1.0.20200331",
    "DerivedVendorReportedEchoSpacing": 0.000489996,
    "DeviceSerialNumber": "167027",
    "DwellTime": 3.3e-06,
    "EchoTime": 0.03,
    "EchoTrainLength": 64,
    "EffectiveEchoSpacing": 0.000489996,
    "FlipAngle": 90,
    "ImageOrientationPatientDICOM": [
      0.999696,
      -0.00257701,
      -0.0245117,
      -1.26731e-08,
      0.994519,
      -0.104558
    ],
    "ImageType": [
      "ORIGINAL",
      "PRIMARY",
      "M",
      "ND",
      "MOSAIC"
    ],
    "ImagingFrequency": 123.249,
    "InPlanePhaseEncodingDirectionDICOM": "COL",
    "InstitutionAddress": "ZHONG_SHAN_BEI_3663_SHANGHAI_District_CN_200062",
    "InstitutionName": "East_China_Normal_University",
    "InstitutionalDepartmentName": "Department",
    "MRAcquisitionType": "2D",
    "MagneticFieldStrength": 3,
    "Manufacturer": "Siemens",
    "ManufacturersModelName": "Prisma_fit",
    "Modality": "MR",
    "PartialFourier": 1,
    "PatientPosition": "HFS",
    "PercentPhaseFOV": 100,
    "PercentSampling": 100,
    "PhaseEncodingDirection": "j",
    "PhaseEncodingSteps": 64,
    "PhaseResolution": 1,
    "PixelBandwidth": 2365,
    "ProcedureStepDescription": "Yuqiurong_jiajia",
    "ProtocolName": "ABI1_bold_rest",
    "PulseSequenceDetails": "%SiemensSeq%_ep2d_bold",
    "ReceiveCoilActiveElements": "HE1-4",
    "ReceiveCoilName": "HeadNeck_20",
    "ReconMatrixPE": 64,
    "RepetitionTime": 2,
    "SAR": 0.117142,
    "ScanOptions": "FS",
    "ScanningSequence": "EP",
    "SequenceName": "_epfid2d1_64",
    "SequenceVariant": "SK",
    "SeriesDescription": "ABI1_bold_rest",
    "SeriesNumber": 3,
    "ShimSetting": [
      989,
      1618,
      1292,
      294,
      -9,
      -77,
      24,
      -15
    ],
    "SliceThickness": 3.5,
    "SliceTiming": [
      0,
      1.02,
      0.06,
      1.08,
      0.12,
      1.14,
      0.18,
      1.2,
      0.24,
      1.26,
      0.3,
      1.32,
      0.36,
      1.38,
      0.42,
      1.44,
      0.48,
      1.5,
      0.54,
      1.56,
      0.6,
      1.62,
      0.66,
      1.68,
      0.72,
      1.74,
      0.78,
      1.8,
      0.84,
      1.86,
      0.9,
      1.92,
      0.96
    ],
    "SoftwareVersions": "syngo_MR_E11",
    "SpacingBetweenSlices": 4.2,
    "StationName": "MRC35302",
    "TaskName": "BAS/BIS",
    "TotalReadoutTime": 0.0308698,
    "TxRefAmp": 247.55,
    "dataset": "ds003114",
    "modality": "bold",
    "subject_id": "224",
    "task_id": "rest"
  },
  "dummy_trs": 2,
  "dvars_nstd": 19.72208567118143,
  "dvars_std": 0.9863783983544304,
  "dvars_vstd": 0.9103311926582278,
  "efc": 0.4927160429856243,
  "fber": 738.8668212890625,
  "fd_mean": 0.15286072923923655,
  "fd_num": 31,
  "fd_perc": 13.025210084033613,
  "fwhm_avg": 2.62288778888424,
  "fwhm_x": 2.6069149090909094,
  "fwhm_y": 2.812200727272727,
  "fwhm_z": 2.449547730289084,
  "gcor": 0.0543556,
  "gsr_x": -0.011994872242212296,
  "gsr_y": 0.035769958049058914,
  "provenance": {
    "md5sum": "c6ce379340a8e32379f8589d6895708e",
    "settings": {
      "fd_thres": 0.2,
      "testing": false
    },
    "software": "mriqc",
    "version": "22.0.6",
    "webapi_port": null,
    "webapi_url": "https://mriqc.nimh.nih.gov/api/v1"
  },
  "size_t": 238,
  "size_x": 64,
  "size_y": 64,
  "size_z": 33,
  "snr": 2.973644563127484,
  "spacing_tr": 2.0,
  "spacing_x": 3.4375,
  "spacing_y": 3.4375,
  "spacing_z": 4.199999809265137,
  "summary_bg_k": 74.08428409425699,
  "summary_bg_mad": 18.241868267382078,
  "summary_bg_mean": 59.762752532958984,
  "summary_bg_median": 31.675661087036133,
  "summary_bg_n": 85070.0,
  "summary_bg_p05": 0.0302084426395595,
  "summary_bg_p95": 226.3434814453125,
  "summary_bg_stdv": 99.72921752929688,
  "summary_fg_k": 2.294016684528753,
  "summary_fg_mad": 246.77644264268716,
  "summary_fg_mean": 886.1033325195312,
  "summary_fg_median": 840.0213012695312,
  "summary_fg_n": 20831.0,
  "summary_fg_p05": 509.5793762207031,
  "summary_fg_p95": 1402.8880615234375,
  "summary_fg_stdv": 282.4820251464844,
  "tsnr": 42.61775207519531
}