{
  "aor": 0.0017815899581589956,
  "aqi": 0.0022954496108786608,
  "bids_meta": {
    "AcquisitionMatrixPE": 64,
    "AcquisitionNumber": 1,
    "AcquisitionTime": "15:13:21.955000",
    "BandwidthPerPixelPhaseEncode": 31.888,
    "BaseResolution": 64,
    "BodyPartExamined": "HEAD",
    "ConsistencyInfo": "N4_VE11C_LATEST_20160120",
    "ConversionSoftware": "dcm2niix",
    "ConversionSoftwareVersion": "v1.0.20200331",
    "DerivedVendorReportedEchoSpacing": 0.000489996,
    "DeviceSerialNumber": "167027",
    "DwellTime": 3.3e-06,
    "EchoTime": 0.03,
    "EchoTrainLength": 64,
    "EffectiveEchoSpacing": 0.000489996,
    "FlipAngle": 90,
    "ImageOrientationPatientDICOM": [
      0.997683,
      0.0032493,
      0.0679605,
      6.19624e-08,
      0.998859,
      -0.047758
    ],
    "ImageType": [
      "ORIGINAL",
      "PRIMARY",
      "M",
      "ND",
      "MOSAIC"
    ],
    "ImagingFrequency": 123.249,
    "InPlanePhaseEncodingDirectionDICOM": "COL",
    "InstitutionAddress": "ZHONG_SHAN_BEI_3663_SHANGHAI_District_CN_200062",
    "InstitutionName": "EAST_CHINA_NORMAL_UNIVERSITY",
    "InstitutionalDepartmentName": "Department",
    "MRAcquisitionType": "2D",
    "MagneticFieldStrength": 3,
    "Manufacturer": "Siemens",
    "ManufacturersModelName": "Prisma_fit",
    "Modality": "MR",
    "PartialFourier": 1,
    "PatientPosition": "HFS",
    "PercentPhaseFOV": 100,
    "PercentSampling": 100,
    "PhaseEncodingDirection": "j",
    "PhaseEncodingSteps": 64,
    "PhaseResolution": 1,
    "PixelBandwidth": 2365,
    "ProcedureStepDescription": "Yuqiurong_jiajia",
    "ProtocolName": "ABI1_bold_rest",
    "PulseSequenceDetails": "%SiemensSeq%_ep2d_bold",
    "ReceiveCoilActiveElements": "HE1-4",
    "ReceiveCoilName": "HeadNeck_20",
    "ReconMatrixPE": 64,
    "RepetitionTime": 2,
    "SAR": 0.104259,
    "ScanOptions": "FS",
    "ScanningSequence": "EP",
    "SequenceName": "_epfid2d1_64",
    "SequenceVariant": "SK",
    "SeriesDescription": "ABI1_bold_rest",
    "SeriesNumber": 3,
    "ShimSetting": [
      1033,
      1659,
      1369,
      512,
      -43,
      -51,
      77,
      2
    ],
    "SliceThickness": 3.5,
    "SliceTiming": [
      0,
      1.02,
      0.06,
      1.08,
      0.12,
      1.14,
      0.18,
      1.2,
      0.24,
      1.26,
      0.3,
      1.32,
      0.36,
      1.38,
      0.42,
      1.44,
      0.48,
      1.5,
      0.54,
      1.56,
      0.6,
      1.62,
      0.66,
      1.68,
      0.72,
      1.74,
      0.78,
      1.8,
      0.84,
      1.86,
      0.9,
      1.92,
      0.96
    ],
    "SoftwareVersions": "syngo_MR_E11",
    "SpacingBetweenSlices": 4.2,
    "StationName": "MRC35302",
    "TaskName": "BAS/BIS",
    "TotalReadoutTime": 0.0308698,
    "TxRefAmp": 257.764,
    "dataset": "ds003114",
    "modality": "bold",
    "subject_id": "237",
    "task_id": "rest"
  },
  "dummy_trs": 1,
  "dvars_nstd": 14.808998331974795,
  "dvars_std": 1.1566086250420171,
  "dvars_vstd": 0.9946827401260503,
  "efc": 0.45526086700338114,
  "fber": 1106.301513671875,
  "fd_mean": 0.11050175708239576,
  "fd_num": 8,
  "fd_perc": 3.3472803347280333,
  "fwhm_avg": 2.6357224101223733,
  "fwhm_x": 2.529570909090909,
  "fwhm_y": 2.878667636363636,
  "fwhm_z": 2.4989286849125762,
  "gcor": 0.0461932,
  "gsr_x": -0.016343221068382263,
  "gsr_y": 0.03600829094648361,
  "provenance": {
    "md5sum": "a5f37e01c266a9f343b32dd2c5a016a6",
    "settings": {
      "fd_thres": 0.2,
      "testing": false
    },
    "software": "mriqc",
    "version": "22.0.6",
    "webapi_port": null,
    "webapi_url": "https://mriqc.nimh.nih.gov/api/v1"
  },
  "size_t": 239,
  "size_x": 64,
  "size_y": 64,
  "size_z": 33,
  "snr": 3.1163511213031434,
  "spacing_tr": 2.0,
  "spacing_x": 3.4375,
  "spacing_y": 3.4375,
  "spacing_z": 4.199999809265137,
  "summary_bg_k": 112.48742897907135,
  "summary_bg_mad": 32.08832125822656,
  "summary_bg_mean": 42.93656539916992,
  "summary_bg_median": 26.439903259277344,
  "summary_bg_n": 87306.0,
  "summary_bg_p05": 0.0025325039750896394,
  "summary_bg_p95": 149.15394973754883,
  "summary_bg_stdv": 82.08271789550781,
  "summary_fg_k": 1.583949256438114,
  "summary_fg_mad": 260.57684144245616,
  "summary_fg_mean": 910.2177734375,
  "summary_fg_median": 876.1949462890625,
  "summary_fg_n": 18927.0,
  "summary_fg_p05": 526.2122314453125,
  "summary_fg_p95": 1415.6094116210938,
  "summary_fg_stdv": 281.1531066894531,
  "tsnr": 84.694580078125
}