{
  "aor": 0.00069175,
  "aqi": 0.006207184166666668,
  "bids_meta": {
    "AcquisitionMatrixPE": 64,
    "AcquisitionNumber": 1,
    "AcquisitionTime": "19:14:35.340000",
    "BandwidthPerPixelPhaseEncode": 31.888,
    "BaseResolution": 64,
    "BodyPartExamined": "HEAD",
    "CoilString": "HE1-4;NE1_2",
    "ConsistencyInfo": "N4_VE11C_LATEST_20160120",
    "ConversionSoftware": "dcm2niix",
    "ConversionSoftwareVersion": "v1.0.20200331",
    "DerivedVendorReportedEchoSpacing": 0.000489996,
    "DeviceSerialNumber": "167027",
    "DwellTime": 3.3e-06,
    "EchoTime": 0.03,
    "EchoTrainLength": 64,
    "EffectiveEchoSpacing": 0.000489996,
    "FlipAngle": 90,
    "ImageOrientationPatientDICOM": [
      0.999989,
      -2.57642e-05,
      0.00475167,
      2.95324e-08,
      0.999985,
      0.00541584
    ],
    "ImageType": [
      "ORIGINAL",
      "PRIMARY",
      "M",
      "ND",
      "MOSAIC"
    ],
    "ImagingFrequency": 123.249,
    "InPlanePhaseEncodingDirectionDICOM": "COL",
    "InstitutionAddress": "ZHONG_SHAN_BEI_3663_SHANGHAI_District_CN_200062",
    "InstitutionName": "East_China_Normal_University",
    "InstitutionalDepartmentName": "Department",
    "MRAcquisitionType": "2D",
    "MagneticFieldStrength": 3,
    "Manufacturer": "Siemens",
    "ManufacturersModelName": "Prisma_fit",
    "Modality": "MR",
    "PartialFourier": 1,
    "PatientPosition": "HFS",
    "PercentPhaseFOV": 100,
    "PercentSampling": 100,
    "PhaseEncodingDirection": "j",
    "PhaseEncodingSteps": 64,
    "PhaseResolution": 1,
    "PixelBandwidth": 2365,
    "ProcedureStepDescription": "Yuqiurong_jiajia",
    "ProtocolName": "ABI1_bold_rest",
    "PulseSequenceDetails": "%SiemensSeq%_ep2d_bold",
    "ReceiveCoilActiveElements": "HE1-4;NE1,2",
    "ReceiveCoilName": "HeadNeck_20",
    "ReconMatrixPE": 64,
    "RepetitionTime": 2,
    "SAR": 0.122515,
    "ScanOptions": "FS",
    "ScanningSequence": "EP",
    "SequenceName": "_epfid2d1_64",
    "SequenceVariant": "SK",
    "SeriesDescription": "ABI1_bold_rest",
    "SeriesNumber": 3,
    "ShimSetting": [
      1016,
      1601,
      1398,
      335,
      10,
      -378,
      -36,
      -78
    ],
    "SliceThickness": 3.5,
    "SliceTiming": [
      0,
      1.02,
      0.06,
      1.08,
      0.12,
      1.14,
      0.18,
      1.2,
      0.24,
      1.26,
      0.3,
      1.32,
      0.36,
      1.38,
      0.42,
      1.44,
      0.48,
      1.5,
      0.54,
      1.56,
      0.6,
      1.62,
      0.66,
      1.6775,
      0.72,
      1.7375,
      0.78,
      1.7975,
      0.84,
      1.8575,
      0.9,
      1.9175,
      0.96
    ],
    "SoftwareVersions": "syngo_MR_E11",
    "SpacingBetweenSlices": 4.2,
    "StationName": "MRC35302",
    "TaskName": "BAS/BIS",
    "TotalReadoutTime": 0.0308698,
    "TxRefAmp": 252.008,
    "dataset": "ds003114",
    "modality": "bold",
    "subject_id": "244",
    "task_id": "rest"
  },
  "dummy_trs": 0,
  "dvars_nstd": 20.365171919372383,
  "dvars_std": 1.1371665837238498,
  "dvars_vstd": 0.9074710708368205,
  "efc": 0.4916708039593382,
  "fber": 694.7237548828125,
  "fd_mean": 0.11550454269105573,
  "fd_num": 17,
  "fd_perc": 7.083333333333333,
  "fwhm_avg": 2.2512405526701174,
  "fwhm_x": 2.1780276363636366,
  "fwhm_y": 2.3831796363636366,
  "fwhm_z": 2.192514385283079,
  "gcor": 0.0119511,
  "gsr_x": 0.005138908512890339,
  "gsr_y": 0.018958641216158867,
  "provenance": {
    "md5sum": "4b073fd75311a16a277f583b970b961a",
    "settings": {
      "fd_thres": 0.2,
      "testing": false
    },
    "software": "mriqc",
    "version": "22.0.6",
    "webapi_port": null,
    "webapi_url": "https://mriqc.nimh.nih.gov/api/v1"
  },
  "size_t": 240,
  "size_x": 64,
  "size_y": 64,
  "size_z": 33,
  "snr": 4.01267186771832,
  "spacing_tr": 2.0,
  "spacing_x": 3.4375,
  "spacing_y": 3.4375,
  "spacing_z": 4.199999809265137,
  "summary_bg_k": 89.53473475212655,
  "summary_bg_mad": 15.047977878929224,
  "summary_bg_mean": 42.603755950927734,
  "summary_bg_median": 28.406864166259766,
  "summary_bg_n": 85396.0,
  "summary_bg_p05": 0.004883149988017976,
  "summary_bg_p95": 134.94812774658203,
  "summary_bg_stdv": 64.0538101196289,
  "summary_fg_k": -0.030335772123573967,
  "summary_fg_mad": 185.93446176968092,
  "summary_fg_mean": 762.0094604492188,
  "summary_fg_median": 748.203125,
  "summary_fg_n": 20304.0,
  "summary_fg_p05": 483.3620895385742,
  "summary_fg_p95": 1093.5575378417966,
  "summary_fg_stdv": 186.4554901123047,
  "tsnr": 68.42393493652344
}