{
  "aor": 0.00125225,
  "aqi": 0.00355878525,
  "bids_meta": {
    "AcquisitionMatrixPE": 64,
    "AcquisitionNumber": 1,
    "AcquisitionTime": "16:11:34.622500",
    "BandwidthPerPixelPhaseEncode": 31.888,
    "BaseResolution": 64,
    "BodyPartExamined": "HEAD",
    "CoilString": "HE1-4;NE1_2",
    "ConsistencyInfo": "N4_VE11C_LATEST_20160120",
    "ConversionSoftware": "dcm2niix",
    "ConversionSoftwareVersion": "v1.0.20200331",
    "DerivedVendorReportedEchoSpacing": 0.000489996,
    "DeviceSerialNumber": "167027",
    "DwellTime": 3.3e-06,
    "EchoTime": 0.03,
    "EchoTrainLength": 64,
    "EffectiveEchoSpacing": 0.000489996,
    "FlipAngle": 90,
    "ImageOrientationPatientDICOM": [
      0.999959,
      0.00141351,
      0.00893544,
      6.52237e-08,
      0.987717,
      -0.156256
    ],
    "ImageType": [
      "ORIGINAL",
      "PRIMARY",
      "M",
      "ND",
      "MOSAIC"
    ],
    "ImagingFrequency": 123.249,
    "InPlanePhaseEncodingDirectionDICOM": "COL",
    "InstitutionAddress": "ZHONG_SHAN_BEI_3663_SHANGHAI_District_CN_200062",
    "InstitutionName": "East_China_Normal_University",
    "InstitutionalDepartmentName": "Department",
    "MRAcquisitionType": "2D",
    "MagneticFieldStrength": 3,
    "Manufacturer": "Siemens",
    "ManufacturersModelName": "Prisma_fit",
    "Modality": "MR",
    "PartialFourier": 1,
    "PatientPosition": "HFS",
    "PercentPhaseFOV": 100,
    "PercentSampling": 100,
    "PhaseEncodingDirection": "j",
    "PhaseEncodingSteps": 64,
    "PhaseResolution": 1,
    "PixelBandwidth": 2365,
    "ProcedureStepDescription": "Yuqiurong_jiajia",
    "ProtocolName": "ABI1_bold_rest",
    "PulseSequenceDetails": "%SiemensSeq%_ep2d_bold",
    "ReceiveCoilActiveElements": "HE1-4;NE1,2",
    "ReceiveCoilName": "HeadNeck_20",
    "ReconMatrixPE": 64,
    "RepetitionTime": 2,
    "SAR": 0.104233,
    "ScanOptions": "FS",
    "ScanningSequence": "EP",
    "SequenceName": "_epfid2d1_64",
    "SequenceVariant": "SK",
    "SeriesDescription": "ABI1_bold_rest",
    "SeriesNumber": 3,
    "ShimSetting": [
      996,
      1599,
      1419,
      517,
      48,
      -175,
      -165,
      -61
    ],
    "SliceThickness": 3.5,
    "SliceTiming": [
      0,
      1.02,
      0.06,
      1.08,
      0.12,
      1.14,
      0.18,
      1.2,
      0.24,
      1.26,
      0.3,
      1.32,
      0.36,
      1.38,
      0.42,
      1.44,
      0.48,
      1.5,
      0.54,
      1.56,
      0.6,
      1.62,
      0.66,
      1.68,
      0.72,
      1.74,
      0.78,
      1.8,
      0.84,
      1.86,
      0.9,
      1.92,
      0.96
    ],
    "SoftwareVersions": "syngo_MR_E11",
    "SpacingBetweenSlices": 4.2,
    "StationName": "MRC35302",
    "TaskName": "BAS/BIS",
    "TotalReadoutTime": 0.0308698,
    "TxRefAmp": 246.186,
    "dataset": "ds003114",
    "modality": "bold",
    "subject_id": "228",
    "task_id": "rest"
  },
  "dummy_trs": 0,
  "dvars_nstd": 19.08601165129707,
  "dvars_std": 1.25069750665272,
  "dvars_vstd": 0.9939982338493724,
  "efc": 0.4653799735059517,
  "fber": 843.5590209960938,
  "fd_mean": 0.13748328927187942,
  "fd_num": 33,
  "fd_perc": 13.75,
  "fwhm_avg": 2.151297601857179,
  "fwhm_x": 2.0429352727272727,
  "fwhm_y": 2.305509818181818,
  "fwhm_z": 2.1054477146624477,
  "gcor": 0.0649417,
  "gsr_x": -0.015495309606194496,
  "gsr_y": 0.03087499551475048,
  "provenance": {
    "md5sum": "34bb087e2c560ed44b59c203a0051e30",
    "settings": {
      "fd_thres": 0.2,
      "testing": false
    },
    "software": "mriqc",
    "version": "22.0.6",
    "webapi_port": null,
    "webapi_url": "https://mriqc.nimh.nih.gov/api/v1"
  },
  "size_t": 240,
  "size_x": 64,
  "size_y": 64,
  "size_z": 33,
  "snr": 4.345336000813299,
  "spacing_tr": 2.0,
  "spacing_x": 3.4375,
  "spacing_y": 3.4375,
  "spacing_z": 4.199999809265137,
  "summary_bg_k": 80.95667309654559,
  "summary_bg_mad": 26.865499993149825,
  "summary_bg_mean": 38.552703857421875,
  "summary_bg_median": 26.402475357055664,
  "summary_bg_n": 88883.0,
  "summary_bg_p05": 0.007764280727133156,
  "summary_bg_p95": 137.0198043823242,
  "summary_bg_stdv": 63.42057418823242,
  "summary_fg_k": 0.4887653673301178,
  "summary_fg_mad": 169.38445300223603,
  "summary_fg_mean": 777.8759155273438,
  "summary_fg_median": 763.8480224609375,
  "summary_fg_n": 18056.0,
  "summary_fg_p05": 517.427490234375,
  "summary_fg_p95": 1088.5257873535156,
  "summary_fg_stdv": 175.78085327148438,
  "tsnr": 84.57305145263672
}