{
  "aor": 0.0025904166666666658,
  "aqi": 0.007273388833333333,
  "bids_meta": {
    "AcquisitionMatrixPE": 64,
    "AcquisitionNumber": 1,
    "AcquisitionTime": "20:41:25.857500",
    "BandwidthPerPixelPhaseEncode": 31.888,
    "BaseResolution": 64,
    "BodyPartExamined": "HEAD",
    "ConsistencyInfo": "N4_VE11C_LATEST_20160120",
    "ConversionSoftware": "dcm2niix",
    "ConversionSoftwareVersion": "v1.0.20200331",
    "DerivedVendorReportedEchoSpacing": 0.000489996,
    "DeviceSerialNumber": "167027",
    "DwellTime": 3.3e-06,
    "EchoTime": 0.03,
    "EchoTrainLength": 64,
    "EffectiveEchoSpacing": 0.000489996,
    "FlipAngle": 90,
    "ImageOrientationPatientDICOM": [
      0.999999,
      0.000146804,
      0.00112903,
      -6.56397e-08,
      0.99166,
      -0.128884
    ],
    "ImageType": [
      "ORIGINAL",
      "PRIMARY",
      "M",
      "ND",
      "MOSAIC"
    ],
    "ImagingFrequency": 123.249,
    "InPlanePhaseEncodingDirectionDICOM": "COL",
    "InstitutionAddress": "ZHONG_SHAN_BEI_3663_SHANGHAI_District_CN_200062",
    "InstitutionName": "East_China_Normal_University",
    "InstitutionalDepartmentName": "Department",
    "MRAcquisitionType": "2D",
    "MagneticFieldStrength": 3,
    "Manufacturer": "Siemens",
    "ManufacturersModelName": "Prisma_fit",
    "Modality": "MR",
    "PartialFourier": 1,
    "PatientPosition": "HFS",
    "PercentPhaseFOV": 100,
    "PercentSampling": 100,
    "PhaseEncodingDirection": "j",
    "PhaseEncodingSteps": 64,
    "PhaseResolution": 1,
    "PixelBandwidth": 2365,
    "ProcedureStepDescription": "Yuqiurong_jiajia",
    "ProtocolName": "ABI1_bold_rest",
    "PulseSequenceDetails": "%SiemensSeq%_ep2d_bold",
    "ReceiveCoilActiveElements": "HE1-4",
    "ReceiveCoilName": "HeadNeck_20",
    "ReconMatrixPE": 64,
    "RepetitionTime": 2,
    "SAR": 0.116925,
    "ScanOptions": "FS",
    "ScanningSequence": "EP",
    "SequenceName": "_epfid2d1_64",
    "SequenceVariant": "SK",
    "SeriesDescription": "ABI1_bold_rest",
    "SeriesNumber": 3,
    "ShimSetting": [
      947,
      1654,
      1370,
      574,
      -23,
      31,
      -149,
      41
    ],
    "SliceThickness": 3.5,
    "SliceTiming": [
      0,
      1.0175,
      0.06,
      1.0775,
      0.12,
      1.1375,
      0.18,
      1.1975,
      0.24,
      1.2575,
      0.3,
      1.3175,
      0.36,
      1.3775,
      0.42,
      1.4375,
      0.48,
      1.4975,
      0.54,
      1.5575,
      0.6,
      1.6175,
      0.66,
      1.6775,
      0.72,
      1.7375,
      0.78,
      1.7975,
      0.8375,
      1.8575,
      0.8975,
      1.9175,
      0.9575
    ],
    "SoftwareVersions": "syngo_MR_E11",
    "SpacingBetweenSlices": 4.2,
    "StationName": "MRC35302",
    "TaskName": "BAS/BIS",
    "TotalReadoutTime": 0.0308698,
    "TxRefAmp": 248.651,
    "dataset": "ds003114",
    "modality": "bold",
    "subject_id": "136",
    "task_id": "rest"
  },
  "dummy_trs": 0,
  "dvars_nstd": 20.80950689527196,
  "dvars_std": 1.130907056569038,
  "dvars_vstd": 0.8811412870292897,
  "efc": 0.47814306372421317,
  "fber": 976.9978637695312,
  "fd_mean": 0.16658911948828134,
  "fd_num": 66,
  "fd_perc": 27.5,
  "fwhm_avg": 2.5961386584011588,
  "fwhm_x": 2.5537861818181815,
  "fwhm_y": 2.7302487272727274,
  "fwhm_z": 2.5043810661125665,
  "gcor": 0.0177168,
  "gsr_x": -0.005362276919186115,
  "gsr_y": 0.028029827401041985,
  "provenance": {
    "md5sum": "9b341e07d647922ff970fae80a997cfb",
    "settings": {
      "fd_thres": 0.2,
      "testing": false
    },
    "software": "mriqc",
    "version": "22.0.6",
    "webapi_port": null,
    "webapi_url": "https://mriqc.nimh.nih.gov/api/v1"
  },
  "size_t": 240,
  "size_x": 64,
  "size_y": 64,
  "size_z": 33,
  "snr": 3.3542543664932722,
  "spacing_tr": 2.0,
  "spacing_x": 3.4375,
  "spacing_y": 3.4375,
  "spacing_z": 4.199999809265137,
  "summary_bg_k": 62.624589250896406,
  "summary_bg_mad": 20.770332717148367,
  "summary_bg_mean": 45.545467376708984,
  "summary_bg_median": 26.64669418334961,
  "summary_bg_n": 85591.0,
  "summary_bg_p05": 0.009429818950593472,
  "summary_bg_p95": 173.02800750732422,
  "summary_bg_stdv": 77.1599349975586,
  "summary_fg_k": 0.6895204520184515,
  "summary_fg_mad": 228.86174124479285,
  "summary_fg_mean": 860.8051147460938,
  "summary_fg_median": 828.2808837890625,
  "summary_fg_n": 20296.0,
  "summary_fg_p05": 513.01220703125,
  "summary_fg_p95": 1318.1529846191406,
  "summary_fg_stdv": 246.9283447265625,
  "tsnr": 54.5638313293457
}