{
  "aor": 0.006201890756302522,
  "aqi": 0.0062562355882352936,
  "bids_meta": {
    "AcquisitionMatrixPE": 64,
    "AcquisitionNumber": 1,
    "AcquisitionTime": "19:37:7.342500",
    "BandwidthPerPixelPhaseEncode": 31.888,
    "BaseResolution": 64,
    "BodyPartExamined": "HEAD",
    "ConsistencyInfo": "N4_VE11C_LATEST_20160120",
    "ConversionSoftware": "dcm2niix",
    "ConversionSoftwareVersion": "v1.0.20200331",
    "DerivedVendorReportedEchoSpacing": 0.000489996,
    "DeviceSerialNumber": "167027",
    "DwellTime": 3.3e-06,
    "EchoTime": 0.03,
    "EchoTrainLength": 64,
    "EffectiveEchoSpacing": 0.000489996,
    "FlipAngle": 90,
    "ImageOrientationPatientDICOM": [
      0.999494,
      -0.00418063,
      -0.0315286,
      -2.30995e-08,
      0.991323,
      -0.131448
    ],
    "ImageType": [
      "ORIGINAL",
      "PRIMARY",
      "M",
      "ND",
      "MOSAIC"
    ],
    "ImagingFrequency": 123.249,
    "InPlanePhaseEncodingDirectionDICOM": "COL",
    "InstitutionAddress": "ZHONG_SHAN_BEI_3663_SHANGHAI_District_CN_200062",
    "InstitutionName": "East_China_Normal_University",
    "InstitutionalDepartmentName": "Department",
    "MRAcquisitionType": "2D",
    "MagneticFieldStrength": 3,
    "Manufacturer": "Siemens",
    "ManufacturersModelName": "Prisma_fit",
    "Modality": "MR",
    "PartialFourier": 1,
    "PatientPosition": "HFS",
    "PercentPhaseFOV": 100,
    "PercentSampling": 100,
    "PhaseEncodingDirection": "j",
    "PhaseEncodingSteps": 64,
    "PhaseResolution": 1,
    "PixelBandwidth": 2365,
    "ProcedureStepDescription": "ChenJialin_wangxiaoping_WD",
    "ProtocolName": "ABI1_bold_rest",
    "PulseSequenceDetails": "%SiemensSeq%_ep2d_bold",
    "ReceiveCoilActiveElements": "HE1-4",
    "ReceiveCoilName": "HeadNeck_20",
    "ReconMatrixPE": 64,
    "RepetitionTime": 2,
    "SAR": 0.116102,
    "ScanOptions": "FS",
    "ScanningSequence": "EP",
    "SequenceName": "_epfid2d1_64",
    "SequenceVariant": "SK",
    "SeriesDescription": "ABI1_bold_rest",
    "SeriesNumber": 3,
    "ShimSetting": [
      973,
      1649,
      1414,
      570,
      40,
      42,
      -82,
      7
    ],
    "SliceThickness": 3.5,
    "SliceTiming": [
      0,
      1.02,
      0.06,
      1.08,
      0.12,
      1.14,
      0.18,
      1.2,
      0.24,
      1.26,
      0.3,
      1.32,
      0.36,
      1.38,
      0.42,
      1.44,
      0.48,
      1.5,
      0.54,
      1.56,
      0.6,
      1.62,
      0.66,
      1.68,
      0.72,
      1.74,
      0.78,
      1.8,
      0.84,
      1.86,
      0.9,
      1.92,
      0.96
    ],
    "SoftwareVersions": "syngo_MR_E11",
    "SpacingBetweenSlices": 4.2,
    "StationName": "MRC35302",
    "TaskName": "BAS/BIS",
    "TotalReadoutTime": 0.0308698,
    "TxRefAmp": 242.34,
    "dataset": "ds003114",
    "modality": "bold",
    "subject_id": "142",
    "task_id": "rest"
  },
  "dummy_trs": 2,
  "dvars_nstd": 21.650660060168786,
  "dvars_std": 1.2886841721940927,
  "dvars_vstd": 0.967071772405063,
  "efc": 0.4800426041035065,
  "fber": 1022.6790771484375,
  "fd_mean": 0.1500901586175623,
  "fd_num": 46,
  "fd_perc": 19.327731092436974,
  "fwhm_avg": 2.3968238517708653,
  "fwhm_x": 2.310071272727273,
  "fwhm_y": 2.5466647272727276,
  "fwhm_z": 2.333735555312596,
  "gcor": 0.0102746,
  "gsr_x": -0.008528259582817554,
  "gsr_y": 0.03540048748254776,
  "provenance": {
    "md5sum": "a65fe2b86412fad6d384921516733dab",
    "settings": {
      "fd_thres": 0.2,
      "testing": false
    },
    "software": "mriqc",
    "version": "22.0.6",
    "webapi_port": null,
    "webapi_url": "https://mriqc.nimh.nih.gov/api/v1"
  },
  "size_t": 238,
  "size_x": 64,
  "size_y": 64,
  "size_z": 33,
  "snr": 4.107846614305044,
  "spacing_tr": 2.0,
  "spacing_x": 3.4375,
  "spacing_y": 3.4375,
  "spacing_z": 4.200000286102295,
  "summary_bg_k": 102.17307080921255,
  "summary_bg_mad": 23.4166410077068,
  "summary_bg_mean": 42.673030853271484,
  "summary_bg_median": 25.602386474609375,
  "summary_bg_n": 85616.0,
  "summary_bg_p05": 0.002244649629574269,
  "summary_bg_p95": 155.9789581298828,
  "summary_bg_stdv": 74.08138275146484,
  "summary_fg_k": 0.040166695809740194,
  "summary_fg_mad": 199.59197550456832,
  "summary_fg_mean": 832.0485229492188,
  "summary_fg_median": 816.0448608398438,
  "summary_fg_n": 19815.0,
  "summary_fg_p05": 536.2154113769532,
  "summary_fg_p95": 1184.0354003906245,
  "summary_fg_stdv": 198.65013122558594,
  "tsnr": 70.96105194091797
}