{
  "aor": 0.004049291666666667,
  "aqi": 0.005557223333333333,
  "bids_meta": {
    "AcquisitionMatrixPE": 64,
    "AcquisitionNumber": 1,
    "AcquisitionTime": "18:27:23.937500",
    "BandwidthPerPixelPhaseEncode": 31.888,
    "BaseResolution": 64,
    "BodyPartExamined": "HEAD",
    "ConsistencyInfo": "N4_VE11C_LATEST_20160120",
    "ConversionSoftware": "dcm2niix",
    "ConversionSoftwareVersion": "v1.0.20200331",
    "DerivedVendorReportedEchoSpacing": 0.000489996,
    "DeviceSerialNumber": "167027",
    "DwellTime": 3.3e-06,
    "EchoTime": 0.03,
    "EchoTrainLength": 64,
    "EffectiveEchoSpacing": 0.000489996,
    "FlipAngle": 90,
    "ImageOrientationPatientDICOM": [
      0.999667,
      -6.98806e-05,
      0.0258207,
      7.73065e-08,
      0.999996,
      0.00270337
    ],
    "ImageType": [
      "ORIGINAL",
      "PRIMARY",
      "M",
      "ND",
      "MOSAIC"
    ],
    "ImagingFrequency": 123.249,
    "InPlanePhaseEncodingDirectionDICOM": "COL",
    "InstitutionAddress": "ZHONG_SHAN_BEI_3663_SHANGHAI_District_CN_200062",
    "InstitutionName": "East_China_Normal_University",
    "InstitutionalDepartmentName": "Department",
    "MRAcquisitionType": "2D",
    "MagneticFieldStrength": 3,
    "Manufacturer": "Siemens",
    "ManufacturersModelName": "Prisma_fit",
    "Modality": "MR",
    "PartialFourier": 1,
    "PatientPosition": "HFS",
    "PercentPhaseFOV": 100,
    "PercentSampling": 100,
    "PhaseEncodingDirection": "j",
    "PhaseEncodingSteps": 64,
    "PhaseResolution": 1,
    "PixelBandwidth": 2365,
    "ProcedureStepDescription": "Yuqiurong_jiajia",
    "ProtocolName": "ABI1_bold_rest",
    "PulseSequenceDetails": "%SiemensSeq%_ep2d_bold",
    "ReceiveCoilActiveElements": "HE1-4",
    "ReceiveCoilName": "HeadNeck_20",
    "ReconMatrixPE": 64,
    "RepetitionTime": 2,
    "SAR": 0.123264,
    "ScanOptions": "FS",
    "ScanningSequence": "EP",
    "SequenceName": "_epfid2d1_64",
    "SequenceVariant": "SK",
    "SeriesDescription": "ABI1_bold_rest",
    "SeriesNumber": 5,
    "ShimSetting": [
      999,
      1575,
      1331,
      456,
      117,
      -204,
      46,
      -15
    ],
    "SliceThickness": 3.5,
    "SliceTiming": [
      0,
      1.02,
      0.06,
      1.08,
      0.12,
      1.14,
      0.18,
      1.2,
      0.24,
      1.26,
      0.3,
      1.32,
      0.36,
      1.38,
      0.42,
      1.44,
      0.48,
      1.5,
      0.54,
      1.56,
      0.6,
      1.62,
      0.66,
      1.68,
      0.72,
      1.74,
      0.78,
      1.8,
      0.84,
      1.86,
      0.9,
      1.92,
      0.96
    ],
    "SoftwareVersions": "syngo_MR_E11",
    "SpacingBetweenSlices": 4.2,
    "StationName": "MRC35302",
    "TaskName": "BAS/BIS",
    "TotalReadoutTime": 0.0308698,
    "TxRefAmp": 246.626,
    "dataset": "ds003114",
    "modality": "bold",
    "subject_id": "133",
    "task_id": "rest"
  },
  "dummy_trs": 0,
  "dvars_nstd": 21.896512107322184,
  "dvars_std": 1.1950256615062762,
  "dvars_vstd": 0.9616991013389118,
  "efc": 0.4778090211595101,
  "fber": 948.152587890625,
  "fd_mean": 0.1733662873435002,
  "fd_num": 63,
  "fd_perc": 26.25,
  "fwhm_avg": 2.4336023803194085,
  "fwhm_x": 2.3708741818181815,
  "fwhm_y": 2.6142545454545454,
  "fwhm_z": 2.315678413685498,
  "gcor": 0.0217306,
  "gsr_x": -0.011324034072458744,
  "gsr_y": 0.03021676279604435,
  "provenance": {
    "md5sum": "32f3d22feb98aa415f79c74fdf2f2186",
    "settings": {
      "fd_thres": 0.2,
      "testing": false
    },
    "software": "mriqc",
    "version": "22.0.6",
    "webapi_port": null,
    "webapi_url": "https://mriqc.nimh.nih.gov/api/v1"
  },
  "size_t": 240,
  "size_x": 64,
  "size_y": 64,
  "size_z": 33,
  "snr": 3.753029838941495,
  "spacing_tr": 2.0,
  "spacing_x": 3.4375,
  "spacing_y": 3.4375,
  "spacing_z": 4.200000286102295,
  "summary_bg_k": 33.91232051705003,
  "summary_bg_mad": 26.1088154380263,
  "summary_bg_mean": 41.54130172729492,
  "summary_bg_median": 26.17415428161621,
  "summary_bg_n": 86065.0,
  "summary_bg_p05": 0.020626714825630187,
  "summary_bg_p95": 154.75866394042973,
  "summary_bg_stdv": 63.060420989990234,
  "summary_fg_k": 0.14988559342092467,
  "summary_fg_mad": 205.61142738292483,
  "summary_fg_mean": 812.4744873046875,
  "summary_fg_median": 793.2838134765625,
  "summary_fg_n": 20118.0,
  "summary_fg_p05": 500.94079437255857,
  "summary_fg_p95": 1195.7165588378905,
  "summary_fg_stdv": 211.36631774902344,
  "tsnr": 68.53157806396484
}