{
  "aor": 0.0020121338912133893,
  "aqi": 0.00513116539748954,
  "bids_meta": {
    "AcquisitionMatrixPE": 64,
    "AcquisitionNumber": 1,
    "AcquisitionTime": "19:29:31.575000",
    "BandwidthPerPixelPhaseEncode": 31.888,
    "BaseResolution": 64,
    "BodyPartExamined": "HEAD",
    "CoilString": "HE1-4;NE1_2",
    "ConsistencyInfo": "N4_VE11C_LATEST_20160120",
    "ConversionSoftware": "dcm2niix",
    "ConversionSoftwareVersion": "v1.0.20200331",
    "DerivedVendorReportedEchoSpacing": 0.000489996,
    "DeviceSerialNumber": "167027",
    "DwellTime": 3.3e-06,
    "EchoTime": 0.03,
    "EchoTrainLength": 64,
    "EffectiveEchoSpacing": 0.000489996,
    "FlipAngle": 90,
    "ImageOrientationPatientDICOM": [
      0.999319,
      0.00671017,
      0.0362754,
      2.30984e-08,
      0.983318,
      -0.181893
    ],
    "ImageType": [
      "ORIGINAL",
      "PRIMARY",
      "M",
      "ND",
      "MOSAIC"
    ],
    "ImagingFrequency": 123.249,
    "InPlanePhaseEncodingDirectionDICOM": "COL",
    "InstitutionAddress": "ZHONG_SHAN_BEI_3663_SHANGHAI_District_CN_200062",
    "InstitutionName": "East_China_Normal_University",
    "InstitutionalDepartmentName": "Department",
    "MRAcquisitionType": "2D",
    "MagneticFieldStrength": 3,
    "Manufacturer": "Siemens",
    "ManufacturersModelName": "Prisma_fit",
    "Modality": "MR",
    "PartialFourier": 1,
    "PatientPosition": "HFS",
    "PercentPhaseFOV": 100,
    "PercentSampling": 100,
    "PhaseEncodingDirection": "j",
    "PhaseEncodingSteps": 64,
    "PhaseResolution": 1,
    "PixelBandwidth": 2365,
    "ProcedureStepDescription": "Yuqiurong_jiajia",
    "ProtocolName": "ABI1_bold_rest",
    "PulseSequenceDetails": "%SiemensSeq%_ep2d_bold",
    "ReceiveCoilActiveElements": "HE1-4;NE1,2",
    "ReceiveCoilName": "HeadNeck_20",
    "ReconMatrixPE": 64,
    "RepetitionTime": 2,
    "SAR": 0.123815,
    "ScanOptions": "FS",
    "ScanningSequence": "EP",
    "SequenceName": "_epfid2d1_64",
    "SequenceVariant": "SK",
    "SeriesDescription": "ABI1_bold_rest",
    "SeriesNumber": 3,
    "ShimSetting": [
      1014,
      1617,
      1446,
      502,
      -30,
      -206,
      -146,
      -47
    ],
    "SliceThickness": 3.5,
    "SliceTiming": [
      0,
      1.02,
      0.06,
      1.08,
      0.12,
      1.14,
      0.18,
      1.2,
      0.24,
      1.26,
      0.3,
      1.32,
      0.36,
      1.38,
      0.42,
      1.44,
      0.48,
      1.5,
      0.54,
      1.56,
      0.6,
      1.62,
      0.66,
      1.68,
      0.72,
      1.74,
      0.78,
      1.8,
      0.84,
      1.86,
      0.9,
      1.92,
      0.96
    ],
    "SoftwareVersions": "syngo_MR_E11",
    "SpacingBetweenSlices": 4.2,
    "StationName": "MRC35302",
    "TaskName": "BAS/BIS",
    "TotalReadoutTime": 0.0308698,
    "TxRefAmp": 251.959,
    "dataset": "ds003114",
    "modality": "bold",
    "subject_id": "131",
    "task_id": "rest"
  },
  "dummy_trs": 1,
  "dvars_nstd": 19.752579328403353,
  "dvars_std": 1.2388737228991593,
  "dvars_vstd": 0.9549524533193278,
  "efc": 0.47168732440586014,
  "fber": 865.025146484375,
  "fd_mean": 0.11998478757542176,
  "fd_num": 11,
  "fd_perc": 4.602510460251046,
  "fwhm_avg": 2.3577650557467735,
  "fwhm_x": 2.3035287272727274,
  "fwhm_y": 2.516994909090909,
  "fwhm_z": 2.252771530876683,
  "gcor": 0.0161663,
  "gsr_x": -0.015894733369350433,
  "gsr_y": 0.029148198664188385,
  "provenance": {
    "md5sum": "c4da13d30c439ef2e5a5e00da870ca66",
    "settings": {
      "fd_thres": 0.2,
      "testing": false
    },
    "software": "mriqc",
    "version": "22.0.6",
    "webapi_port": null,
    "webapi_url": "https://mriqc.nimh.nih.gov/api/v1"
  },
  "size_t": 239,
  "size_x": 64,
  "size_y": 64,
  "size_z": 33,
  "snr": 4.141704055793347,
  "spacing_tr": 2.0,
  "spacing_x": 3.4375,
  "spacing_y": 3.4375,
  "spacing_z": 4.199999809265137,
  "summary_bg_k": 54.45303699788348,
  "summary_bg_mad": 27.83765742051813,
  "summary_bg_mean": 42.86254119873047,
  "summary_bg_median": 27.492198944091797,
  "summary_bg_n": 87989.0,
  "summary_bg_p05": 0.003047683695331217,
  "summary_bg_p95": 150.41536254882737,
  "summary_bg_stdv": 71.71170043945312,
  "summary_fg_k": -0.08641478250197832,
  "summary_fg_mad": 201.5254031779442,
  "summary_fg_mean": 811.73388671875,
  "summary_fg_median": 804.2896728515625,
  "summary_fg_n": 18700.0,
  "summary_fg_p05": 519.0508728027344,
  "summary_fg_p95": 1147.1269409179688,
  "summary_fg_stdv": 194.187744140625,
  "tsnr": 72.99348449707031
}