{
  "aor": 0.0012175313807531382,
  "aqi": 0.0022480413221757324,
  "bids_meta": {
    "AcquisitionMatrixPE": 64,
    "AcquisitionNumber": 1,
    "AcquisitionTime": "13:21:6.017500",
    "BandwidthPerPixelPhaseEncode": 31.888,
    "BaseResolution": 64,
    "BodyPartExamined": "HEAD",
    "ConsistencyInfo": "N4_VE11C_LATEST_20160120",
    "ConversionSoftware": "dcm2niix",
    "ConversionSoftwareVersion": "v1.0.20200331",
    "DerivedVendorReportedEchoSpacing": 0.000489996,
    "DeviceSerialNumber": "167027",
    "DwellTime": 3.3e-06,
    "EchoTime": 0.03,
    "EchoTrainLength": 64,
    "EffectiveEchoSpacing": 0.000489996,
    "FlipAngle": 90,
    "ImageOrientationPatientDICOM": [
      0.999951,
      0.00127754,
      0.00986442,
      -4.29481e-08,
      0.991718,
      -0.128433
    ],
    "ImageType": [
      "ORIGINAL",
      "PRIMARY",
      "M",
      "ND",
      "MOSAIC"
    ],
    "ImagingFrequency": 123.249,
    "InPlanePhaseEncodingDirectionDICOM": "COL",
    "InstitutionAddress": "ZHONG_SHAN_BEI_3663_SHANGHAI_District_CN_200062",
    "InstitutionName": "EAST_CHINA_NORMAL_UNIVERSITY",
    "InstitutionalDepartmentName": "Department",
    "MRAcquisitionType": "2D",
    "MagneticFieldStrength": 3,
    "Manufacturer": "Siemens",
    "ManufacturersModelName": "Prisma_fit",
    "Modality": "MR",
    "PartialFourier": 1,
    "PatientPosition": "HFS",
    "PercentPhaseFOV": 100,
    "PercentSampling": 100,
    "PhaseEncodingDirection": "j",
    "PhaseEncodingSteps": 64,
    "PhaseResolution": 1,
    "PixelBandwidth": 2365,
    "ProcedureStepDescription": "Yuqiurong_jiajia",
    "ProtocolName": "ABI1_bold_rest",
    "PulseSequenceDetails": "%SiemensSeq%_ep2d_bold",
    "ReceiveCoilActiveElements": "HE1-4",
    "ReceiveCoilName": "HeadNeck_20",
    "ReconMatrixPE": 64,
    "RepetitionTime": 2,
    "SAR": 0.115873,
    "ScanOptions": "FS",
    "ScanningSequence": "EP",
    "SequenceName": "_epfid2d1_64",
    "SequenceVariant": "SK",
    "SeriesDescription": "ABI1_bold_rest",
    "SeriesNumber": 3,
    "ShimSetting": [
      1010,
      1610,
      1130,
      235,
      5,
      -241,
      -666,
      34
    ],
    "SliceThickness": 3.5,
    "SliceTiming": [
      0,
      1.02,
      0.06,
      1.08,
      0.12,
      1.14,
      0.18,
      1.2,
      0.24,
      1.26,
      0.3,
      1.32,
      0.36,
      1.38,
      0.42,
      1.44,
      0.48,
      1.5,
      0.54,
      1.56,
      0.6,
      1.62,
      0.66,
      1.68,
      0.72,
      1.74,
      0.78,
      1.8,
      0.84,
      1.86,
      0.9,
      1.92,
      0.96
    ],
    "SoftwareVersions": "syngo_MR_E11",
    "SpacingBetweenSlices": 4.2,
    "StationName": "MRC35302",
    "TaskName": "BAS/BIS",
    "TotalReadoutTime": 0.0308698,
    "TxRefAmp": 249.209,
    "dataset": "ds003114",
    "modality": "bold",
    "subject_id": "235",
    "task_id": "rest"
  },
  "dummy_trs": 1,
  "dvars_nstd": 16.73319173852941,
  "dvars_std": 1.1869401347899164,
  "dvars_vstd": 0.9874832984873951,
  "efc": 0.49708225978288745,
  "fber": 785.9156494140625,
  "fd_mean": 0.1196377596824906,
  "fd_num": 19,
  "fd_perc": 7.949790794979079,
  "fwhm_avg": 2.500460574248565,
  "fwhm_x": 2.5053585454545457,
  "fwhm_y": 2.578213818181818,
  "fwhm_z": 2.4178093591093317,
  "gcor": 0.0361109,
  "gsr_x": 0.016461201012134552,
  "gsr_y": 0.014468805864453316,
  "provenance": {
    "md5sum": "035be147bb25fdc17afff72ad2b849cb",
    "settings": {
      "fd_thres": 0.2,
      "testing": false
    },
    "software": "mriqc",
    "version": "22.0.6",
    "webapi_port": null,
    "webapi_url": "https://mriqc.nimh.nih.gov/api/v1"
  },
  "size_t": 239,
  "size_x": 64,
  "size_y": 64,
  "size_z": 33,
  "snr": 3.399425116794771,
  "spacing_tr": 2.0,
  "spacing_x": 3.4375,
  "spacing_y": 3.4375,
  "spacing_z": 4.200000286102295,
  "summary_bg_k": 32.30692254233318,
  "summary_bg_mad": 11.33056677034896,
  "summary_bg_mean": 52.174461364746094,
  "summary_bg_median": 28.64958381652832,
  "summary_bg_n": 84423.0,
  "summary_bg_p05": 0.00994345983490348,
  "summary_bg_p95": 203.04038696289035,
  "summary_bg_stdv": 85.69654846191406,
  "summary_fg_k": 0.6296003340216907,
  "summary_fg_mad": 219.76528347428822,
  "summary_fg_mean": 820.8786010742188,
  "summary_fg_median": 792.6456909179688,
  "summary_fg_n": 21072.0,
  "summary_fg_p05": 494.05104675292966,
  "summary_fg_p95": 1245.6473266601563,
  "summary_fg_stdv": 233.16497802734375,
  "tsnr": 97.49105834960938
}