{
  "aor": 0.0010714644351464437,
  "aqi": 0.002553158778242677,
  "bids_meta": {
    "AcquisitionMatrixPE": 64,
    "AcquisitionNumber": 1,
    "AcquisitionTime": "20:30:9.480000",
    "BandwidthPerPixelPhaseEncode": 31.888,
    "BaseResolution": 64,
    "BodyPartExamined": "HEAD",
    "ConsistencyInfo": "N4_VE11C_LATEST_20160120",
    "ConversionSoftware": "dcm2niix",
    "ConversionSoftwareVersion": "v1.0.20200331",
    "DerivedVendorReportedEchoSpacing": 0.000489996,
    "DeviceSerialNumber": "167027",
    "DwellTime": 3.3e-06,
    "EchoTime": 0.03,
    "EchoTrainLength": 64,
    "EffectiveEchoSpacing": 0.000489996,
    "FlipAngle": 90,
    "ImageOrientationPatientDICOM": [
      0.99969,
      -0.00055036,
      0.024884,
      1.1548e-09,
      0.999756,
      0.0221116
    ],
    "ImageType": [
      "ORIGINAL",
      "PRIMARY",
      "M",
      "ND",
      "MOSAIC"
    ],
    "ImagingFrequency": 123.249,
    "InPlanePhaseEncodingDirectionDICOM": "COL",
    "InstitutionAddress": "ZHONG_SHAN_BEI_3663_SHANGHAI_District_CN_200062",
    "InstitutionName": "East_China_Normal_University",
    "InstitutionalDepartmentName": "Department",
    "MRAcquisitionType": "2D",
    "MagneticFieldStrength": 3,
    "Manufacturer": "Siemens",
    "ManufacturersModelName": "Prisma_fit",
    "Modality": "MR",
    "PartialFourier": 1,
    "PatientPosition": "HFS",
    "PercentPhaseFOV": 100,
    "PercentSampling": 100,
    "PhaseEncodingDirection": "j",
    "PhaseEncodingSteps": 64,
    "PhaseResolution": 1,
    "PixelBandwidth": 2365,
    "ProcedureStepDescription": "Yuqiurong_jiajia",
    "ProtocolName": "ABI1_bold_rest",
    "PulseSequenceDetails": "%SiemensSeq%_ep2d_bold",
    "ReceiveCoilActiveElements": "HE1-4",
    "ReceiveCoilName": "HeadNeck_20",
    "ReconMatrixPE": 64,
    "RepetitionTime": 2,
    "SAR": 0.117452,
    "ScanOptions": "FS",
    "ScanningSequence": "EP",
    "SequenceName": "_epfid2d1_64",
    "SequenceVariant": "SK",
    "SeriesDescription": "ABI1_bold_rest",
    "SeriesNumber": 3,
    "ShimSetting": [
      999,
      1621,
      1408,
      482,
      -28,
      -243,
      164,
      -79
    ],
    "SliceThickness": 3.5,
    "SliceTiming": [
      0,
      1.02,
      0.06,
      1.08,
      0.12,
      1.14,
      0.18,
      1.2,
      0.24,
      1.26,
      0.3,
      1.32,
      0.36,
      1.38,
      0.42,
      1.44,
      0.48,
      1.5,
      0.54,
      1.56,
      0.6,
      1.62,
      0.66,
      1.68,
      0.72,
      1.74,
      0.78,
      1.8,
      0.84,
      1.86,
      0.9,
      1.92,
      0.96
    ],
    "SoftwareVersions": "syngo_MR_E11",
    "SpacingBetweenSlices": 4.2,
    "StationName": "MRC35302",
    "TaskName": "BAS/BIS",
    "TotalReadoutTime": 0.0308698,
    "TxRefAmp": 244.188,
    "dataset": "ds003114",
    "modality": "bold",
    "subject_id": "245",
    "task_id": "rest"
  },
  "dummy_trs": 1,
  "dvars_nstd": 18.852865227100846,
  "dvars_std": 1.2939723966806718,
  "dvars_vstd": 0.9908810245378152,
  "efc": 0.4649205876938504,
  "fber": 1030.9129638671875,
  "fd_mean": 0.08875096420433116,
  "fd_num": 4,
  "fd_perc": 1.6736401673640167,
  "fwhm_avg": 2.554331101071971,
  "fwhm_x": 2.5363578181818185,
  "fwhm_y": 2.739421090909091,
  "fwhm_z": 2.387214394125003,
  "gcor": 0.0344936,
  "gsr_x": -0.018244421109557152,
  "gsr_y": 0.03944002464413643,
  "provenance": {
    "md5sum": "a4a65aa634b8b91f34b1dfb34e5443e3",
    "settings": {
      "fd_thres": 0.2,
      "testing": false
    },
    "software": "mriqc",
    "version": "22.0.6",
    "webapi_port": null,
    "webapi_url": "https://mriqc.nimh.nih.gov/api/v1"
  },
  "size_t": 239,
  "size_x": 64,
  "size_y": 64,
  "size_z": 33,
  "snr": 3.4484813349429135,
  "spacing_tr": 2.0,
  "spacing_x": 3.4375,
  "spacing_y": 3.4375,
  "spacing_z": 4.199999809265137,
  "summary_bg_k": 87.18822466756603,
  "summary_bg_mad": 26.067079357584014,
  "summary_bg_mean": 46.59675979614258,
  "summary_bg_median": 27.059011459350586,
  "summary_bg_n": 87848.0,
  "summary_bg_p05": 0.004542545462027193,
  "summary_bg_p95": 184.66203918456998,
  "summary_bg_stdv": 78.88037872314453,
  "summary_fg_k": 0.7403843790379718,
  "summary_fg_mad": 243.1412891380059,
  "summary_fg_mean": 886.924072265625,
  "summary_fg_median": 860.956298828125,
  "summary_fg_n": 18750.0,
  "summary_fg_p05": 534.64189453125,
  "summary_fg_p95": 1330.7247741699216,
  "summary_fg_stdv": 249.65579223632812,
  "tsnr": 93.44338989257812
}