{
  "aor": 0.000612,
  "aqi": 0.003498739875,
  "bids_meta": {
    "AcquisitionMatrixPE": 64,
    "AcquisitionNumber": 1,
    "AcquisitionTime": "19:57:21.517500",
    "BandwidthPerPixelPhaseEncode": 31.888,
    "BaseResolution": 64,
    "BodyPartExamined": "HEAD",
    "ConsistencyInfo": "N4_VE11C_LATEST_20160120",
    "ConversionSoftware": "dcm2niix",
    "ConversionSoftwareVersion": "v1.0.20200331",
    "DerivedVendorReportedEchoSpacing": 0.000489996,
    "DeviceSerialNumber": "167027",
    "DwellTime": 3.3e-06,
    "EchoTime": 0.03,
    "EchoTrainLength": 64,
    "EffectiveEchoSpacing": 0.000489996,
    "FlipAngle": 90,
    "ImageOrientationPatientDICOM": [
      0.998953,
      -0.00577954,
      -0.045374,
      -5.06434e-09,
      0.991985,
      -0.126355
    ],
    "ImageType": [
      "ORIGINAL",
      "PRIMARY",
      "M",
      "ND",
      "MOSAIC"
    ],
    "ImagingFrequency": 123.249,
    "InPlanePhaseEncodingDirectionDICOM": "COL",
    "InstitutionAddress": "ZHONG_SHAN_BEI_3663_SHANGHAI_District_CN_200062",
    "InstitutionName": "East_China_Normal_University",
    "InstitutionalDepartmentName": "Department",
    "MRAcquisitionType": "2D",
    "MagneticFieldStrength": 3,
    "Manufacturer": "Siemens",
    "ManufacturersModelName": "Prisma_fit",
    "Modality": "MR",
    "PartialFourier": 1,
    "PatientPosition": "HFS",
    "PercentPhaseFOV": 100,
    "PercentSampling": 100,
    "PhaseEncodingDirection": "j",
    "PhaseEncodingSteps": 64,
    "PhaseResolution": 1,
    "PixelBandwidth": 2365,
    "ProcedureStepDescription": "Yuqiurong_jiajia",
    "ProtocolName": "ABI1_bold_rest",
    "PulseSequenceDetails": "%SiemensSeq%_ep2d_bold",
    "ReceiveCoilActiveElements": "HE1-4",
    "ReceiveCoilName": "HeadNeck_20",
    "ReconMatrixPE": 64,
    "RepetitionTime": 2,
    "SAR": 0.116828,
    "ScanOptions": "FS",
    "ScanningSequence": "EP",
    "SequenceName": "_epfid2d1_64",
    "SequenceVariant": "SK",
    "SeriesDescription": "ABI1_bold_rest",
    "SeriesNumber": 3,
    "ShimSetting": [
      967,
      1670,
      1318,
      370,
      -35,
      -26,
      -49,
      19
    ],
    "SliceThickness": 3.5,
    "SliceTiming": [
      0,
      1.02,
      0.06,
      1.08,
      0.12,
      1.14,
      0.18,
      1.2,
      0.24,
      1.26,
      0.3,
      1.32,
      0.36,
      1.38,
      0.42,
      1.44,
      0.48,
      1.5,
      0.54,
      1.56,
      0.6,
      1.62,
      0.66,
      1.68,
      0.72,
      1.74,
      0.78,
      1.8,
      0.84,
      1.86,
      0.9,
      1.92,
      0.96
    ],
    "SoftwareVersions": "syngo_MR_E11",
    "SpacingBetweenSlices": 4.2,
    "StationName": "MRC35302",
    "TaskName": "BAS/BIS",
    "TotalReadoutTime": 0.0308698,
    "TxRefAmp": 245.282,
    "dataset": "ds003114",
    "modality": "bold",
    "subject_id": "221",
    "task_id": "rest"
  },
  "dummy_trs": 0,
  "dvars_nstd": 21.11898806531381,
  "dvars_std": 1.2376020543933053,
  "dvars_vstd": 0.9381755819246856,
  "efc": 0.45943257693623996,
  "fber": 1040.7225341796875,
  "fd_mean": 0.07875540723006566,
  "fd_num": 4,
  "fd_perc": 1.6666666666666667,
  "fwhm_avg": 2.4305208084231764,
  "fwhm_x": 2.402283636363636,
  "fwhm_y": 2.578859636363636,
  "fwhm_z": 2.3104191525422575,
  "gcor": 0.0284743,
  "gsr_x": -0.0005851172609254718,
  "gsr_y": 0.015978995710611343,
  "provenance": {
    "md5sum": "f4c2bc50178ff24f324a156e7b8bf495",
    "settings": {
      "fd_thres": 0.2,
      "testing": false
    },
    "software": "mriqc",
    "version": "22.0.6",
    "webapi_port": null,
    "webapi_url": "https://mriqc.nimh.nih.gov/api/v1"
  },
  "size_t": 240,
  "size_x": 64,
  "size_y": 64,
  "size_z": 33,
  "snr": 3.4541558948391087,
  "spacing_tr": 2.0,
  "spacing_x": 3.4375,
  "spacing_y": 3.4375,
  "spacing_z": 4.199999809265137,
  "summary_bg_k": 40.43827730511495,
  "summary_bg_mad": 20.473768724721804,
  "summary_bg_mean": 42.9141960144043,
  "summary_bg_median": 25.579313278198242,
  "summary_bg_n": 88359.0,
  "summary_bg_p05": 0.012707243580371145,
  "summary_bg_p95": 166.44284210205066,
  "summary_bg_stdv": 72.72435760498047,
  "summary_fg_k": 0.222738509952372,
  "summary_fg_mad": 232.78691794956632,
  "summary_fg_mean": 842.7355346679688,
  "summary_fg_median": 811.4808349609375,
  "summary_fg_n": 18355.0,
  "summary_fg_p05": 509.6621032714844,
  "summary_fg_p95": 1268.5710693359374,
  "summary_fg_stdv": 234.9224395751953,
  "tsnr": 71.90406799316406
}