{
  "aor": 0.00093475,
  "aqi": 0.007596550625,
  "bids_meta": {
    "AcquisitionMatrixPE": 64,
    "AcquisitionNumber": 1,
    "AcquisitionTime": "20:51:52.582500",
    "BandwidthPerPixelPhaseEncode": 31.888,
    "BaseResolution": 64,
    "BodyPartExamined": "HEAD",
    "ConsistencyInfo": "N4_VE11C_LATEST_20160120",
    "ConversionSoftware": "dcm2niix",
    "ConversionSoftwareVersion": "v1.0.20200331",
    "DerivedVendorReportedEchoSpacing": 0.000489996,
    "DeviceSerialNumber": "167027",
    "DwellTime": 3.3e-06,
    "EchoTime": 0.03,
    "EchoTrainLength": 64,
    "EffectiveEchoSpacing": 0.000489996,
    "FlipAngle": 90,
    "ImageOrientationPatientDICOM": [
      0.999621,
      -0.00333347,
      0.0273102,
      -5.36762e-08,
      0.992633,
      0.121162
    ],
    "ImageType": [
      "ORIGINAL",
      "PRIMARY",
      "M",
      "ND",
      "MOSAIC"
    ],
    "ImagingFrequency": 123.249,
    "InPlanePhaseEncodingDirectionDICOM": "COL",
    "InstitutionAddress": "ZHONG_SHAN_BEI_3663_SHANGHAI_District_CN_200062",
    "InstitutionName": "East_China_Normal_University",
    "InstitutionalDepartmentName": "Department",
    "MRAcquisitionType": "2D",
    "MagneticFieldStrength": 3,
    "Manufacturer": "Siemens",
    "ManufacturersModelName": "Prisma_fit",
    "Modality": "MR",
    "PartialFourier": 1,
    "PatientPosition": "HFS",
    "PercentPhaseFOV": 100,
    "PercentSampling": 100,
    "PhaseEncodingDirection": "j",
    "PhaseEncodingSteps": 64,
    "PhaseResolution": 1,
    "PixelBandwidth": 2365,
    "ProcedureStepDescription": "Yuqiurong_jiajia",
    "ProtocolName": "ABI1_bold_rest",
    "PulseSequenceDetails": "%SiemensSeq%_ep2d_bold",
    "ReceiveCoilActiveElements": "HE1-4",
    "ReceiveCoilName": "HeadNeck_20",
    "ReconMatrixPE": 64,
    "RepetitionTime": 2,
    "SAR": 0.120986,
    "ScanOptions": "FS",
    "ScanningSequence": "EP",
    "SequenceName": "_epfid2d1_64",
    "SequenceVariant": "SK",
    "SeriesDescription": "ABI1_bold_rest",
    "SeriesNumber": 3,
    "ShimSetting": [
      1004,
      1632,
      1377,
      333,
      -10,
      -54,
      14,
      -86
    ],
    "SliceThickness": 3.5,
    "SliceTiming": [
      0,
      1.02,
      0.06,
      1.08,
      0.12,
      1.14,
      0.18,
      1.2,
      0.24,
      1.26,
      0.3,
      1.32,
      0.36,
      1.38,
      0.42,
      1.44,
      0.48,
      1.4975,
      0.54,
      1.5575,
      0.6,
      1.6175,
      0.66,
      1.6775,
      0.72,
      1.7375,
      0.78,
      1.7975,
      0.84,
      1.8575,
      0.9,
      1.9175,
      0.96
    ],
    "SoftwareVersions": "syngo_MR_E11",
    "SpacingBetweenSlices": 4.2,
    "StationName": "MRC35302",
    "TaskName": "BAS/BIS",
    "TotalReadoutTime": 0.0308698,
    "TxRefAmp": 248.108,
    "dataset": "ds003114",
    "modality": "bold",
    "subject_id": "129",
    "task_id": "rest"
  },
  "dummy_trs": 0,
  "dvars_nstd": 20.48927991066945,
  "dvars_std": 1.1338860725523001,
  "dvars_vstd": 0.9464844709623428,
  "efc": 0.47535785807619585,
  "fber": 948.4857788085938,
  "fd_mean": 0.20600679383038595,
  "fd_num": 102,
  "fd_perc": 42.5,
  "fwhm_avg": 2.6499809481254775,
  "fwhm_x": 2.619616,
  "fwhm_y": 2.8551127272727275,
  "fwhm_z": 2.4752141171037048,
  "gcor": 0.0238314,
  "gsr_x": -0.0060681006871163845,
  "gsr_y": 0.02868822030723095,
  "provenance": {
    "md5sum": "614f2bdd34ec9270f6d1122a40e02016",
    "settings": {
      "fd_thres": 0.2,
      "testing": false
    },
    "software": "mriqc",
    "version": "22.0.6",
    "webapi_port": null,
    "webapi_url": "https://mriqc.nimh.nih.gov/api/v1"
  },
  "size_t": 240,
  "size_x": 64,
  "size_y": 64,
  "size_z": 33,
  "snr": 3.7386796264686684,
  "spacing_tr": 2.0,
  "spacing_x": 3.4375,
  "spacing_y": 3.4375,
  "spacing_z": 4.200000286102295,
  "summary_bg_k": 41.81051659661501,
  "summary_bg_mad": 31.829542854719968,
  "summary_bg_mean": 49.03668975830078,
  "summary_bg_median": 27.12575912475586,
  "summary_bg_n": 87964.0,
  "summary_bg_p05": 0.020350947324186564,
  "summary_bg_p95": 208.23917541503883,
  "summary_bg_stdv": 82.31539154052734,
  "summary_fg_k": 0.0333004726428765,
  "summary_fg_mad": 221.21268474900728,
  "summary_fg_mean": 845.5880126953125,
  "summary_fg_median": 830.9111328125,
  "summary_fg_n": 18463.0,
  "summary_fg_p05": 509.55097045898435,
  "summary_fg_p95": 1239.3506347656246,
  "summary_fg_stdv": 222.24119567871094,
  "tsnr": 56.43589782714844
}