{
  "aor": 0.0007288702928870294,
  "aqi": 0.0025158185774058575,
  "bids_meta": {
    "AcquisitionMatrixPE": 64,
    "AcquisitionNumber": 1,
    "AcquisitionTime": "18:12:52.407500",
    "BandwidthPerPixelPhaseEncode": 31.888,
    "BaseResolution": 64,
    "BodyPartExamined": "HEAD",
    "ConsistencyInfo": "N4_VE11C_LATEST_20160120",
    "ConversionSoftware": "dcm2niix",
    "ConversionSoftwareVersion": "v1.0.20200331",
    "DerivedVendorReportedEchoSpacing": 0.000489996,
    "DeviceSerialNumber": "167027",
    "DwellTime": 3.3e-06,
    "EchoTime": 0.03,
    "EchoTrainLength": 64,
    "EffectiveEchoSpacing": 0.000489996,
    "FlipAngle": 90,
    "ImageOrientationPatientDICOM": [
      0.999721,
      0.00178732,
      0.0235358,
      1.18536e-08,
      0.997129,
      -0.0757229
    ],
    "ImageType": [
      "ORIGINAL",
      "PRIMARY",
      "M",
      "ND",
      "MOSAIC"
    ],
    "ImagingFrequency": 123.249,
    "InPlanePhaseEncodingDirectionDICOM": "COL",
    "InstitutionAddress": "ZHONG_SHAN_BEI_3663_SHANGHAI_District_CN_200062",
    "InstitutionName": "East_China_Normal_University",
    "InstitutionalDepartmentName": "Department",
    "MRAcquisitionType": "2D",
    "MagneticFieldStrength": 3,
    "Manufacturer": "Siemens",
    "ManufacturersModelName": "Prisma_fit",
    "Modality": "MR",
    "PartialFourier": 1,
    "PatientPosition": "HFS",
    "PercentPhaseFOV": 100,
    "PercentSampling": 100,
    "PhaseEncodingDirection": "j",
    "PhaseEncodingSteps": 64,
    "PhaseResolution": 1,
    "PixelBandwidth": 2365,
    "ProcedureStepDescription": "Yuqiurong_jiajia",
    "ProtocolName": "ABI1_bold_rest",
    "PulseSequenceDetails": "%SiemensSeq%_ep2d_bold",
    "ReceiveCoilActiveElements": "HE1-4",
    "ReceiveCoilName": "HeadNeck_20",
    "ReconMatrixPE": 64,
    "RepetitionTime": 2,
    "SAR": 0.114913,
    "ScanOptions": "FS",
    "ScanningSequence": "EP",
    "SequenceName": "_epfid2d1_64",
    "SequenceVariant": "SK",
    "SeriesDescription": "ABI1_bold_rest",
    "SeriesNumber": 3,
    "ShimSetting": [
      989,
      1698,
      1317,
      398,
      -12,
      99,
      -84,
      -26
    ],
    "SliceThickness": 3.5,
    "SliceTiming": [
      0,
      1.02,
      0.06,
      1.08,
      0.12,
      1.14,
      0.18,
      1.2,
      0.24,
      1.26,
      0.3,
      1.32,
      0.36,
      1.38,
      0.42,
      1.44,
      0.48,
      1.5,
      0.54,
      1.56,
      0.6,
      1.62,
      0.66,
      1.68,
      0.72,
      1.74,
      0.78,
      1.8,
      0.84,
      1.86,
      0.9,
      1.92,
      0.96
    ],
    "SoftwareVersions": "syngo_MR_E11",
    "SpacingBetweenSlices": 4.2,
    "StationName": "MRC35302",
    "TaskName": "BAS/BIS",
    "TotalReadoutTime": 0.0308698,
    "TxRefAmp": 250.483,
    "dataset": "ds003114",
    "modality": "bold",
    "subject_id": "240",
    "task_id": "rest"
  },
  "dummy_trs": 1,
  "dvars_nstd": 19.083044428823538,
  "dvars_std": 1.233773590672269,
  "dvars_vstd": 0.9858205657142853,
  "efc": 0.48679169158695884,
  "fber": 880.57470703125,
  "fd_mean": 0.07475004104695546,
  "fd_num": 0,
  "fd_perc": 0.0,
  "fwhm_avg": 2.4363570018013365,
  "fwhm_x": 2.396549818181818,
  "fwhm_y": 2.6010472727272727,
  "fwhm_z": 2.3114739144949192,
  "gcor": 0.0353322,
  "gsr_x": -0.0008464970742352307,
  "gsr_y": 0.030818695202469826,
  "provenance": {
    "md5sum": "637a33ca06935c4e737951cef6c2160b",
    "settings": {
      "fd_thres": 0.2,
      "testing": false
    },
    "software": "mriqc",
    "version": "22.0.6",
    "webapi_port": null,
    "webapi_url": "https://mriqc.nimh.nih.gov/api/v1"
  },
  "size_t": 239,
  "size_x": 64,
  "size_y": 64,
  "size_z": 33,
  "snr": 3.7315320612149,
  "spacing_tr": 2.0,
  "spacing_x": 3.4375,
  "spacing_y": 3.4375,
  "spacing_z": 4.199999809265137,
  "summary_bg_k": 68.18370499370245,
  "summary_bg_mad": 22.115747966991016,
  "summary_bg_mean": 47.07561111450195,
  "summary_bg_median": 27.373310089111328,
  "summary_bg_n": 85488.0,
  "summary_bg_p05": 0.012312383577227592,
  "summary_bg_p95": 176.10860748291003,
  "summary_bg_stdv": 76.61385345458984,
  "summary_fg_k": 0.08001275844977362,
  "summary_fg_mad": 223.09697588645494,
  "summary_fg_mean": 825.0064086914062,
  "summary_fg_median": 812.3568115234375,
  "summary_fg_n": 19967.0,
  "summary_fg_p05": 495.79417114257814,
  "summary_fg_p95": 1197.7352905273438,
  "summary_fg_stdv": 217.69515991210938,
  "tsnr": 89.92605590820312
}